{
  "bids_meta": {
    "AcquisitionNumber": 1,
    "AcquisitionTime": "15:28:27.777500",
    "BodyPartExamined": "HEAD",
    "ConversionSoftware": "dcm2niix",
    "ConversionSoftwareVersion": "v1.0.20170724 (OpenJPEG build) GCC6.1.0",
    "DeviceSerialNumber": "35353",
    "EchoTime": 0.005,
    "FlipAngle": 40,
    "ImageType": [
      "ORIGINAL",
      "PRIMARY",
      "M",
      "ND",
      "NORM"
    ],
    "InstitutionAddress": "De_Pintelaan_185_Gent_9C4B6E_District_BE_9000",
    "InstitutionName": "UZ_Gent",
    "MagneticFieldStrength": 3,
    "Manufacturer": "Siemens",
    "ManufacturersModelName": "TrioTim",
    "PhaseEncodingDirection": "j-",
    "PhaseEncodingLines": 128,
    "ProcedureStepDescription": "MR_hersenen_(structuur_alleen)",
    "ProtocolName": "localizer",
    "RepetitionTime": 0.02,
    "ScanningSequence": "GR",
    "SequenceName": "_fl2d1",
    "SequenceVariant": "SP",
    "SeriesDescription": "localizer",
    "SoftwareVersions": "syngo_MR_B17",
    "dataset": "ds001247",
    "modality": "T1w",
    "subject_id": "28"
  },
  "cjv": 0.3182477630347019,
  "cnr": 4.138309474606091,
  "efc": 0.5271012750281089,
  "fber": 26092.00594567812,
  "fwhm_avg": 3.760936741520568,
  "fwhm_x": 3.767520224561705,
  "fwhm_y": 3.92637,
  "fwhm_z": 3.58892,
  "icvs_csf": 0.18032974956912431,
  "icvs_gm": 0.4912489353517854,
  "icvs_wm": 0.3284213150790903,
  "inu_med": 0.5274421870708466,
  "inu_range": 0.23485967069864272,
  "provenance": {
    "md5sum": "06c50bb4ced07a0469185444540828fe",
    "settings": {
      "testing": false
    },
    "software": "mriqc",
    "version": "23.0.1",
    "warnings": {
      "large_rot_frame": true,
      "small_air_mask": false
    },
    "webapi_port": null,
    "webapi_url": "https://mriqc.nimh.nih.gov/api/v1"
  },
  "qi_1": 4.077561035991758e-06,
  "qi_2": 0.010155635399069544,
  "rpve_csf": 23.238173439974016,
  "rpve_gm": 9.632744529843423,
  "rpve_wm": 15.594324016439014,
  "size_x": 176,
  "size_y": 256,
  "size_z": 256,
  "snr_csf": 2.397526611359461,
  "snr_gm": 12.224862928178652,
  "snr_total": 13.32319845215857,
  "snr_wm": 25.347205816937592,
  "snrd_csf": 38.7531204006376,
  "snrd_gm": 106.00768054860843,
  "snrd_total": 98.09931770398781,
  "snrd_wm": 149.53715216271735,
  "spacing_x": 0.9999999403953552,
  "spacing_y": 1.0,
  "spacing_z": 1.0,
  "summary_bg_k": 52.70404445346363,
  "summary_bg_mad": 4.381094429951147,
  "summary_bg_mean": 3.4730465543919866,
  "summary_bg_median": 2.955003287643194,
  "summary_bg_n": 3188579.0,
  "summary_bg_p05": 0.0,
  "summary_bg_p95": 13.593015123158693,
  "summary_bg_stdv": 5.367243150758321,
  "summary_csf_k": 2.936075695543268,
  "summary_csf_mad": 72.4871987501008,
  "summary_csf_mean": 270.4171338440558,
  "summary_csf_median": 259.15378832630813,
  "summary_csf_n": 38400.0,
  "summary_csf_p05": 99.98387942072004,
  "summary_csf_p95": 476.61785299722084,
  "summary_csf_stdv": 108.09073512602575,
  "summary_gm_k": 0.16931634345577073,
  "summary_gm_mad": 56.23732122810018,
  "summary_gm_mean": 708.2911945764215,
  "summary_gm_median": 708.9052887056023,
  "summary_gm_n": 68481.0,
  "summary_gm_p05": 611.2021345496178,
  "summary_gm_p95": 802.9281205851585,
  "summary_gm_stdv": 57.988389475178096,
  "summary_wm_k": 0.784683401538504,
  "summary_wm_mad": 36.402911899775894,
  "summary_wm_mean": 999.3501058009792,
  "summary_wm_median": 999.9999762047082,
  "summary_wm_n": 203624.0,
  "summary_wm_p05": 934.103402890265,
  "summary_wm_p95": 1062.5117275714874,
  "summary_wm_stdv": 39.45198251506298,
  "tpm_overlap_csf": 0.14882321608576476,
  "tpm_overlap_gm": 0.45932496259540867,
  "tpm_overlap_wm": 0.47417730173631206,
  "wm2max": 0.7012889257153042
}