{
  "bids_meta": {
    "AcquisitionNumber": 1,
    "AcquisitionTime": "16:56:23.352500",
    "BodyPartExamined": "HEAD",
    "ConversionSoftware": "dcm2niix",
    "ConversionSoftwareVersion": "v1.0.20170724 (OpenJPEG build) GCC6.1.0",
    "DeviceSerialNumber": "35353",
    "EchoTime": 0.005,
    "FlipAngle": 40,
    "ImageType": [
      "ORIGINAL",
      "PRIMARY",
      "M",
      "ND",
      "NORM"
    ],
    "InstitutionAddress": "De_Pintelaan_185_Gent_9C4B6E_District_BE_9000",
    "InstitutionName": "UZ_Gent",
    "MagneticFieldStrength": 3,
    "Manufacturer": "Siemens",
    "ManufacturersModelName": "TrioTim",
    "PhaseEncodingDirection": "i-",
    "PhaseEncodingLines": 128,
    "ProcedureStepDescription": "MR_hersenen_(structuur_alleen)",
    "ProtocolName": "localizer",
    "RepetitionTime": 0.02,
    "ScanningSequence": "GR",
    "SequenceName": "_fl2d1",
    "SequenceVariant": "SP",
    "SeriesDescription": "localizer",
    "SoftwareVersions": "syngo_MR_B17",
    "dataset": "ds001247",
    "modality": "T1w",
    "subject_id": "30"
  },
  "cjv": 0.35475679802339927,
  "cnr": 3.5973981713734897,
  "efc": 0.5581303785479382,
  "fber": 19515.385636607585,
  "fwhm_avg": 4.059366666666667,
  "fwhm_x": 4.16996,
  "fwhm_y": 4.23,
  "fwhm_z": 3.77814,
  "icvs_csf": 0.24646945599925352,
  "icvs_gm": 0.4134903596159555,
  "icvs_wm": 0.340040184384791,
  "inu_med": 0.5887165665626526,
  "inu_range": 0.2680968940258026,
  "provenance": {
    "md5sum": "8cc29a854f3c12e108f0c105d8a56ebb",
    "settings": {
      "testing": false
    },
    "software": "mriqc",
    "version": "23.0.1",
    "warnings": {
      "large_rot_frame": true,
      "small_air_mask": false
    },
    "webapi_port": null,
    "webapi_url": "https://mriqc.nimh.nih.gov/api/v1"
  },
  "qi_1": 0.0,
  "qi_2": 0.017957874654000824,
  "rpve_csf": 18.228064246144037,
  "rpve_gm": 10.66113753652487,
  "rpve_wm": 15.194361450390803,
  "size_x": 176,
  "size_y": 256,
  "size_z": 256,
  "snr_csf": 2.809310139641395,
  "snr_gm": 10.970904111403433,
  "snr_total": 12.439738799892218,
  "snr_wm": 23.53900214863183,
  "snrd_csf": 30.54372667588704,
  "snrd_gm": 83.11671892000508,
  "snrd_total": 76.44959444944652,
  "snrd_wm": 115.68833775244742,
  "spacing_x": 1.0,
  "spacing_y": 1.0,
  "spacing_z": 1.0,
  "summary_bg_k": 27.998824189646797,
  "summary_bg_mad": 0.0,
  "summary_bg_mean": 2.458096679999277,
  "summary_bg_median": 0.0,
  "summary_bg_n": 2683678.0,
  "summary_bg_p05": 0.0,
  "summary_bg_p95": 13.19506236538291,
  "summary_bg_stdv": 5.662942405468307,
  "summary_csf_k": 1.6434994999687076,
  "summary_csf_mad": 77.50631033036798,
  "summary_csf_mean": 271.0712618366612,
  "summary_csf_median": 264.0173329003155,
  "summary_csf_n": 76006.0,
  "summary_csf_p05": 130.1319493688643,
  "summary_csf_p95": 442.866535987705,
  "summary_csf_stdv": 93.97880011542043,
  "summary_gm_k": 0.3467505383621736,
  "summary_gm_mad": 61.78704383849468,
  "summary_gm_mean": 717.9194911587964,
  "summary_gm_median": 718.4537329562008,
  "summary_gm_n": 23772.0,
  "summary_gm_p05": 608.9289110438898,
  "summary_gm_p95": 825.8116238055751,
  "summary_gm_stdv": 65.48581722691794,
  "summary_wm_k": 1.325242634064228,
  "summary_wm_mad": 38.093404929211204,
  "summary_wm_mean": 999.7196115663955,
  "summary_wm_median": 999.9999903477728,
  "summary_wm_n": 218888.0,
  "summary_wm_p05": 931.3934050872922,
  "summary_wm_p95": 1067.7939764596522,
  "summary_wm_stdv": 42.48258697448964,
  "tpm_overlap_csf": 0.1760256189916037,
  "tpm_overlap_gm": 0.4665423204906277,
  "tpm_overlap_wm": 0.517092768080131,
  "wm2max": 0.5363732591685519
}