{
  "aor": 0.0011071800000000001,
  "aqi": 0.011053500039999999,
  "bids_meta": {
    "AccelFactPE": 2,
    "AcquisitionNumber": 1,
    "AcquisitionTime": "18:02:35.317500",
    "BandwidthPerPixelPhaseEncode": 52.083,
    "BodyPartExamined": "HEAD",
    "ConversionSoftware": "dcm2niix",
    "ConversionSoftwareVersion": "v1.0.20170724 (OpenJPEG build) GCC6.1.0",
    "DeviceSerialNumber": "35353",
    "EchoTime": 0.025,
    "EffectiveEchoSpacing": 0.000300002,
    "FlipAngle": 90,
    "ImageType": [
      "ORIGINAL",
      "PRIMARY",
      "M",
      "ND",
      "NORM",
      "MOSAIC"
    ],
    "InstitutionAddress": "De_Pintelaan_185_Gent_9C4B6E_District_BE_9000",
    "InstitutionName": "UZ_Gent",
    "MagneticFieldStrength": 3,
    "Manufacturer": "Siemens",
    "ManufacturersModelName": "TrioTim",
    "PhaseEncodingDirection": "j-",
    "PhaseEncodingLines": 64,
    "ProcedureStepDescription": "MR_hersenen_(structuur_alleen)",
    "ProtocolName": "epi_TASK",
    "RepetitionTime": 2,
    "ScanningSequence": "EP",
    "SequenceName": "_epfid2d1_64",
    "SequenceVariant": "SK_OSP",
    "SeriesDescription": "epi_TASK",
    "SliceTiming": [
      0.9675,
      1.935,
      0.915,
      1.885,
      0.865,
      1.8325,
      0.815,
      1.7825,
      0.7625,
      1.7325,
      0.7125,
      1.68,
      0.6625,
      1.63,
      0.61,
      1.5775,
      0.56,
      1.5275,
      0.5075,
      1.4775,
      0.4575,
      1.425,
      0.4075,
      1.375,
      0.355,
      1.325,
      0.305,
      1.2725,
      0.2525,
      1.2225,
      0.2025,
      1.17,
      0.1525,
      1.12,
      0.1,
      1.07,
      0.05,
      1.0175,
      0
    ],
    "SoftwareVersions": "syngo_MR_B17",
    "TaskName": "cueexposure",
    "TotalReadoutTime": 0.0231001,
    "TrueEchoSpacing": 0.000600004,
    "dataset": "ds001247",
    "modality": "bold",
    "subject_id": "36",
    "task_id": "cueexposure"
  },
  "dummy_trs": 0,
  "dvars_nstd": 28.405052544368743,
  "dvars_std": 1.1737337865931856,
  "dvars_vstd": 0.9921216124248494,
  "efc": 0.6051183457972861,
  "fber": 1227.853759765625,
  "fd_mean": 0.12694503162335302,
  "fd_num": 75,
  "fd_perc": 15.0,
  "fwhm_avg": 1.745062222222222,
  "fwhm_x": 1.5864200000000002,
  "fwhm_y": 1.9131366666666667,
  "fwhm_z": 1.7356299999999998,
  "gcor": 0.0305575,
  "gsr_x": 0.015571278519928455,
  "gsr_y": 0.03666777163743973,
  "provenance": {
    "md5sum": "75f47291889c0520ecb9f52ccf8516cd",
    "settings": {
      "fd_thres": 0.2,
      "testing": false
    },
    "software": "mriqc",
    "version": "23.0.1",
    "webapi_port": null,
    "webapi_url": "https://mriqc.nimh.nih.gov/api/v1"
  },
  "size_t": 500,
  "size_x": 64,
  "size_y": 64,
  "size_z": 39,
  "snr": 6.222972175050853,
  "spacing_tr": 2.0,
  "spacing_x": 3.0,
  "spacing_y": 3.0,
  "spacing_z": 3.0,
  "summary_bg_k": 16.720655142831554,
  "summary_bg_mad": 16.940212417011217,
  "summary_bg_mean": 45.67508316040039,
  "summary_bg_median": 21.336000442504883,
  "summary_bg_n": 80781.0,
  "summary_bg_p05": 7.020000457763672,
  "summary_bg_p95": 167.80601501464844,
  "summary_bg_stdv": 65.42094421386719,
  "summary_fg_k": 0.8797777860019314,
  "summary_fg_mad": 123.26945207013578,
  "summary_fg_mean": 767.4042358398438,
  "summary_fg_median": 760.988037109375,
  "summary_fg_n": 43593.0,
  "summary_fg_p05": 584.0132080078125,
  "summary_fg_p95": 965.4900634765626,
  "summary_fg_stdv": 122.28550720214844,
  "tsnr": 51.56132123596035
}