{
  "aor": 0.0005140800000000001,
  "aqi": 0.01765178608,
  "bids_meta": {
    "AccelFactPE": 2,
    "AcquisitionNumber": 1,
    "AcquisitionTime": "14:23:25.735000",
    "BandwidthPerPixelPhaseEncode": 52.083,
    "BodyPartExamined": "HEAD",
    "ConversionSoftware": "dcm2niix",
    "ConversionSoftwareVersion": "v1.0.20170724 (OpenJPEG build) GCC6.1.0",
    "DeviceSerialNumber": "35353",
    "EchoTime": 0.025,
    "EffectiveEchoSpacing": 0.000300002,
    "FlipAngle": 90,
    "ImageType": [
      "ORIGINAL",
      "PRIMARY",
      "M",
      "ND",
      "NORM",
      "MOSAIC"
    ],
    "InstitutionAddress": "De_Pintelaan_185_Gent_9C4B6E_District_BE_9000",
    "InstitutionName": "UZ_Gent",
    "MagneticFieldStrength": 3,
    "Manufacturer": "Siemens",
    "ManufacturersModelName": "TrioTim",
    "PhaseEncodingDirection": "j-",
    "PhaseEncodingLines": 64,
    "ProcedureStepDescription": "MR_hersenen_(structuur_alleen)",
    "ProtocolName": "epi_TASK",
    "RepetitionTime": 2,
    "ScanningSequence": "EP",
    "SequenceName": "_epfid2d1_64",
    "SequenceVariant": "SK_OSP",
    "SeriesDescription": "epi_TASK",
    "SliceTiming": [
      0.97,
      1.9375,
      0.9175,
      1.8875,
      0.8675,
      1.835,
      0.8175,
      1.785,
      0.765,
      1.735,
      0.715,
      1.6825,
      0.6625,
      1.6325,
      0.6125,
      1.58,
      0.5625,
      1.53,
      0.51,
      1.48,
      0.46,
      1.4275,
      0.41,
      1.3775,
      0.3575,
      1.3275,
      0.3075,
      1.275,
      0.255,
      1.225,
      0.205,
      1.1725,
      0.155,
      1.1225,
      0.1025,
      1.0725,
      0.0525,
      1.02,
      0
    ],
    "SoftwareVersions": "syngo_MR_B17",
    "TaskName": "cueexposure",
    "TotalReadoutTime": 0.0231001,
    "TrueEchoSpacing": 0.000600004,
    "dataset": "ds001247",
    "modality": "bold",
    "subject_id": "16",
    "task_id": "cueexposure"
  },
  "dummy_trs": 0,
  "dvars_nstd": 22.44235946919841,
  "dvars_std": 1.060803330380762,
  "dvars_vstd": 0.9646933190581158,
  "efc": 0.5559735730184338,
  "fber": 2471.98876953125,
  "fd_mean": 0.091231917129684,
  "fd_num": 31,
  "fd_perc": 6.2,
  "fwhm_avg": 1.6615644444444444,
  "fwhm_x": 1.4866733333333333,
  "fwhm_y": 1.8480066666666666,
  "fwhm_z": 1.6500133333333336,
  "gcor": 0.0180408,
  "gsr_x": 0.005165853537619114,
  "gsr_y": 0.04022708907723427,
  "provenance": {
    "md5sum": "70b247d9bf77c05188a1eb28112b71af",
    "settings": {
      "fd_thres": 0.2,
      "testing": false
    },
    "software": "mriqc",
    "version": "23.0.1",
    "webapi_port": null,
    "webapi_url": "https://mriqc.nimh.nih.gov/api/v1"
  },
  "size_t": 500,
  "size_x": 64,
  "size_y": 64,
  "size_z": 39,
  "snr": 8.338087290552098,
  "spacing_tr": 2.0,
  "spacing_x": 3.0,
  "spacing_y": 3.0,
  "spacing_z": 3.0,
  "summary_bg_k": 18.269124701163094,
  "summary_bg_mad": 9.44714095173155,
  "summary_bg_mean": 39.30923843383789,
  "summary_bg_median": 13.86600112915039,
  "summary_bg_n": 90987.0,
  "summary_bg_p05": 5.628600215911866,
  "summary_bg_p95": 169.4636047363281,
  "summary_bg_stdv": 68.00123596191406,
  "summary_fg_k": 2.2184402719534697,
  "summary_fg_mad": 81.90481397748626,
  "summary_fg_mean": 693.4791259765625,
  "summary_fg_median": 690.7240600585938,
  "summary_fg_n": 35051.0,
  "summary_fg_p05": 574.4860229492188,
  "summary_fg_p95": 826.5780334472656,
  "summary_fg_stdv": 82.83844757080078,
  "tsnr": 54.14444506820291
}