{
  "aor": 0.0006651000000000001,
  "aqi": 0.01595460466,
  "bids_meta": {
    "AccelFactPE": 2,
    "AcquisitionNumber": 1,
    "AcquisitionTime": "11:59:54.055000",
    "BandwidthPerPixelPhaseEncode": 52.083,
    "BodyPartExamined": "HEAD",
    "ConversionSoftware": "dcm2niix",
    "ConversionSoftwareVersion": "v1.0.20170724 (OpenJPEG build) GCC6.1.0",
    "DeviceSerialNumber": "35353",
    "EchoTime": 0.025,
    "EffectiveEchoSpacing": 0.000300002,
    "FlipAngle": 90,
    "ImageType": [
      "ORIGINAL",
      "PRIMARY",
      "M",
      "ND",
      "NORM",
      "MOSAIC"
    ],
    "InstitutionAddress": "De_Pintelaan_185_Gent_9C4B6E_District_BE_9000",
    "InstitutionName": "UZ_Gent",
    "MagneticFieldStrength": 3,
    "Manufacturer": "Siemens",
    "ManufacturersModelName": "TrioTim",
    "PhaseEncodingDirection": "j-",
    "PhaseEncodingLines": 64,
    "ProcedureStepDescription": "MR_hersenen_(structuur_alleen)",
    "ProtocolName": "epi_TASK",
    "RepetitionTime": 2,
    "ScanningSequence": "EP",
    "SequenceName": "_epfid2d1_64",
    "SequenceVariant": "SK_OSP",
    "SeriesDescription": "epi_TASK",
    "SliceTiming": [
      0.9675,
      1.935,
      0.9175,
      1.885,
      0.865,
      1.8325,
      0.815,
      1.7825,
      0.7625,
      1.7325,
      0.7125,
      1.68,
      0.6625,
      1.63,
      0.61,
      1.58,
      0.56,
      1.5275,
      0.5075,
      1.4775,
      0.4575,
      1.425,
      0.4075,
      1.375,
      0.355,
      1.325,
      0.305,
      1.2725,
      0.255,
      1.2225,
      0.2025,
      1.17,
      0.1525,
      1.12,
      0.1,
      1.07,
      0.05,
      1.0175,
      0
    ],
    "SoftwareVersions": "syngo_MR_B17",
    "TaskName": "cueexposure",
    "TotalReadoutTime": 0.0231001,
    "TrueEchoSpacing": 0.000600004,
    "dataset": "ds001247",
    "modality": "bold",
    "subject_id": "5",
    "task_id": "cueexposure"
  },
  "dummy_trs": 0,
  "dvars_nstd": 30.583899350941895,
  "dvars_std": 1.2331487586372751,
  "dvars_vstd": 0.9824132256112225,
  "efc": 0.6195944243569625,
  "fber": 1263.8466796875,
  "fd_mean": 0.11752039968507098,
  "fd_num": 44,
  "fd_perc": 8.8,
  "fwhm_avg": 1.6225855983132822,
  "fwhm_x": 1.4906666666666668,
  "fwhm_y": 1.76304,
  "fwhm_z": 1.6140501282731794,
  "gcor": 0.0298822,
  "gsr_x": 0.015941785648465157,
  "gsr_y": 0.05827869847416878,
  "provenance": {
    "md5sum": "dfb42ef6a9cb9bc477d922eb8a4e0d81",
    "settings": {
      "fd_thres": 0.2,
      "testing": false
    },
    "software": "mriqc",
    "version": "23.0.1",
    "webapi_port": null,
    "webapi_url": "https://mriqc.nimh.nih.gov/api/v1"
  },
  "size_t": 500,
  "size_x": 64,
  "size_y": 64,
  "size_z": 39,
  "snr": 8.075546147693395,
  "spacing_tr": 2.0,
  "spacing_x": 3.0,
  "spacing_y": 3.0,
  "spacing_z": 2.999999761581421,
  "summary_bg_k": 11.661007946143226,
  "summary_bg_mad": 14.04320768770695,
  "summary_bg_mean": 47.90584945678711,
  "summary_bg_median": 17.06599998474121,
  "summary_bg_n": 80455.0,
  "summary_bg_p05": 5.934000492095947,
  "summary_bg_p95": 199.41060333251954,
  "summary_bg_stdv": 74.51493835449219,
  "summary_fg_k": 2.7622838160375967,
  "summary_fg_mad": 73.52517953912837,
  "summary_fg_mean": 624.9463500976562,
  "summary_fg_median": 622.0640258789062,
  "summary_fg_n": 42586.0,
  "summary_fg_p05": 517.0805206298828,
  "summary_fg_p95": 749.1795196533203,
  "summary_fg_stdv": 77.02967834472656,
  "tsnr": 52.68798894435167
}