{
  "bids_meta": {
    "AcquisitionNumber": 1,
    "AcquisitionTime": "17:54:37.777500",
    "BodyPartExamined": "HEAD",
    "ConversionSoftware": "dcm2niix",
    "ConversionSoftwareVersion": "v1.0.20170724 (OpenJPEG build) GCC6.1.0",
    "DeviceSerialNumber": "35353",
    "EchoTime": 0.005,
    "FlipAngle": 40,
    "ImageType": [
      "ORIGINAL",
      "PRIMARY",
      "M",
      "ND",
      "NORM"
    ],
    "InstitutionAddress": "De_Pintelaan_185_Gent_9C4B6E_District_BE_9000",
    "InstitutionName": "UZ_Gent",
    "MagneticFieldStrength": 3,
    "Manufacturer": "Siemens",
    "ManufacturersModelName": "TrioTim",
    "PhaseEncodingDirection": "j-",
    "PhaseEncodingLines": 128,
    "ProcedureStepDescription": "MR_hersenen_(structuur_alleen)",
    "ProtocolName": "localizer",
    "RepetitionTime": 0.02,
    "ScanningSequence": "GR",
    "SequenceName": "_fl2d1",
    "SequenceVariant": "SP",
    "SeriesDescription": "localizer",
    "SoftwareVersions": "syngo_MR_B17",
    "dataset": "ds001247",
    "modality": "T1w",
    "subject_id": "36"
  },
  "cjv": 0.34653119582601055,
  "cnr": 3.762355702420808,
  "efc": 0.5496852838392924,
  "fber": 15363.862536065333,
  "fwhm_avg": 3.978203333333333,
  "fwhm_x": 4.10264,
  "fwhm_y": 4.07093,
  "fwhm_z": 3.76104,
  "icvs_csf": 0.2346369968551207,
  "icvs_gm": 0.42283608614105767,
  "icvs_wm": 0.34252691700382165,
  "inu_med": 0.5423872172832489,
  "inu_range": 0.1875749751925468,
  "provenance": {
    "md5sum": "a36f11e970973d431440db671bf01995",
    "settings": {
      "testing": false
    },
    "software": "mriqc",
    "version": "23.0.1",
    "warnings": {
      "large_rot_frame": true,
      "small_air_mask": false
    },
    "webapi_port": null,
    "webapi_url": "https://mriqc.nimh.nih.gov/api/v1"
  },
  "qi_1": 0.0,
  "qi_2": 0.007790986598303803,
  "rpve_csf": 19.560771086314688,
  "rpve_gm": 10.883034096682355,
  "rpve_wm": 15.51047287865934,
  "size_x": 176,
  "size_y": 256,
  "size_z": 256,
  "snr_csf": 2.146115453435744,
  "snr_gm": 10.63491211284112,
  "snr_total": 12.343637515520115,
  "snr_wm": 24.249884980283483,
  "snrd_csf": 27.465093182811906,
  "snrd_gm": 80.36488089348681,
  "snrd_total": 73.9211007310741,
  "snrd_wm": 113.93332811692359,
  "spacing_x": 1.0,
  "spacing_y": 1.0,
  "spacing_z": 1.0,
  "summary_bg_k": 19.188541589705512,
  "summary_bg_mad": 0.0,
  "summary_bg_mean": 3.076070810655126,
  "summary_bg_median": 0.0,
  "summary_bg_n": 2497886.0,
  "summary_bg_p05": 0.0,
  "summary_bg_p95": 13.339024968445301,
  "summary_bg_stdv": 5.750173601024424,
  "summary_csf_k": 0.8199645022824185,
  "summary_csf_mad": 100.67540648758306,
  "summary_csf_mean": 248.90810237766604,
  "summary_csf_median": 241.06285922974348,
  "summary_csf_n": 69736.0,
  "summary_csf_p05": 77.18849115073681,
  "summary_csf_p95": 455.44766852259636,
  "summary_csf_stdv": 112.3244000883275,
  "summary_gm_k": 0.21787092796607377,
  "summary_gm_mad": 64.55039158763837,
  "summary_gm_mean": 705.0380286879332,
  "summary_gm_median": 705.3676403313875,
  "summary_gm_n": 38450.0,
  "summary_gm_p05": 595.3829331248999,
  "summary_gm_p95": 813.7000869784503,
  "summary_gm_stdv": 66.32480459231807,
  "summary_wm_k": 0.8999069608688752,
  "summary_wm_mad": 37.548920596730824,
  "summary_wm_mean": 1000.37431547574,
  "summary_wm_median": 1000.0000238344073,
  "summary_wm_n": 219762.0,
  "summary_wm_p05": 933.6961770579219,
  "summary_wm_p95": 1068.1535487398505,
  "summary_wm_stdv": 41.23721615406448,
  "tpm_overlap_csf": 0.1591638876844319,
  "tpm_overlap_gm": 0.4610641493920787,
  "tpm_overlap_wm": 0.5086312595656146,
  "wm2max": 0.501133423765981
}