{
  "aor": 0.00136694,
  "aqi": 0.01332490588,
  "bids_meta": {
    "AccelFactPE": 2,
    "AcquisitionNumber": 1,
    "AcquisitionTime": "15:36:36.542500",
    "BandwidthPerPixelPhaseEncode": 52.083,
    "BodyPartExamined": "HEAD",
    "ConversionSoftware": "dcm2niix",
    "ConversionSoftwareVersion": "v1.0.20170724 (OpenJPEG build) GCC6.1.0",
    "DeviceSerialNumber": "35353",
    "EchoTime": 0.025,
    "EffectiveEchoSpacing": 0.000300002,
    "FlipAngle": 90,
    "ImageType": [
      "ORIGINAL",
      "PRIMARY",
      "M",
      "ND",
      "NORM",
      "MOSAIC"
    ],
    "InstitutionAddress": "De_Pintelaan_185_Gent_9C4B6E_District_BE_9000",
    "InstitutionName": "UZ_Gent",
    "MagneticFieldStrength": 3,
    "Manufacturer": "Siemens",
    "ManufacturersModelName": "TrioTim",
    "PhaseEncodingDirection": "j-",
    "PhaseEncodingLines": 64,
    "ProcedureStepDescription": "MR_hersenen_(structuur_alleen)",
    "ProtocolName": "epi_TASK",
    "RepetitionTime": 2,
    "ScanningSequence": "EP",
    "SequenceName": "_epfid2d1_64",
    "SequenceVariant": "SK_OSP",
    "SeriesDescription": "epi_TASK",
    "SliceTiming": [
      0.97,
      1.9375,
      0.9175,
      1.8875,
      0.8675,
      1.835,
      0.815,
      1.785,
      0.765,
      1.7325,
      0.715,
      1.6825,
      0.6625,
      1.6325,
      0.6125,
      1.58,
      0.5625,
      1.53,
      0.51,
      1.48,
      0.46,
      1.4275,
      0.4075,
      1.3775,
      0.3575,
      1.325,
      0.3075,
      1.275,
      0.255,
      1.225,
      0.205,
      1.1725,
      0.1525,
      1.1225,
      0.1025,
      1.07,
      0.0525,
      1.02,
      0
    ],
    "SoftwareVersions": "syngo_MR_B17",
    "TaskName": "cueexposure",
    "TotalReadoutTime": 0.0231001,
    "TrueEchoSpacing": 0.000600004,
    "dataset": "ds001247",
    "modality": "bold",
    "subject_id": "28",
    "task_id": "cueexposure"
  },
  "dummy_trs": 0,
  "dvars_nstd": 26.92342336581161,
  "dvars_std": 1.1987275077154307,
  "dvars_vstd": 1.0176625901202416,
  "efc": 0.6284648022046174,
  "fber": 1546.5799560546875,
  "fd_mean": 0.072390551652067,
  "fd_num": 29,
  "fd_perc": 5.8,
  "fwhm_avg": 1.630068888888889,
  "fwhm_x": 1.44252,
  "fwhm_y": 1.8235166666666667,
  "fwhm_z": 1.6241700000000001,
  "gcor": 0.0305593,
  "gsr_x": 0.02201172336935997,
  "gsr_y": 0.049253206700086594,
  "provenance": {
    "md5sum": "58ddb4bc2f982e2fa6aaa31936400811",
    "settings": {
      "fd_thres": 0.2,
      "testing": false
    },
    "software": "mriqc",
    "version": "23.0.1",
    "webapi_port": null,
    "webapi_url": "https://mriqc.nimh.nih.gov/api/v1"
  },
  "size_t": 500,
  "size_x": 64,
  "size_y": 64,
  "size_z": 39,
  "snr": 8.314591150870791,
  "spacing_tr": 2.0,
  "spacing_x": 3.0,
  "spacing_y": 3.0,
  "spacing_z": 3.0,
  "summary_bg_k": 11.397502662446723,
  "summary_bg_mad": 12.75334604815692,
  "summary_bg_mean": 51.9637565612793,
  "summary_bg_median": 16.25400161743164,
  "summary_bg_n": 78655.0,
  "summary_bg_p05": 5.892000198364258,
  "summary_bg_p95": 237.38560943603554,
  "summary_bg_stdv": 86.85060119628906,
  "summary_fg_k": 3.4921230363159355,
  "summary_fg_mad": 69.94327990441724,
  "summary_fg_mean": 655.34521484375,
  "summary_fg_median": 652.8580322265625,
  "summary_fg_n": 45674.0,
  "summary_fg_p05": 542.9259246826172,
  "summary_fg_p95": 783.0649505615235,
  "summary_fg_stdv": 78.5186996459961,
  "tsnr": 59.78672006353736
}