{
  "aor": 0.0011773076923076923,
  "aqi": 0.0091416958097166,
  "bids_meta": {
    "AccelFactPE": 2,
    "AcquisitionNumber": 1,
    "AcquisitionTime": "16:28:14.427500",
    "BandwidthPerPixelPhaseEncode": 52.083,
    "BodyPartExamined": "HEAD",
    "ConversionSoftware": "dcm2niix",
    "ConversionSoftwareVersion": "v1.0.20170724 (OpenJPEG build) GCC6.1.0",
    "DeviceSerialNumber": "35353",
    "EchoTime": 0.025,
    "EffectiveEchoSpacing": 0.000300002,
    "FlipAngle": 90,
    "ImageType": [
      "ORIGINAL",
      "PRIMARY",
      "M",
      "ND",
      "NORM",
      "MOSAIC"
    ],
    "InstitutionAddress": "De_Pintelaan_185_Gent_9C4B6E_District_BE_9000",
    "InstitutionName": "UZ_Gent",
    "MagneticFieldStrength": 3,
    "Manufacturer": "Siemens",
    "ManufacturersModelName": "TrioTim",
    "PhaseEncodingDirection": "j-",
    "PhaseEncodingLines": 64,
    "ProcedureStepDescription": "MR_hersenen_(structuur_alleen)",
    "ProtocolName": "epi_TASK",
    "RepetitionTime": 2,
    "ScanningSequence": "EP",
    "SequenceName": "_epfid2d1_64",
    "SequenceVariant": "SK_OSP",
    "SeriesDescription": "epi_TASK",
    "SliceTiming": [
      0.97,
      1.9375,
      0.9175,
      1.885,
      0.8675,
      1.835,
      0.815,
      1.785,
      0.765,
      1.7325,
      0.715,
      1.6825,
      0.6625,
      1.6325,
      0.6125,
      1.58,
      0.56,
      1.53,
      0.51,
      1.4775,
      0.46,
      1.4275,
      0.4075,
      1.3775,
      0.3575,
      1.325,
      0.3075,
      1.275,
      0.255,
      1.2225,
      0.205,
      1.1725,
      0.1525,
      1.1225,
      0.1025,
      1.07,
      0.0525,
      1.02,
      0
    ],
    "SoftwareVersions": "syngo_MR_B17",
    "TaskName": "cueexposure",
    "TotalReadoutTime": 0.0231001,
    "TrueEchoSpacing": 0.000600004,
    "dataset": "ds001247",
    "modality": "bold",
    "subject_id": "19",
    "task_id": "cueexposure"
  },
  "dummy_trs": 6,
  "dvars_nstd": 23.696689346592308,
  "dvars_std": 1.0757222790060847,
  "dvars_vstd": 1.001539827991887,
  "efc": 0.6359539057860787,
  "fber": 1183.14990234375,
  "fd_mean": 0.07174570202304244,
  "fd_num": 26,
  "fd_perc": 5.2631578947368425,
  "fwhm_avg": 1.7833455555555553,
  "fwhm_x": 1.62153,
  "fwhm_y": 1.9356099999999998,
  "fwhm_z": 1.7928966666666666,
  "gcor": 0.0107652,
  "gsr_x": 0.008194131776690483,
  "gsr_y": 0.04713631421327591,
  "provenance": {
    "md5sum": "c6816d230123f977bd3af03e96c22519",
    "settings": {
      "fd_thres": 0.2,
      "testing": false
    },
    "software": "mriqc",
    "version": "23.0.1",
    "webapi_port": null,
    "webapi_url": "https://mriqc.nimh.nih.gov/api/v1"
  },
  "size_t": 494,
  "size_x": 64,
  "size_y": 64,
  "size_z": 39,
  "snr": 6.864246257234151,
  "spacing_tr": 2.0,
  "spacing_x": 3.0,
  "spacing_y": 3.0,
  "spacing_z": 3.0,
  "summary_bg_k": 9.401110489355794,
  "summary_bg_mad": 14.708975087990732,
  "summary_bg_mean": 48.20464324951172,
  "summary_bg_median": 18.55668067932129,
  "summary_bg_n": 75942.0,
  "summary_bg_p05": 6.566902780532837,
  "summary_bg_p95": 204.5312812805175,
  "summary_bg_stdv": 70.52957916259766,
  "summary_fg_k": 1.9036956949691382,
  "summary_fg_mad": 86.08997091747496,
  "summary_fg_mean": 655.7279663085938,
  "summary_fg_median": 652.1609497070312,
  "summary_fg_n": 47892.0,
  "summary_fg_p05": 508.5923187255859,
  "summary_fg_p95": 807.4935546875,
  "summary_fg_stdv": 95.00739288330078,
  "tsnr": 58.092232391703874
}