{
  "bids_meta": {
    "AccelFactPE": 2,
    "AcquisitionNumber": 1,
    "AcquisitionTime": "16:20:59.187500",
    "BodyPartExamined": "HEAD",
    "ConversionSoftware": "dcm2niix",
    "ConversionSoftwareVersion": "v1.0.20170724 (OpenJPEG build) GCC6.1.0",
    "DeviceSerialNumber": "35353",
    "EchoTime": 0.00418,
    "FlipAngle": 9,
    "ImageType": [
      "ORIGINAL",
      "PRIMARY",
      "M",
      "ND",
      "NORM"
    ],
    "InstitutionAddress": "De_Pintelaan_185_Gent_9C4B6E_District_BE_9000",
    "InstitutionName": "UZ_Gent",
    "InversionTime": 0.9,
    "MagneticFieldStrength": 3,
    "Manufacturer": "Siemens",
    "ManufacturersModelName": "TrioTim",
    "PhaseEncodingDirection": "i-",
    "PhaseEncodingLines": 256,
    "ProcedureStepDescription": "Brain_Research_3T_Psychiatrie",
    "ProtocolName": "T1_mprage",
    "RepetitionTime": 2.25,
    "ScanningSequence": "GR_IR",
    "SequenceName": "_tfl3d1_ns",
    "SequenceVariant": "SP_MP",
    "SeriesDescription": "T1_mprage",
    "SoftwareVersions": "syngo_MR_B17",
    "dataset": "ds001247",
    "modality": "T1w",
    "subject_id": "1"
  },
  "cjv": 0.3577595170506526,
  "cnr": 3.7495710690122013,
  "efc": 0.5424018568825602,
  "fber": 16363.729046171942,
  "fwhm_avg": 3.8208467419910477,
  "fwhm_x": 3.7912002259731428,
  "fwhm_y": 4.07874,
  "fwhm_z": 3.5926,
  "icvs_csf": 0.19019583687240815,
  "icvs_gm": 0.46263488992664015,
  "icvs_wm": 0.3471692732009517,
  "inu_med": 0.5514401793479919,
  "inu_range": 0.21707403659820557,
  "provenance": {
    "md5sum": "29d2a6d24169f41fd01922f8250b2083",
    "settings": {
      "testing": false
    },
    "software": "mriqc",
    "version": "23.0.1",
    "warnings": {
      "large_rot_frame": true,
      "small_air_mask": false
    },
    "webapi_port": null,
    "webapi_url": "https://mriqc.nimh.nih.gov/api/v1"
  },
  "qi_1": 0.0,
  "qi_2": 0.01390454917284372,
  "rpve_csf": 23.91845976065147,
  "rpve_gm": 10.761129278395465,
  "rpve_wm": 15.945486604778234,
  "size_x": 176,
  "size_y": 256,
  "size_z": 256,
  "snr_csf": 2.33481966607577,
  "snr_gm": 12.007805758141478,
  "snr_total": 12.369379924189163,
  "snr_wm": 22.765514348350244,
  "snrd_csf": 29.552404213189224,
  "snrd_gm": 85.76407466395843,
  "snrd_total": 78.12965381397612,
  "snrd_wm": 119.07248256478071,
  "spacing_x": 0.9999999403953552,
  "spacing_y": 1.0,
  "spacing_z": 1.0,
  "summary_bg_k": 14.12545300443125,
  "summary_bg_mad": 5.502134498754001,
  "summary_bg_mean": 4.28363199128149,
  "summary_bg_median": 3.711133323609829,
  "summary_bg_n": 2390066.0,
  "summary_bg_p05": 0.0,
  "summary_bg_p95": 15.947843201458454,
  "summary_bg_stdv": 6.191289652861056,
  "summary_csf_k": 2.1339172290314847,
  "summary_csf_mad": 77.10423615145808,
  "summary_csf_mean": 257.41166557594124,
  "summary_csf_median": 248.19457862898707,
  "summary_csf_n": 37864.0,
  "summary_csf_p05": 86.18354887329042,
  "summary_csf_p95": 458.61834560018025,
  "summary_csf_stdv": 106.29998743180847,
  "summary_gm_k": 0.15814172069608023,
  "summary_gm_mad": 58.664650263741976,
  "summary_gm_mean": 717.9294683273173,
  "summary_gm_median": 720.2858427073807,
  "summary_gm_n": 38866.0,
  "summary_gm_p05": 614.8695961367339,
  "summary_gm_p95": 812.3808759120293,
  "summary_gm_stdv": 59.984029629025,
  "summary_wm_k": 0.6645948001202924,
  "summary_wm_mad": 41.41471507845917,
  "summary_wm_mean": 999.6505968795044,
  "summary_wm_median": 1000.0250545870513,
  "summary_wm_n": 196604.0,
  "summary_wm_p05": 927.7833309024572,
  "summary_wm_p95": 1070.4112116098404,
  "summary_wm_stdv": 43.92707742222904,
  "tpm_overlap_csf": 0.16922251280211587,
  "tpm_overlap_gm": 0.47645119665967206,
  "tpm_overlap_wm": 0.5047259921346275,
  "wm2max": 0.6881155901678896
}