{
  "bids_meta": {
    "AccelFactPE": 2,
    "AcquisitionNumber": 1,
    "AcquisitionTime": "16:10:24.200000",
    "BodyPartExamined": "HEAD",
    "ConversionSoftware": "dcm2niix",
    "ConversionSoftwareVersion": "v1.0.20170724 (OpenJPEG build) GCC6.1.0",
    "DeviceSerialNumber": "35353",
    "EchoTime": 0.00418,
    "FlipAngle": 9,
    "ImageType": [
      "ORIGINAL",
      "PRIMARY",
      "M",
      "ND",
      "NORM"
    ],
    "InstitutionAddress": "De_Pintelaan_185_Gent_9C4B6E_District_BE_9000",
    "InstitutionName": "UZ_Gent",
    "InversionTime": 0.9,
    "MagneticFieldStrength": 3,
    "Manufacturer": "Siemens",
    "ManufacturersModelName": "TrioTim",
    "PhaseEncodingDirection": "i-",
    "PhaseEncodingLines": 256,
    "ProcedureStepDescription": "MR_hersenen_(structuur_alleen)",
    "ProtocolName": "T1_mprage",
    "RepetitionTime": 2.25,
    "ScanningSequence": "GR_IR",
    "SequenceName": "_tfl3d1_ns",
    "SequenceVariant": "SP_MP",
    "SeriesDescription": "T1_mprage",
    "SoftwareVersions": "syngo_MR_B17",
    "dataset": "ds001247",
    "modality": "T1w",
    "subject_id": "10"
  },
  "cjv": 0.332868796014447,
  "cnr": 3.995008057559205,
  "efc": 0.5265543835530656,
  "fber": 18171.04,
  "fwhm_avg": 4.134736750672465,
  "fwhm_x": 4.228150252017394,
  "fwhm_y": 4.30463,
  "fwhm_z": 3.87143,
  "icvs_csf": 0.2348553323227252,
  "icvs_gm": 0.43890073010044467,
  "icvs_wm": 0.3262439375768301,
  "inu_med": 0.6208051145076752,
  "inu_range": 0.28425188064575185,
  "provenance": {
    "md5sum": "a9e2b4bcbe6a6bf63af43d2c9c8df283",
    "settings": {
      "testing": false
    },
    "software": "mriqc",
    "version": "23.0.1",
    "warnings": {
      "large_rot_frame": true,
      "small_air_mask": false
    },
    "webapi_port": null,
    "webapi_url": "https://mriqc.nimh.nih.gov/api/v1"
  },
  "qi_1": 0.0,
  "qi_2": 0.01509263264291746,
  "rpve_csf": 20.49068454127718,
  "rpve_gm": 10.981895188779136,
  "rpve_wm": 16.175094745177894,
  "size_x": 176,
  "size_y": 256,
  "size_z": 256,
  "snr_csf": 2.341147536244649,
  "snr_gm": 12.855664608910157,
  "snr_total": 12.232506125711721,
  "snr_wm": 21.500706231980356,
  "snrd_csf": 22.258404126553575,
  "snrd_gm": 66.64535004520009,
  "snrd_total": 60.916256723244885,
  "snrd_wm": 93.845015997981,
  "spacing_x": 0.9999999403953552,
  "spacing_y": 1.0,
  "spacing_z": 1.0,
  "summary_bg_k": 21.720583357321914,
  "summary_bg_mad": 0.0,
  "summary_bg_mean": 3.454498312683764,
  "summary_bg_median": 0.0,
  "summary_bg_n": 3028371.0,
  "summary_bg_p05": 0.0,
  "summary_bg_p95": 15.637432351708412,
  "summary_bg_stdv": 6.9812875226617335,
  "summary_csf_k": 1.3146963727753311,
  "summary_csf_mad": 79.96460014700735,
  "summary_csf_mean": 234.75671125030456,
  "summary_csf_median": 237.1907880604267,
  "summary_csf_n": 74346.0,
  "summary_csf_p05": 56.35702942684293,
  "summary_csf_p95": 409.12470272835344,
  "summary_csf_stdv": 101.3132189240934,
  "summary_gm_k": 0.23346079960838884,
  "summary_gm_mad": 53.85685064423202,
  "summary_gm_mean": 708.4260908590887,
  "summary_gm_median": 710.1885206103325,
  "summary_gm_n": 37970.0,
  "summary_gm_p05": 614.8071024827659,
  "summary_gm_p95": 795.8674655010922,
  "summary_gm_stdv": 55.24250905609398,
  "summary_wm_k": 0.9689858453573357,
  "summary_wm_mad": 42.62385036700648,
  "summary_wm_mean": 999.5262897962572,
  "summary_wm_median": 1000.0345565453172,
  "summary_wm_n": 184512.0,
  "summary_wm_p05": 923.1966422684491,
  "summary_wm_p95": 1073.9663993231952,
  "summary_wm_stdv": 46.51158133167251,
  "tpm_overlap_csf": 0.15663526002842737,
  "tpm_overlap_gm": 0.46197994744732074,
  "tpm_overlap_wm": 0.4777818630776768,
  "wm2max": 0.5314579886008457
}