{
  "aor": 0.0006818000000000001,
  "aqi": 0.00674382306,
  "bids_meta": {
    "AccelFactPE": 2,
    "AcquisitionNumber": 1,
    "AcquisitionTime": "13:44:59.477500",
    "BandwidthPerPixelPhaseEncode": 52.083,
    "BodyPartExamined": "HEAD",
    "ConversionSoftware": "dcm2niix",
    "ConversionSoftwareVersion": "v1.0.20170724 (OpenJPEG build) GCC6.1.0",
    "DeviceSerialNumber": "35353",
    "EchoTime": 0.025,
    "EffectiveEchoSpacing": 0.000300002,
    "FlipAngle": 90,
    "ImageType": [
      "ORIGINAL",
      "PRIMARY",
      "M",
      "ND",
      "NORM",
      "MOSAIC"
    ],
    "InstitutionAddress": "De_Pintelaan_185_Gent_9C4B6E_District_BE_9000",
    "InstitutionName": "UZ_Gent",
    "MagneticFieldStrength": 3,
    "Manufacturer": "Siemens",
    "ManufacturersModelName": "TrioTim",
    "PhaseEncodingDirection": "j-",
    "PhaseEncodingLines": 64,
    "ProcedureStepDescription": "MR_hersenen_(structuur_alleen)",
    "ProtocolName": "epi_TASK",
    "RepetitionTime": 2,
    "ScanningSequence": "EP",
    "SequenceName": "_epfid2d1_64",
    "SequenceVariant": "SK_OSP",
    "SeriesDescription": "epi_TASK",
    "SliceTiming": [
      0.97,
      1.9375,
      0.9175,
      1.8875,
      0.8675,
      1.835,
      0.8175,
      1.785,
      0.765,
      1.735,
      0.715,
      1.6825,
      0.6625,
      1.6325,
      0.6125,
      1.58,
      0.5625,
      1.53,
      0.51,
      1.48,
      0.46,
      1.4275,
      0.41,
      1.3775,
      0.3575,
      1.325,
      0.3075,
      1.275,
      0.255,
      1.225,
      0.205,
      1.1725,
      0.155,
      1.1225,
      0.1025,
      1.0725,
      0.0525,
      1.02,
      0
    ],
    "SoftwareVersions": "syngo_MR_B17",
    "TaskName": "cueexposure",
    "TotalReadoutTime": 0.0231001,
    "TrueEchoSpacing": 0.000600004,
    "dataset": "ds001247",
    "modality": "bold",
    "subject_id": "7",
    "task_id": "cueexposure"
  },
  "dummy_trs": 0,
  "dvars_nstd": 22.742625551963915,
  "dvars_std": 1.1112831244689385,
  "dvars_vstd": 1.0010033303406813,
  "efc": 0.6026946792656881,
  "fber": 1531.9505615234375,
  "fd_mean": 0.0785037815938743,
  "fd_num": 34,
  "fd_perc": 6.8,
  "fwhm_avg": 1.8015311111111112,
  "fwhm_x": 1.63248,
  "fwhm_y": 1.9923266666666668,
  "fwhm_z": 1.7797866666666666,
  "gcor": 0.0165556,
  "gsr_x": 0.008125167340040207,
  "gsr_y": 0.0469488687813282,
  "provenance": {
    "md5sum": "e5e6b8180e09dc006b9d94920afaf1a2",
    "settings": {
      "fd_thres": 0.2,
      "testing": false
    },
    "software": "mriqc",
    "version": "23.0.1",
    "webapi_port": null,
    "webapi_url": "https://mriqc.nimh.nih.gov/api/v1"
  },
  "size_t": 500,
  "size_x": 64,
  "size_y": 64,
  "size_z": 39,
  "snr": 7.0578445654944995,
  "spacing_tr": 2.0,
  "spacing_x": 3.0,
  "spacing_y": 3.0,
  "spacing_z": 3.0,
  "summary_bg_k": 8.210470405789993,
  "summary_bg_mad": 12.652527920917384,
  "summary_bg_mean": 57.822940826416016,
  "summary_bg_median": 17.45400047302246,
  "summary_bg_n": 84249.0,
  "summary_bg_p05": 6.714800357818604,
  "summary_bg_p95": 289.4760131835936,
  "summary_bg_stdv": 96.7395248413086,
  "summary_fg_k": 1.7879476321619538,
  "summary_fg_mad": 98.05933244976646,
  "summary_fg_mean": 710.0551147460938,
  "summary_fg_median": 707.8040771484375,
  "summary_fg_n": 38302.0,
  "summary_fg_p05": 557.1921173095703,
  "summary_fg_p95": 866.9056671142578,
  "summary_fg_stdv": 100.28484344482422,
  "tsnr": 61.76888978108764
}