{
  "bids_meta": {
    "AccelFactPE": 2,
    "AcquisitionNumber": 1,
    "AcquisitionTime": "15:02:43.235000",
    "BodyPartExamined": "HEAD",
    "ConversionSoftware": "dcm2niix",
    "ConversionSoftwareVersion": "v1.0.20170724 (OpenJPEG build) GCC6.1.0",
    "DeviceSerialNumber": "35353",
    "EchoTime": 0.00418,
    "FlipAngle": 9,
    "ImageType": [
      "ORIGINAL",
      "PRIMARY",
      "M",
      "ND",
      "NORM"
    ],
    "InstitutionAddress": "De_Pintelaan_185_Gent_9C4B6E_District_BE_9000",
    "InstitutionName": "UZ_Gent",
    "InversionTime": 0.9,
    "MagneticFieldStrength": 3,
    "Manufacturer": "Siemens",
    "ManufacturersModelName": "TrioTim",
    "PhaseEncodingDirection": "i-",
    "PhaseEncodingLines": 256,
    "ProcedureStepDescription": "MR_hersenen_(structuur_alleen)",
    "ProtocolName": "T1_mprage",
    "RepetitionTime": 2.25,
    "ScanningSequence": "GR_IR",
    "SequenceName": "_tfl3d1_ns",
    "SequenceVariant": "SP_MP",
    "SeriesDescription": "T1_mprage",
    "SoftwareVersions": "syngo_MR_B17",
    "dataset": "ds001247",
    "modality": "T1w",
    "subject_id": "42"
  },
  "cjv": 0.32906496915006145,
  "cnr": 4.058156287551692,
  "efc": 0.5044459691896226,
  "fber": 17647.02493074792,
  "fwhm_avg": 3.9456933333333333,
  "fwhm_x": 4.08786,
  "fwhm_y": 4.08341,
  "fwhm_z": 3.66581,
  "icvs_csf": 0.18341319093878836,
  "icvs_gm": 0.48318903551469566,
  "icvs_wm": 0.333397773546516,
  "inu_med": 0.5558040142059326,
  "inu_range": 0.27316848933696747,
  "provenance": {
    "md5sum": "6e8232cb89b07d895d2ce82658293f81",
    "settings": {
      "testing": false
    },
    "software": "mriqc",
    "version": "23.0.1",
    "warnings": {
      "large_rot_frame": true,
      "small_air_mask": false
    },
    "webapi_port": null,
    "webapi_url": "https://mriqc.nimh.nih.gov/api/v1"
  },
  "qi_1": 0.0,
  "qi_2": 0.02627910111672547,
  "rpve_csf": 27.059001348507785,
  "rpve_gm": 11.588151515953601,
  "rpve_wm": 18.51631661520514,
  "size_x": 176,
  "size_y": 256,
  "size_z": 256,
  "snr_csf": 2.3524522119890605,
  "snr_gm": 11.77491816881151,
  "snr_total": 13.239843603296336,
  "snr_wm": 25.592160429088434,
  "snrd_csf": 30.56693772774235,
  "snrd_gm": 88.67249720409926,
  "snrd_total": 81.48075349998588,
  "snrd_wm": 125.20282556811601,
  "spacing_x": 1.0,
  "spacing_y": 1.0,
  "spacing_z": 1.0,
  "summary_bg_k": 16.200348490129816,
  "summary_bg_mad": 5.232770432253595,
  "summary_bg_mean": 3.664017537229126,
  "summary_bg_median": 3.5294500216841698,
  "summary_bg_n": 2968218.0,
  "summary_bg_p05": 0.0,
  "summary_bg_p95": 12.628307417035103,
  "summary_bg_stdv": 4.972159110747917,
  "summary_csf_k": 2.3101858949475025,
  "summary_csf_mad": 75.94718186995584,
  "summary_csf_mean": 251.09692513520014,
  "summary_csf_median": 244.14727672934532,
  "summary_csf_n": 30937.0,
  "summary_csf_p05": 81.87676444798709,
  "summary_csf_p95": 446.34266861379126,
  "summary_csf_stdv": 103.7824826259419,
  "summary_gm_k": 0.060141592743489625,
  "summary_gm_mad": 60.008835232265994,
  "summary_gm_mean": 707.0004975324324,
  "summary_gm_median": 708.2537644430995,
  "summary_gm_n": 59717.0,
  "summary_gm_p05": 606.2170405134559,
  "summary_gm_p95": 803.5230108082294,
  "summary_gm_stdv": 60.14885404548185,
  "summary_wm_k": 0.8938551719552077,
  "summary_wm_mad": 36.005301139359595,
  "summary_wm_mean": 999.9539716859069,
  "summary_wm_median": 1000.032426327467,
  "summary_wm_n": 185035.0,
  "summary_wm_p05": 936.2756640091538,
  "summary_wm_p95": 1063.2711042389274,
  "summary_wm_stdv": 39.075627351416095,
  "tpm_overlap_csf": 0.1553529347675572,
  "tpm_overlap_gm": 0.47801124398484257,
  "tpm_overlap_wm": 0.5056302683311151,
  "wm2max": 0.6662064800034514
}