{
  "bids_meta": {
    "AcquisitionNumber": 1,
    "AcquisitionTime": "16:18:58.342500",
    "BodyPartExamined": "HEAD",
    "ConversionSoftware": "dcm2niix",
    "ConversionSoftwareVersion": "v1.0.20170724 (OpenJPEG build) GCC6.1.0",
    "DeviceSerialNumber": "35353",
    "EchoTime": 0.005,
    "FlipAngle": 40,
    "ImageType": [
      "ORIGINAL",
      "PRIMARY",
      "M",
      "ND",
      "NORM"
    ],
    "InstitutionAddress": "De_Pintelaan_185_Gent_9C4B6E_District_BE_9000",
    "InstitutionName": "UZ_Gent",
    "MagneticFieldStrength": 3,
    "Manufacturer": "Siemens",
    "ManufacturersModelName": "TrioTim",
    "PhaseEncodingDirection": "i-",
    "PhaseEncodingLines": 128,
    "ProcedureStepDescription": "MR_hersenen_(structuur_alleen)",
    "ProtocolName": "localizer",
    "RepetitionTime": 0.02,
    "ScanningSequence": "GR",
    "SequenceName": "_fl2d1",
    "SequenceVariant": "SP",
    "SeriesDescription": "localizer",
    "SoftwareVersions": "syngo_MR_B17",
    "dataset": "ds001247",
    "modality": "T1w",
    "subject_id": "19"
  },
  "cjv": 0.35872553020736925,
  "cnr": 3.694413204627879,
  "efc": 0.5476200545972832,
  "fber": 25945.155625,
  "fwhm_avg": 3.9346100000000006,
  "fwhm_x": 4.03637,
  "fwhm_y": 4.11995,
  "fwhm_z": 3.64751,
  "icvs_csf": 0.2606816759023084,
  "icvs_gm": 0.4228814241291466,
  "icvs_wm": 0.316436899968545,
  "inu_med": 0.5121875405311584,
  "inu_range": 0.19270192384719853,
  "provenance": {
    "md5sum": "339856d6b33c7853959ca900eeb4f9fd",
    "settings": {
      "testing": false
    },
    "software": "mriqc",
    "version": "23.0.1",
    "warnings": {
      "large_rot_frame": true,
      "small_air_mask": false
    },
    "webapi_port": null,
    "webapi_url": "https://mriqc.nimh.nih.gov/api/v1"
  },
  "qi_1": 0.0,
  "qi_2": 0.013150507366916723,
  "rpve_csf": 17.56195118806608,
  "rpve_gm": 10.550600091242487,
  "rpve_wm": 15.845740233131213,
  "size_x": 176,
  "size_y": 256,
  "size_z": 256,
  "snr_csf": 3.0866468354351526,
  "snr_gm": 11.542920079425489,
  "snr_total": 12.462809742464955,
  "snr_wm": 22.75886231253422,
  "snrd_csf": 35.762377357383244,
  "snrd_gm": 97.20082270420106,
  "snrd_total": 89.45002008557384,
  "snrd_wm": 135.3868601951372,
  "spacing_x": 1.0,
  "spacing_y": 1.0,
  "spacing_z": 1.0,
  "summary_bg_k": 16.970081389583488,
  "summary_bg_mad": 4.839115051324055,
  "summary_bg_mean": 3.619129320085069,
  "summary_bg_median": 3.263933502137661,
  "summary_bg_n": 2918575.0,
  "summary_bg_p05": 0.0,
  "summary_bg_p95": 13.995351228863,
  "summary_bg_stdv": 5.43199481961014,
  "summary_csf_k": 2.6706667739126395,
  "summary_csf_mad": 62.21195637952213,
  "summary_csf_mean": 270.93345949878926,
  "summary_csf_median": 264.15607275255024,
  "summary_csf_n": 109039.0,
  "summary_csf_p05": 148.30868751872333,
  "summary_csf_p95": 427.45165493525565,
  "summary_csf_stdv": 85.57987860014647,
  "summary_gm_k": 0.21377087633699876,
  "summary_gm_mad": 60.415618216530625,
  "summary_gm_mean": 716.0671873333564,
  "summary_gm_median": 717.9664633944631,
  "summary_gm_n": 30637.0,
  "summary_gm_p05": 610.8698816940189,
  "summary_gm_p95": 815.2415724657476,
  "summary_gm_stdv": 62.198710642412316,
  "summary_wm_k": 0.6690875591844798,
  "summary_wm_mad": 40.76587831115416,
  "summary_wm_mean": 999.9846156601408,
  "summary_wm_median": 1000.0247168708593,
  "summary_wm_n": 196517.0,
  "summary_wm_p05": 927.7483712136745,
  "summary_wm_p95": 1071.9301609937102,
  "summary_wm_stdv": 43.93990168589574,
  "tpm_overlap_csf": 0.1820178262260338,
  "tpm_overlap_gm": 0.45088750173695585,
  "tpm_overlap_wm": 0.47961277181872053,
  "wm2max": 0.7088568502387459
}