{
  "bids_meta": {
    "AcquisitionNumber": 1,
    "AcquisitionTime": "15:38:26.782500",
    "BodyPartExamined": "HEAD",
    "ConversionSoftware": "dcm2niix",
    "ConversionSoftwareVersion": "v1.0.20170724 (OpenJPEG build) GCC6.1.0",
    "DeviceSerialNumber": "35353",
    "EchoTime": 0.005,
    "FlipAngle": 40,
    "ImageType": [
      "ORIGINAL",
      "PRIMARY",
      "M",
      "ND",
      "NORM"
    ],
    "InstitutionAddress": "De_Pintelaan_185_Gent_9C4B6E_District_BE_9000",
    "InstitutionName": "UZ_Gent",
    "MagneticFieldStrength": 3,
    "Manufacturer": "Siemens",
    "ManufacturersModelName": "TrioTim",
    "PhaseEncodingDirection": "j-",
    "PhaseEncodingLines": 128,
    "ProcedureStepDescription": "MR_hersenen_(structuur_alleen)",
    "ProtocolName": "localizer",
    "RepetitionTime": 0.02,
    "ScanningSequence": "GR",
    "SequenceName": "_fl2d1",
    "SequenceVariant": "SP",
    "SeriesDescription": "localizer",
    "SoftwareVersions": "syngo_MR_B17",
    "dataset": "ds001247",
    "modality": "T1w",
    "subject_id": "33"
  },
  "cjv": 0.34597987827454657,
  "cnr": 3.8720447843534673,
  "efc": 0.5190616042971733,
  "fber": -1.0,
  "fwhm_avg": 3.8574267453330804,
  "fwhm_x": 3.9594102359992407,
  "fwhm_y": 4.05708,
  "fwhm_z": 3.55579,
  "icvs_csf": 0.20628579236080538,
  "icvs_gm": 0.45099257112487895,
  "icvs_wm": 0.34272163651431564,
  "inu_med": 0.5818867981433868,
  "inu_range": 0.2566352814435959,
  "provenance": {
    "md5sum": "a7600ec9c5f171e1c3a70c7f84fd9b1e",
    "settings": {
      "testing": false
    },
    "software": "mriqc",
    "version": "23.0.1",
    "warnings": {
      "large_rot_frame": true,
      "small_air_mask": false
    },
    "webapi_port": null,
    "webapi_url": "https://mriqc.nimh.nih.gov/api/v1"
  },
  "qi_1": 0.0,
  "qi_2": 0.013384577276004745,
  "rpve_csf": 22.95970617372088,
  "rpve_gm": 11.178248364161464,
  "rpve_wm": 16.55995886154683,
  "size_x": 176,
  "size_y": 256,
  "size_z": 256,
  "snr_csf": 1.9194120066747922,
  "snr_gm": 11.736643190695368,
  "snr_total": 12.587438600019816,
  "snr_wm": 24.106260602689286,
  "snrd_csf": 33.34325033933411,
  "snrd_gm": 97.27956394658163,
  "snrd_total": 88.94190609398682,
  "snrd_wm": 136.2029039960447,
  "spacing_x": 0.9999999403953552,
  "spacing_y": 1.0,
  "spacing_z": 1.0,
  "summary_bg_k": 18.068108271845574,
  "summary_bg_mad": 0.0,
  "summary_bg_mean": 2.4463198166767577,
  "summary_bg_median": 0.0,
  "summary_bg_n": 3423518.0,
  "summary_bg_p05": 0.0,
  "summary_bg_p95": 12.06307902559638,
  "summary_bg_stdv": 4.8100031108949795,
  "summary_csf_k": 1.4528260141146285,
  "summary_csf_mad": 118.78172074199757,
  "summary_csf_mean": 250.89234435089128,
  "summary_csf_median": 244.80571963265538,
  "summary_csf_n": 34196.0,
  "summary_csf_p05": 55.178019154816866,
  "summary_csf_p95": 477.92228317447007,
  "summary_csf_stdv": 127.54017339974136,
  "summary_gm_k": 0.15450447424035652,
  "summary_gm_mad": 59.87292904284131,
  "summary_gm_mean": 711.9461542537402,
  "summary_gm_median": 714.2253204211593,
  "summary_gm_n": 38316.0,
  "summary_gm_p05": 608.7465377822518,
  "summary_gm_p95": 807.901144336909,
  "summary_gm_stdv": 60.85351565682568,
  "summary_wm_k": 0.6990096930292009,
  "summary_wm_mad": 38.99935555206008,
  "summary_wm_mean": 999.5387871396999,
  "summary_wm_median": 999.9999876879156,
  "summary_wm_n": 199861.0,
  "summary_wm_p05": 931.0355925038457,
  "summary_wm_p95": 1065.8754542805254,
  "summary_wm_stdv": 41.48289535352278,
  "tpm_overlap_csf": 0.15689868959545905,
  "tpm_overlap_gm": 0.4644078507149531,
  "tpm_overlap_wm": 0.49663847479705003,
  "wm2max": 0.5767698105684687
}