{
  "aor": 0.0010186599999999998,
  "aqi": 0.00918541748,
  "bids_meta": {
    "AccelFactPE": 2,
    "AcquisitionNumber": 1,
    "AcquisitionTime": "17:03:44.315000",
    "BandwidthPerPixelPhaseEncode": 52.083,
    "BodyPartExamined": "HEAD",
    "ConversionSoftware": "dcm2niix",
    "ConversionSoftwareVersion": "v1.0.20170724 (OpenJPEG build) GCC6.1.0",
    "DeviceSerialNumber": "35353",
    "EchoTime": 0.025,
    "EffectiveEchoSpacing": 0.000300002,
    "FlipAngle": 90,
    "ImageType": [
      "ORIGINAL",
      "PRIMARY",
      "M",
      "ND",
      "NORM",
      "MOSAIC"
    ],
    "InstitutionAddress": "De_Pintelaan_185_Gent_9C4B6E_District_BE_9000",
    "InstitutionName": "UZ_Gent",
    "MagneticFieldStrength": 3,
    "Manufacturer": "Siemens",
    "ManufacturersModelName": "TrioTim",
    "PhaseEncodingDirection": "j-",
    "PhaseEncodingLines": 64,
    "ProcedureStepDescription": "MR_hersenen_(structuur_alleen)",
    "ProtocolName": "epi_TASK",
    "RepetitionTime": 2,
    "ScanningSequence": "EP",
    "SequenceName": "_epfid2d1_64",
    "SequenceVariant": "SK_OSP",
    "SeriesDescription": "epi_TASK",
    "SliceTiming": [
      0.9675,
      1.9375,
      0.9175,
      1.885,
      0.8675,
      1.835,
      0.815,
      1.785,
      0.765,
      1.7325,
      0.715,
      1.6825,
      0.6625,
      1.63,
      0.6125,
      1.58,
      0.56,
      1.53,
      0.51,
      1.4775,
      0.46,
      1.4275,
      0.4075,
      1.3775,
      0.3575,
      1.325,
      0.305,
      1.275,
      0.255,
      1.2225,
      0.205,
      1.1725,
      0.1525,
      1.1225,
      0.1025,
      1.07,
      0.05,
      1.02,
      0
    ],
    "SoftwareVersions": "syngo_MR_B17",
    "TaskName": "cueexposure",
    "TotalReadoutTime": 0.0231001,
    "TrueEchoSpacing": 0.000600004,
    "dataset": "ds001247",
    "modality": "bold",
    "subject_id": "35",
    "task_id": "cueexposure"
  },
  "dummy_trs": 0,
  "dvars_nstd": 24.60696471895792,
  "dvars_std": 1.098219911563127,
  "dvars_vstd": 1.0069882356713427,
  "efc": 0.6084795331822793,
  "fber": 1479.3763427734375,
  "fd_mean": 0.08141158654699898,
  "fd_num": 33,
  "fd_perc": 6.6,
  "fwhm_avg": 1.6758455555555554,
  "fwhm_x": 1.5387266666666666,
  "fwhm_y": 1.8593233333333332,
  "fwhm_z": 1.6294866666666667,
  "gcor": 0.0202056,
  "gsr_x": 0.014831684529781342,
  "gsr_y": 0.05072828009724617,
  "provenance": {
    "md5sum": "708523f9300dc6291eee7d766f4f1075",
    "settings": {
      "fd_thres": 0.2,
      "testing": false
    },
    "software": "mriqc",
    "version": "23.0.1",
    "webapi_port": null,
    "webapi_url": "https://mriqc.nimh.nih.gov/api/v1"
  },
  "size_t": 500,
  "size_x": 64,
  "size_y": 64,
  "size_z": 39,
  "snr": 6.92408367598964,
  "spacing_tr": 2.0,
  "spacing_x": 3.0,
  "spacing_y": 3.0,
  "spacing_z": 3.0,
  "summary_bg_k": 17.4200387219542,
  "summary_bg_mad": 14.748926801825585,
  "summary_bg_mean": 49.26002883911133,
  "summary_bg_median": 18.176000595092773,
  "summary_bg_n": 80426.0,
  "summary_bg_p05": 6.074000358581543,
  "summary_bg_p95": 204.5665168762207,
  "summary_bg_stdv": 81.59548950195312,
  "summary_fg_k": 2.212031538205183,
  "summary_fg_mad": 93.87548762721967,
  "summary_fg_mean": 720.2456665039062,
  "summary_fg_median": 715.6480102539062,
  "summary_fg_n": 42494.0,
  "summary_fg_p05": 564.0023193359375,
  "summary_fg_p95": 886.0901275634766,
  "summary_fg_stdv": 103.35513305664062,
  "tsnr": 57.718019891530275
}