{
  "bids_meta": {
    "AcquisitionNumber": 1,
    "AcquisitionTime": "10:19:55.787500",
    "BodyPartExamined": "HEAD",
    "ConversionSoftware": "dcm2niix",
    "ConversionSoftwareVersion": "v1.0.20170724 (OpenJPEG build) GCC6.1.0",
    "DeviceSerialNumber": "35353",
    "EchoTime": 0.005,
    "FlipAngle": 40,
    "ImageType": [
      "ORIGINAL",
      "PRIMARY",
      "M",
      "ND",
      "NORM"
    ],
    "InstitutionAddress": "De_Pintelaan_185_Gent_9C4B6E_District_BE_9000",
    "InstitutionName": "UZ_Gent",
    "MagneticFieldStrength": 3,
    "Manufacturer": "Siemens",
    "ManufacturersModelName": "TrioTim",
    "PhaseEncodingDirection": "j-",
    "PhaseEncodingLines": 128,
    "ProcedureStepDescription": "Brain_Research_3T_Psychiatrie",
    "ProtocolName": "localizer",
    "RepetitionTime": 0.02,
    "ScanningSequence": "GR",
    "SequenceName": "_fl2d1",
    "SequenceVariant": "SP",
    "SeriesDescription": "localizer",
    "SoftwareVersions": "syngo_MR_B17",
    "dataset": "ds001247",
    "modality": "T1w",
    "subject_id": "12"
  },
  "cjv": 0.313165764731211,
  "cnr": 4.165822292230362,
  "efc": 0.44386590233504813,
  "fber": -1.0,
  "fwhm_avg": 3.9265633333333327,
  "fwhm_x": 4.09369,
  "fwhm_y": 4.02593,
  "fwhm_z": 3.66007,
  "icvs_csf": 0.19191201809112207,
  "icvs_gm": 0.4829780387820729,
  "icvs_wm": 0.325109943126805,
  "inu_med": 0.5571272373199463,
  "inu_range": 0.24048585295677183,
  "provenance": {
    "md5sum": "60f7f4f91632747c0ddb93b978da7e7a",
    "settings": {
      "testing": false
    },
    "software": "mriqc",
    "version": "23.0.1",
    "warnings": {
      "large_rot_frame": true,
      "small_air_mask": false
    },
    "webapi_port": null,
    "webapi_url": "https://mriqc.nimh.nih.gov/api/v1"
  },
  "qi_1": 0.0,
  "qi_2": 0.015119902757865648,
  "rpve_csf": 32.166161702509314,
  "rpve_gm": 13.93832861684574,
  "rpve_wm": 22.170949770347804,
  "size_x": 176,
  "size_y": 256,
  "size_z": 256,
  "snr_csf": 2.238552876931675,
  "snr_gm": 12.57691874417531,
  "snr_total": 12.738877061626049,
  "snr_wm": 23.401159563771163,
  "snrd_csf": 37.50815824325766,
  "snrd_gm": 104.97246525385776,
  "snrd_total": 97.08149385376107,
  "snrd_wm": 148.7638580641678,
  "spacing_x": 1.0,
  "spacing_y": 1.0,
  "spacing_z": 1.0,
  "summary_bg_k": 101.92055243707007,
  "summary_bg_mad": 0.0,
  "summary_bg_mean": 2.2092632363433724,
  "summary_bg_median": 0.0,
  "summary_bg_n": 3815199.0,
  "summary_bg_p05": 0.0,
  "summary_bg_p95": 10.786403566598892,
  "summary_bg_stdv": 4.4038678163133245,
  "summary_csf_k": 0.96148841251255,
  "summary_csf_mad": 84.79450361670386,
  "summary_csf_mean": 262.97175092146296,
  "summary_csf_median": 252.1321833692491,
  "summary_csf_n": 26457.0,
  "summary_csf_p05": 81.08616169542074,
  "summary_csf_p95": 477.55547558143724,
  "summary_csf_stdv": 112.62964613416071,
  "summary_gm_k": 0.33231367311697424,
  "summary_gm_mad": 53.87984083978058,
  "summary_gm_mean": 704.5643085903155,
  "summary_gm_median": 705.6314705312252,
  "summary_gm_n": 51311.0,
  "summary_gm_p05": 610.4665437154472,
  "summary_gm_p95": 794.3214196246117,
  "summary_gm_stdv": 56.10472714544605,
  "summary_wm_k": 0.8211637506207601,
  "summary_wm_mad": 38.30628891456359,
  "summary_wm_mean": 999.3052346193774,
  "summary_wm_median": 999.9999492615461,
  "summary_wm_n": 148883.0,
  "summary_wm_p05": 927.4425717815757,
  "summary_wm_p95": 1068.2929346337914,
  "summary_wm_stdv": 42.73277946715304,
  "tpm_overlap_csf": 0.13790617498435728,
  "tpm_overlap_gm": 0.47073726952397393,
  "tpm_overlap_wm": 0.4846842609245845,
  "wm2max": 0.6011271794323407
}