{
  "bids_meta": {
    "AcquisitionNumber": 1,
    "AcquisitionTime": "16:56:0.385000",
    "BodyPartExamined": "HEAD",
    "ConversionSoftware": "dcm2niix",
    "ConversionSoftwareVersion": "v1.0.20170724 (OpenJPEG build) GCC6.1.0",
    "DeviceSerialNumber": "35353",
    "EchoTime": 0.005,
    "FlipAngle": 40,
    "ImageType": [
      "ORIGINAL",
      "PRIMARY",
      "M",
      "ND",
      "NORM"
    ],
    "InstitutionAddress": "De_Pintelaan_185_Gent_9C4B6E_District_BE_9000",
    "InstitutionName": "UZ_Gent",
    "MagneticFieldStrength": 3,
    "Manufacturer": "Siemens",
    "ManufacturersModelName": "TrioTim",
    "PhaseEncodingDirection": "i-",
    "PhaseEncodingLines": 128,
    "ProcedureStepDescription": "MR_hersenen_(structuur_alleen)",
    "ProtocolName": "localizer",
    "RepetitionTime": 0.02,
    "ScanningSequence": "GR",
    "SequenceName": "_fl2d1",
    "SequenceVariant": "SP",
    "SeriesDescription": "localizer",
    "SoftwareVersions": "syngo_MR_B17",
    "dataset": "ds001247",
    "modality": "T1w",
    "subject_id": "35"
  },
  "cjv": 0.3552682778261367,
  "cnr": 3.7352270614044647,
  "efc": 0.5236412544967081,
  "fber": 19456.122999894964,
  "fwhm_avg": 4.10614,
  "fwhm_x": 4.16109,
  "fwhm_y": 4.35841,
  "fwhm_z": 3.79892,
  "icvs_csf": 0.22336692238742736,
  "icvs_gm": 0.40350775145279305,
  "icvs_wm": 0.37312532615977956,
  "inu_med": 0.5062860250473022,
  "inu_range": 0.18254640996456145,
  "provenance": {
    "md5sum": "fe22c6e059fa279c322bbaed5b873c5b",
    "settings": {
      "testing": false
    },
    "software": "mriqc",
    "version": "23.0.1",
    "warnings": {
      "large_rot_frame": true,
      "small_air_mask": false
    },
    "webapi_port": null,
    "webapi_url": "https://mriqc.nimh.nih.gov/api/v1"
  },
  "qi_1": 0.0,
  "qi_2": 0.021561258630597817,
  "rpve_csf": 21.715108855475975,
  "rpve_gm": 11.873167686666186,
  "rpve_wm": 15.32632561578136,
  "size_x": 176,
  "size_y": 256,
  "size_z": 256,
  "snr_csf": 2.2091778757841793,
  "snr_gm": 10.590564685267708,
  "snr_total": 12.29964563834254,
  "snr_wm": 24.09919435397573,
  "snrd_csf": 32.681066602458216,
  "snrd_gm": 99.13147311696594,
  "snrd_total": 90.73813478404422,
  "snrd_wm": 140.4018646327085,
  "spacing_x": 1.0,
  "spacing_y": 1.0,
  "spacing_z": 1.0,
  "summary_bg_k": 18.629164026110043,
  "summary_bg_mad": 4.666151610058145,
  "summary_bg_mean": 3.511422187497002,
  "summary_bg_median": 3.1472714338451624,
  "summary_bg_n": 2975195.0,
  "summary_bg_p05": 0.0,
  "summary_bg_p95": 12.38100167363882,
  "summary_bg_stdv": 5.159913916691694,
  "summary_csf_k": 1.4328672190066056,
  "summary_csf_mad": 87.42285702480838,
  "summary_csf_mean": 242.6682905584281,
  "summary_csf_median": 232.76803356595337,
  "summary_csf_n": 49470.0,
  "summary_csf_p05": 85.14409648859873,
  "summary_csf_p95": 444.3114928342402,
  "summary_csf_stdv": 105.36303277677595,
  "summary_gm_k": 0.030886462968068962,
  "summary_gm_mad": 66.5601461071104,
  "summary_gm_mean": 705.0485905621267,
  "summary_gm_median": 706.0552319977432,
  "summary_gm_n": 24151.0,
  "summary_gm_p05": 594.5481854118407,
  "summary_gm_p95": 812.3341665323824,
  "summary_gm_stdv": 66.66694697716336,
  "summary_wm_k": 1.0129500558573037,
  "summary_wm_mad": 37.86909819071982,
  "summary_wm_mean": 999.9034543349342,
  "summary_wm_median": 999.9999797157943,
  "summary_wm_n": 227202.0,
  "summary_wm_p05": 932.1385650802404,
  "summary_wm_p95": 1066.4828374423087,
  "summary_wm_stdv": 41.49507092811138,
  "tpm_overlap_csf": 0.16426574966926039,
  "tpm_overlap_gm": 0.4648516738335956,
  "tpm_overlap_wm": 0.5258152990589354,
  "wm2max": 0.709191861430337
}