{
  "bids_meta": {
    "AcquisitionNumber": 1,
    "AcquisitionTime": "11:36:33.355000",
    "BodyPartExamined": "HEAD",
    "ConversionSoftware": "dcm2niix",
    "ConversionSoftwareVersion": "v1.0.20170724 (OpenJPEG build) GCC6.1.0",
    "DeviceSerialNumber": "35353",
    "EchoTime": 0.005,
    "FlipAngle": 40,
    "ImageType": [
      "ORIGINAL",
      "PRIMARY",
      "M",
      "ND",
      "NORM"
    ],
    "InstitutionAddress": "De_Pintelaan_185_Gent_9C4B6E_District_BE_9000",
    "InstitutionName": "UZ_Gent",
    "MagneticFieldStrength": 3,
    "Manufacturer": "Siemens",
    "ManufacturersModelName": "TrioTim",
    "PhaseEncodingDirection": "i-",
    "PhaseEncodingLines": 128,
    "ProcedureStepDescription": "MR_hersenen_(structuur_alleen)",
    "ProtocolName": "localizer",
    "RepetitionTime": 0.02,
    "ScanningSequence": "GR",
    "SequenceName": "_fl2d1",
    "SequenceVariant": "SP",
    "SeriesDescription": "localizer",
    "SoftwareVersions": "syngo_MR_B17",
    "dataset": "ds001247",
    "modality": "T1w",
    "subject_id": "38"
  },
  "cjv": 0.35343354049880993,
  "cnr": 3.768180434560458,
  "efc": 0.5142851523914904,
  "fber": 28100.70637234486,
  "fwhm_avg": 3.841180076700652,
  "fwhm_x": 3.8604702301019564,
  "fwhm_y": 4.08059,
  "fwhm_z": 3.58248,
  "icvs_csf": 0.20284312259900214,
  "icvs_gm": 0.44537839575969607,
  "icvs_wm": 0.3517784816413018,
  "inu_med": 0.517372727394104,
  "inu_range": 0.1974724978208542,
  "provenance": {
    "md5sum": "b23df33563a6421349165f31211b5983",
    "settings": {
      "testing": false
    },
    "software": "mriqc",
    "version": "23.0.1",
    "warnings": {
      "large_rot_frame": true,
      "small_air_mask": false
    },
    "webapi_port": null,
    "webapi_url": "https://mriqc.nimh.nih.gov/api/v1"
  },
  "qi_1": 3.488030387720738e-06,
  "qi_2": 0.01839152216688163,
  "rpve_csf": 24.383557095546607,
  "rpve_gm": 11.60703117742003,
  "rpve_wm": 16.360766016693184,
  "size_x": 176,
  "size_y": 256,
  "size_z": 256,
  "snr_csf": 2.1587671007275993,
  "snr_gm": 11.481323580341858,
  "snr_total": 11.889618682523746,
  "snr_wm": 22.02876536650178,
  "snrd_csf": 29.332706045057453,
  "snrd_gm": 80.41988544771127,
  "snrd_total": 74.33518748164248,
  "snrd_wm": 113.25297095215872,
  "spacing_x": 0.9999999403953552,
  "spacing_y": 1.0,
  "spacing_z": 1.0,
  "summary_bg_k": 27.81360001517258,
  "summary_bg_mad": 0.0,
  "summary_bg_mean": 3.554666604449901,
  "summary_bg_median": 0.0,
  "summary_bg_n": 3201850.0,
  "summary_bg_p05": 0.0,
  "summary_bg_p95": 14.27749589458108,
  "summary_bg_stdv": 5.784868365260391,
  "summary_csf_k": 1.5272472593921904,
  "summary_csf_mad": 101.69095771401396,
  "summary_csf_mean": 264.07182249795625,
  "summary_csf_median": 259.0084191132337,
  "summary_csf_n": 40758.0,
  "summary_csf_p05": 70.00156869925559,
  "summary_csf_p95": 477.21353310942663,
  "summary_csf_stdv": 119.97831614759104,
  "summary_gm_k": 0.0971343106058562,
  "summary_gm_mad": 61.138635270682435,
  "summary_gm_mean": 709.4216290094726,
  "summary_gm_median": 710.1093013063073,
  "summary_gm_n": 33400.0,
  "summary_gm_p05": 605.826052904129,
  "summary_gm_p95": 810.2897308332845,
  "summary_gm_stdv": 61.8481541678518,
  "summary_wm_k": 0.9285085443465566,
  "summary_wm_mad": 41.32770145754437,
  "summary_wm_mean": 998.130285528319,
  "summary_wm_median": 1000.0261455979198,
  "summary_wm_n": 196145.0,
  "summary_wm_p05": 920.5846940819174,
  "summary_wm_p95": 1068.4796781122682,
  "summary_wm_stdv": 45.396261649513384,
  "tpm_overlap_csf": 0.1590086626312677,
  "tpm_overlap_gm": 0.4729035835699254,
  "tpm_overlap_wm": 0.5108243766941952,
  "wm2max": 0.7211329157822141
}