{
  "aor": 0.0091296,
  "aqi": 0.02015797266,
  "bids_meta": {
    "AccelFactPE": 2,
    "AcquisitionNumber": 1,
    "AcquisitionTime": "12:14:48.025000",
    "BandwidthPerPixelPhaseEncode": 52.083,
    "BodyPartExamined": "HEAD",
    "ConversionSoftware": "dcm2niix",
    "ConversionSoftwareVersion": "v1.0.20170724 (OpenJPEG build) GCC6.1.0",
    "DeviceSerialNumber": "35353",
    "EchoTime": 0.025,
    "EffectiveEchoSpacing": 0.000300002,
    "FlipAngle": 90,
    "ImageType": [
      "ORIGINAL",
      "PRIMARY",
      "M",
      "ND",
      "NORM",
      "MOSAIC"
    ],
    "InstitutionAddress": "De_Pintelaan_185_Gent_9C4B6E_District_BE_9000",
    "InstitutionName": "UZ_Gent",
    "MagneticFieldStrength": 3,
    "Manufacturer": "Siemens",
    "ManufacturersModelName": "TrioTim",
    "PhaseEncodingDirection": "j-",
    "PhaseEncodingLines": 64,
    "ProcedureStepDescription": "MR_hersenen_(structuur_alleen)",
    "ProtocolName": "epi_TASK",
    "RepetitionTime": 2,
    "ScanningSequence": "EP",
    "SequenceName": "_epfid2d1_64",
    "SequenceVariant": "SK_OSP",
    "SeriesDescription": "epi_TASK",
    "SliceTiming": [
      0.9675,
      1.935,
      0.9175,
      1.885,
      0.865,
      1.835,
      0.815,
      1.7825,
      0.765,
      1.7325,
      0.7125,
      1.68,
      0.6625,
      1.63,
      0.61,
      1.58,
      0.56,
      1.5275,
      0.51,
      1.4775,
      0.4575,
      1.4275,
      0.4075,
      1.375,
      0.355,
      1.325,
      0.305,
      1.2725,
      0.255,
      1.2225,
      0.2025,
      1.1725,
      0.1525,
      1.12,
      0.1025,
      1.07,
      0.05,
      1.0175,
      0
    ],
    "SoftwareVersions": "syngo_MR_B17",
    "TaskName": "cueexposure",
    "TotalReadoutTime": 0.0231001,
    "TrueEchoSpacing": 0.000600004,
    "dataset": "ds001247",
    "modality": "bold",
    "subject_id": "13",
    "task_id": "cueexposure"
  },
  "dummy_trs": 0,
  "dvars_nstd": 23.517775181923827,
  "dvars_std": 1.1219982277755516,
  "dvars_vstd": 1.0701649227454908,
  "efc": 0.6053454227389916,
  "fber": 1406.0869140625,
  "fd_mean": 0.10688282601415176,
  "fd_num": 42,
  "fd_perc": 8.4,
  "fwhm_avg": 1.6389944444444444,
  "fwhm_x": 1.5187933333333332,
  "fwhm_y": 1.8090566666666668,
  "fwhm_z": 1.5891333333333335,
  "gcor": 0.0190055,
  "gsr_x": 0.010924124158918858,
  "gsr_y": 0.05356164276599884,
  "provenance": {
    "md5sum": "569ed2fcbf1a34de09c4b5025f897121",
    "settings": {
      "fd_thres": 0.2,
      "testing": false
    },
    "software": "mriqc",
    "version": "23.0.1",
    "webapi_port": null,
    "webapi_url": "https://mriqc.nimh.nih.gov/api/v1"
  },
  "size_t": 500,
  "size_x": 64,
  "size_y": 64,
  "size_z": 39,
  "snr": 7.585792966932321,
  "spacing_tr": 2.0,
  "spacing_x": 3.0,
  "spacing_y": 3.0,
  "spacing_z": 3.0,
  "summary_bg_k": 10.384549295514066,
  "summary_bg_mad": 14.648110088505707,
  "summary_bg_mean": 47.93903350830078,
  "summary_bg_median": 18.076000213623047,
  "summary_bg_n": 82349.0,
  "summary_bg_p05": 6.402000427246094,
  "summary_bg_p95": 208.87960510253902,
  "summary_bg_stdv": 72.02362060546875,
  "summary_fg_k": 1.9488257534823523,
  "summary_fg_mad": 90.00727491759693,
  "summary_fg_mean": 694.8658447265625,
  "summary_fg_median": 694.405029296875,
  "summary_fg_n": 40948.0,
  "summary_fg_p05": 556.3343048095703,
  "summary_fg_p95": 837.476239013672,
  "summary_fg_stdv": 91.5390853881836,
  "tsnr": 43.43014374829363
}