{
  "aor": 0.00320114,
  "aqi": 0.012624291720000002,
  "bids_meta": {
    "AccelFactPE": 2,
    "AcquisitionNumber": 1,
    "AcquisitionTime": "15:08:25.332500",
    "BandwidthPerPixelPhaseEncode": 52.083,
    "BodyPartExamined": "HEAD",
    "ConversionSoftware": "dcm2niix",
    "ConversionSoftwareVersion": "v1.0.20170724 (OpenJPEG build) GCC6.1.0",
    "DeviceSerialNumber": "35353",
    "EchoTime": 0.025,
    "EffectiveEchoSpacing": 0.000300002,
    "FlipAngle": 90,
    "ImageType": [
      "ORIGINAL",
      "PRIMARY",
      "M",
      "ND",
      "NORM",
      "MOSAIC"
    ],
    "InstitutionAddress": "De_Pintelaan_185_Gent_9C4B6E_District_BE_9000",
    "InstitutionName": "UZ_Gent",
    "MagneticFieldStrength": 3,
    "Manufacturer": "Siemens",
    "ManufacturersModelName": "TrioTim",
    "PhaseEncodingDirection": "j-",
    "PhaseEncodingLines": 64,
    "ProcedureStepDescription": "MR_hersenen_(structuur_alleen)",
    "ProtocolName": "epi_TASK",
    "RepetitionTime": 2,
    "ScanningSequence": "EP",
    "SequenceName": "_epfid2d1_64",
    "SequenceVariant": "SK_OSP",
    "SeriesDescription": "epi_TASK",
    "SliceTiming": [
      0.9675,
      1.935,
      0.9175,
      1.885,
      0.865,
      1.835,
      0.815,
      1.7825,
      0.765,
      1.7325,
      0.7125,
      1.6825,
      0.6625,
      1.63,
      0.61,
      1.58,
      0.56,
      1.5275,
      0.51,
      1.4775,
      0.4575,
      1.4275,
      0.4075,
      1.375,
      0.3575,
      1.325,
      0.305,
      1.2725,
      0.255,
      1.2225,
      0.2025,
      1.1725,
      0.1525,
      1.12,
      0.1025,
      1.07,
      0.05,
      1.02,
      0
    ],
    "SoftwareVersions": "syngo_MR_B17",
    "TaskName": "cueexposure",
    "TotalReadoutTime": 0.0231001,
    "TrueEchoSpacing": 0.000600004,
    "dataset": "ds001247",
    "modality": "bold",
    "subject_id": "17",
    "task_id": "cueexposure"
  },
  "dummy_trs": 0,
  "dvars_nstd": 26.259751891102187,
  "dvars_std": 1.102603930981963,
  "dvars_vstd": 1.0166048943086174,
  "efc": 0.5879194342278061,
  "fber": 1752.386474609375,
  "fd_mean": 0.15473818974621217,
  "fd_num": 82,
  "fd_perc": 16.4,
  "fwhm_avg": 1.66218,
  "fwhm_x": 1.4820966666666668,
  "fwhm_y": 1.8468866666666666,
  "fwhm_z": 1.6575566666666666,
  "gcor": 0.0320859,
  "gsr_x": 0.022159075364470482,
  "gsr_y": 0.05216693878173828,
  "provenance": {
    "md5sum": "07c0b060629be3398d7add9cec596a8d",
    "settings": {
      "fd_thres": 0.2,
      "testing": false
    },
    "software": "mriqc",
    "version": "23.0.1",
    "webapi_port": null,
    "webapi_url": "https://mriqc.nimh.nih.gov/api/v1"
  },
  "size_t": 500,
  "size_x": 64,
  "size_y": 64,
  "size_z": 39,
  "snr": 7.595210112306217,
  "spacing_tr": 2.0,
  "spacing_x": 3.0,
  "spacing_y": 3.0,
  "spacing_z": 3.0,
  "summary_bg_k": 15.82882229099906,
  "summary_bg_mad": 10.114311667275139,
  "summary_bg_mean": 44.37249755859375,
  "summary_bg_median": 14.254000663757324,
  "summary_bg_n": 86468.0,
  "summary_bg_p05": 5.812000274658203,
  "summary_bg_p95": 194.66940841674784,
  "summary_bg_stdv": 78.89067840576172,
  "summary_fg_k": 1.4119222262052995,
  "summary_fg_mad": 79.4111574018418,
  "summary_fg_mean": 609.3114624023438,
  "summary_fg_median": 603.9380493164062,
  "summary_fg_n": 38335.0,
  "summary_fg_p05": 498.57822265625,
  "summary_fg_p95": 740.9932556152344,
  "summary_fg_stdv": 79.51461029052734,
  "tsnr": 52.00867053447291
}