{
  "bids_meta": {
    "AcquisitionNumber": 1,
    "AcquisitionTime": "14:22:2.787500",
    "BodyPartExamined": "HEAD",
    "ConversionSoftware": "dcm2niix",
    "ConversionSoftwareVersion": "v1.0.20170724 (OpenJPEG build) GCC6.1.0",
    "DeviceSerialNumber": "35353",
    "EchoTime": 0.005,
    "FlipAngle": 40,
    "ImageType": [
      "ORIGINAL",
      "PRIMARY",
      "M",
      "ND",
      "NORM"
    ],
    "InstitutionAddress": "De_Pintelaan_185_Gent_9C4B6E_District_BE_9000",
    "InstitutionName": "UZ_Gent",
    "MagneticFieldStrength": 3,
    "Manufacturer": "Siemens",
    "ManufacturersModelName": "TrioTim",
    "PhaseEncodingDirection": "j-",
    "PhaseEncodingLines": 128,
    "ProcedureStepDescription": "MR_hersenen_(structuur_alleen)",
    "ProtocolName": "localizer",
    "RepetitionTime": 0.02,
    "ScanningSequence": "GR",
    "SequenceName": "_fl2d1",
    "SequenceVariant": "SP",
    "SeriesDescription": "localizer",
    "SoftwareVersions": "syngo_MR_B17",
    "dataset": "ds001247",
    "modality": "T1w",
    "subject_id": "41"
  },
  "cjv": 0.32965740009945116,
  "cnr": 3.9130553107172528,
  "efc": 0.4876196132525141,
  "fber": 29985.869846938775,
  "fwhm_avg": 3.8084000000000002,
  "fwhm_x": 4.02618,
  "fwhm_y": 3.83248,
  "fwhm_z": 3.56654,
  "icvs_csf": 0.2230939857160355,
  "icvs_gm": 0.4399386349125578,
  "icvs_wm": 0.3369673793714067,
  "inu_med": 0.49513664841651917,
  "inu_range": 0.20031581521034236,
  "provenance": {
    "md5sum": "c20501c96a86e2707497207edc39eab9",
    "settings": {
      "testing": false
    },
    "software": "mriqc",
    "version": "23.0.1",
    "warnings": {
      "large_rot_frame": true,
      "small_air_mask": false
    },
    "webapi_port": null,
    "webapi_url": "https://mriqc.nimh.nih.gov/api/v1"
  },
  "qi_1": 0.0,
  "qi_2": 0.031185977570041254,
  "rpve_csf": 22.758591082367065,
  "rpve_gm": 12.099018417432022,
  "rpve_wm": 18.088448075047424,
  "size_x": 176,
  "size_y": 256,
  "size_z": 256,
  "snr_csf": 2.725622390549403,
  "snr_gm": 10.936038978758534,
  "snr_total": 13.221226321410079,
  "snr_wm": 26.0020175949223,
  "snrd_csf": 41.21249014150599,
  "snrd_gm": 113.40053497180985,
  "snrd_total": 105.10648806219233,
  "snrd_wm": 160.70643907326115,
  "spacing_x": 1.0,
  "spacing_y": 1.0,
  "spacing_z": 1.0,
  "summary_bg_k": 9.218715422234812,
  "summary_bg_mad": 0.0,
  "summary_bg_mean": 2.913651324751908,
  "summary_bg_median": 0.0,
  "summary_bg_n": 3358630.0,
  "summary_bg_p05": 0.0,
  "summary_bg_p95": 11.296480268239975,
  "summary_bg_stdv": 4.076603285959561,
  "summary_csf_k": 3.130828384258857,
  "summary_csf_mad": 69.66780442702367,
  "summary_csf_mean": 270.16949760218637,
  "summary_csf_median": 256.44579164497554,
  "summary_csf_n": 44862.0,
  "summary_csf_p05": 140.81507191779093,
  "summary_csf_p95": 447.85445157894844,
  "summary_csf_stdv": 94.08600925627098,
  "summary_gm_k": 0.17722541439666184,
  "summary_gm_mad": 61.681400580631426,
  "summary_gm_mean": 705.4129852926299,
  "summary_gm_median": 705.6377778667957,
  "summary_gm_n": 33196.0,
  "summary_gm_p05": 597.0399015843868,
  "summary_gm_p95": 812.8497433755547,
  "summary_gm_stdv": 64.5231011705266,
  "summary_wm_k": 0.6307569494150567,
  "summary_wm_mad": 35.35728304810551,
  "summary_wm_mean": 999.3794995110484,
  "summary_wm_median": 999.9999963380396,
  "summary_wm_n": 189585.0,
  "summary_wm_p05": 935.1759810950607,
  "summary_wm_p95": 1061.790697434917,
  "summary_wm_stdv": 38.45845251602322,
  "tpm_overlap_csf": 0.15581554824771404,
  "tpm_overlap_gm": 0.4570205005332414,
  "tpm_overlap_wm": 0.4967473923019338,
  "wm2max": 0.7680350257069408
}