{
  "bids_meta": {
    "AcquisitionNumber": 1,
    "AcquisitionTime": "11:10:0.340000",
    "BodyPartExamined": "HEAD",
    "ConversionSoftware": "dcm2niix",
    "ConversionSoftwareVersion": "v1.0.20170724 (OpenJPEG build) GCC6.1.0",
    "DeviceSerialNumber": "35353",
    "EchoTime": 0.005,
    "FlipAngle": 40,
    "ImageType": [
      "ORIGINAL",
      "PRIMARY",
      "M",
      "ND",
      "NORM"
    ],
    "InstitutionAddress": "De_Pintelaan_185_Gent_9C4B6E_District_BE_9000",
    "InstitutionName": "UZ_Gent",
    "MagneticFieldStrength": 3,
    "Manufacturer": "Siemens",
    "ManufacturersModelName": "TrioTim",
    "PhaseEncodingDirection": "i-",
    "PhaseEncodingLines": 128,
    "ProcedureStepDescription": "MR_hersenen_(structuur_alleen)",
    "ProtocolName": "localizer",
    "RepetitionTime": 0.02,
    "ScanningSequence": "GR",
    "SequenceName": "_fl2d1",
    "SequenceVariant": "SP",
    "SeriesDescription": "localizer",
    "SoftwareVersions": "syngo_MR_B17",
    "dataset": "ds001247",
    "modality": "T1w",
    "subject_id": "23"
  },
  "cjv": 0.3756142836389785,
  "cnr": 3.5920592880531714,
  "efc": 0.5287733176284792,
  "fber": 13266.992741051863,
  "fwhm_avg": 3.76648,
  "fwhm_x": 3.93779,
  "fwhm_y": 3.86319,
  "fwhm_z": 3.49846,
  "icvs_csf": 0.20183863172276167,
  "icvs_gm": 0.45173978995399394,
  "icvs_wm": 0.3464215783232444,
  "inu_med": 0.563700795173645,
  "inu_range": 0.24034305214881896,
  "provenance": {
    "md5sum": "e57d45485af221f70d39211ae08591cf",
    "settings": {
      "testing": false
    },
    "software": "mriqc",
    "version": "23.0.1",
    "warnings": {
      "large_rot_frame": true,
      "small_air_mask": false
    },
    "webapi_port": null,
    "webapi_url": "https://mriqc.nimh.nih.gov/api/v1"
  },
  "qi_1": 0.0,
  "qi_2": 0.006858862051882335,
  "rpve_csf": 27.931107646585954,
  "rpve_gm": 13.292305233663612,
  "rpve_wm": 19.177950192083742,
  "size_x": 176,
  "size_y": 256,
  "size_z": 256,
  "snr_csf": 2.180632076221563,
  "snr_gm": 11.459929246657868,
  "snr_total": 11.483465571624729,
  "snr_wm": 20.809835391994756,
  "snrd_csf": 24.754491034839116,
  "snrd_gm": 66.44540756955499,
  "snrd_total": 61.338401591191804,
  "snrd_wm": 92.81530616918133,
  "spacing_x": 1.0,
  "spacing_y": 1.0,
  "spacing_z": 1.0,
  "summary_bg_k": 18.1572438173649,
  "summary_bg_mad": 7.058633007849315,
  "summary_bg_mean": 4.699765410941649,
  "summary_bg_median": 4.760975614190102,
  "summary_bg_n": 3459436.0,
  "summary_bg_p05": 0.0,
  "summary_bg_p95": 15.804878063499928,
  "summary_bg_stdv": 6.6693862406683975,
  "summary_csf_k": 0.965288761677888,
  "summary_csf_mad": 105.04055922746257,
  "summary_csf_mean": 268.178062960965,
  "summary_csf_median": 266.7121953703463,
  "summary_csf_n": 33966.0,
  "summary_csf_p05": 60.809756154194474,
  "summary_csf_p95": 479.9512199591845,
  "summary_csf_stdv": 122.30778042999755,
  "summary_gm_k": 0.15275862714340738,
  "summary_gm_mad": 61.38696410924692,
  "summary_gm_mean": 714.8630476077954,
  "summary_gm_median": 715.9024396911263,
  "summary_gm_n": 34228.0,
  "summary_gm_p05": 611.2390249595046,
  "summary_gm_p95": 816.9619519803672,
  "summary_gm_stdv": 62.4691449971705,
  "summary_wm_k": 0.5162597018795303,
  "summary_wm_mad": 45.33146689876999,
  "summary_wm_mean": 1000.3264138378732,
  "summary_wm_median": 1000.0195131264627,
  "summary_wm_n": 169810.0,
  "summary_wm_p05": 922.0682935416698,
  "summary_wm_p95": 1079.6878058835864,
  "summary_wm_stdv": 48.0549965802237,
  "tpm_overlap_csf": 0.15537907902852438,
  "tpm_overlap_gm": 0.4667178426506925,
  "tpm_overlap_wm": 0.4886770023620898,
  "wm2max": 0.5130658298667716
}