{
  "aor": 0.00059502,
  "aqi": 0.00933883568,
  "bids_meta": {
    "AccelFactPE": 2,
    "AcquisitionNumber": 1,
    "AcquisitionTime": "17:07:34.420000",
    "BandwidthPerPixelPhaseEncode": 52.083,
    "BodyPartExamined": "HEAD",
    "ConversionSoftware": "dcm2niix",
    "ConversionSoftwareVersion": "v1.0.20170724 (OpenJPEG build) GCC6.1.0",
    "DeviceSerialNumber": "35353",
    "EchoTime": 0.025,
    "EffectiveEchoSpacing": 0.000300002,
    "FlipAngle": 90,
    "ImageType": [
      "ORIGINAL",
      "PRIMARY",
      "M",
      "ND",
      "NORM",
      "MOSAIC"
    ],
    "InstitutionAddress": "De_Pintelaan_185_Gent_9C4B6E_District_BE_9000",
    "InstitutionName": "UZ_Gent",
    "MagneticFieldStrength": 3,
    "Manufacturer": "Siemens",
    "ManufacturersModelName": "TrioTim",
    "PhaseEncodingDirection": "j-",
    "PhaseEncodingLines": 64,
    "ProcedureStepDescription": "MR_hersenen_(structuur_alleen)",
    "ProtocolName": "epi_TASK",
    "RepetitionTime": 2,
    "ScanningSequence": "EP",
    "SequenceName": "_epfid2d1_64",
    "SequenceVariant": "SK_OSP",
    "SeriesDescription": "epi_TASK",
    "SliceTiming": [
      0.97,
      1.9375,
      0.9175,
      1.8875,
      0.8675,
      1.835,
      0.815,
      1.785,
      0.765,
      1.7325,
      0.715,
      1.6825,
      0.6625,
      1.6325,
      0.6125,
      1.58,
      0.5625,
      1.53,
      0.51,
      1.4775,
      0.46,
      1.4275,
      0.4075,
      1.3775,
      0.3575,
      1.325,
      0.3075,
      1.275,
      0.255,
      1.225,
      0.205,
      1.1725,
      0.1525,
      1.1225,
      0.1025,
      1.07,
      0.0525,
      1.02,
      0
    ],
    "SoftwareVersions": "syngo_MR_B17",
    "TaskName": "cueexposure",
    "TotalReadoutTime": 0.0231001,
    "TrueEchoSpacing": 0.000600004,
    "dataset": "ds001247",
    "modality": "bold",
    "subject_id": "20",
    "task_id": "cueexposure"
  },
  "dummy_trs": 0,
  "dvars_nstd": 24.049001032184357,
  "dvars_std": 1.134431912925851,
  "dvars_vstd": 0.9980696175350694,
  "efc": 0.6088585895499444,
  "fber": 1692.714599609375,
  "fd_mean": 0.0764066488341606,
  "fd_num": 32,
  "fd_perc": 6.4,
  "fwhm_avg": 1.6533911111111113,
  "fwhm_x": 1.4970433333333333,
  "fwhm_y": 1.7957,
  "fwhm_z": 1.6674300000000002,
  "gcor": 0.0195779,
  "gsr_x": 0.024120591580867767,
  "gsr_y": 0.03805600851774216,
  "provenance": {
    "md5sum": "4499935da41239105a0607b31ab72228",
    "settings": {
      "fd_thres": 0.2,
      "testing": false
    },
    "software": "mriqc",
    "version": "23.0.1",
    "webapi_port": null,
    "webapi_url": "https://mriqc.nimh.nih.gov/api/v1"
  },
  "size_t": 500,
  "size_x": 64,
  "size_y": 64,
  "size_z": 39,
  "snr": 7.3980413860017045,
  "spacing_tr": 2.0,
  "spacing_x": 3.0,
  "spacing_y": 3.0,
  "spacing_z": 3.0,
  "summary_bg_k": 17.67167728100458,
  "summary_bg_mad": 13.023177061624128,
  "summary_bg_mean": 43.94778823852539,
  "summary_bg_median": 17.288000106811523,
  "summary_bg_n": 80059.0,
  "summary_bg_p05": 6.690000534057617,
  "summary_bg_p95": 176.83281555175773,
  "summary_bg_stdv": 70.92201232910156,
  "summary_fg_k": 2.1615531291766414,
  "summary_fg_mad": 95.42030231064363,
  "summary_fg_mean": 725.1610717773438,
  "summary_fg_median": 722.6310424804688,
  "summary_fg_n": 44404.0,
  "summary_fg_p05": 584.3632232666016,
  "summary_fg_p95": 878.5349395751953,
  "summary_fg_stdv": 97.67759704589844,
  "tsnr": 60.8279162470717
}