{
  "bids_meta": {
    "AccelFactPE": 2,
    "AcquisitionNumber": 1,
    "AcquisitionTime": "15:27:43.207500",
    "BodyPartExamined": "HEAD",
    "ConversionSoftware": "dcm2niix",
    "ConversionSoftwareVersion": "v1.0.20170724 (OpenJPEG build) GCC6.1.0",
    "DeviceSerialNumber": "35353",
    "EchoTime": 0.00418,
    "FlipAngle": 9,
    "ImageType": [
      "ORIGINAL",
      "PRIMARY",
      "M",
      "ND",
      "NORM"
    ],
    "InstitutionAddress": "De_Pintelaan_185_Gent_9C4B6E_District_BE_9000",
    "InstitutionName": "UZ_Gent",
    "InversionTime": 0.9,
    "MagneticFieldStrength": 3,
    "Manufacturer": "Siemens",
    "ManufacturersModelName": "TrioTim",
    "PhaseEncodingDirection": "i-",
    "PhaseEncodingLines": 256,
    "ProcedureStepDescription": "MR_hersenen_(structuur_alleen)",
    "ProtocolName": "T1_mprage",
    "RepetitionTime": 2.25,
    "ScanningSequence": "GR_IR",
    "SequenceName": "_tfl3d1_ns",
    "SequenceVariant": "SP_MP",
    "SeriesDescription": "T1_mprage",
    "SoftwareVersions": "syngo_MR_B17",
    "dataset": "ds001247",
    "modality": "T1w",
    "subject_id": "9"
  },
  "cjv": 0.33689030041946083,
  "cnr": 4.00205653469178,
  "efc": 0.5660706531512142,
  "fber": 19492.078793474913,
  "fwhm_avg": 4.0256533333333335,
  "fwhm_x": 4.06535,
  "fwhm_y": 4.28972,
  "fwhm_z": 3.72189,
  "icvs_csf": 0.18985770906875016,
  "icvs_gm": 0.4561020238217737,
  "icvs_wm": 0.3540402671094761,
  "inu_med": 0.5428397059440613,
  "inu_range": 0.22895500063896174,
  "provenance": {
    "md5sum": "18722f374dc4be4adae5a92b66a90971",
    "settings": {
      "testing": false
    },
    "software": "mriqc",
    "version": "23.0.1",
    "warnings": {
      "large_rot_frame": true,
      "small_air_mask": false
    },
    "webapi_port": null,
    "webapi_url": "https://mriqc.nimh.nih.gov/api/v1"
  },
  "qi_1": 0.0,
  "qi_2": 0.01049487130106091,
  "rpve_csf": 23.977889276833036,
  "rpve_gm": 10.660342628218064,
  "rpve_wm": 15.067290335331709,
  "size_x": 176,
  "size_y": 256,
  "size_z": 256,
  "snr_csf": 1.9488082553162933,
  "snr_gm": 12.874231549538694,
  "snr_total": 11.88221202811996,
  "snr_wm": 20.823596279504898,
  "snrd_csf": 28.532481100123594,
  "snrd_gm": 91.64502920870363,
  "snrd_total": 83.27725434278574,
  "snrd_wm": 129.65425271953,
  "spacing_x": 1.0,
  "spacing_y": 1.0,
  "spacing_z": 1.0,
  "summary_bg_k": 55.79231786838627,
  "summary_bg_mad": 5.0530917866927805,
  "summary_bg_mean": 4.258476677807074,
  "summary_bg_median": 3.408258616924286,
  "summary_bg_n": 2883076.0,
  "summary_bg_p05": 0.0,
  "summary_bg_p95": 15.520252048969269,
  "summary_bg_stdv": 6.734554140309556,
  "summary_csf_k": 1.143526527215477,
  "summary_csf_mad": 100.87391083269762,
  "summary_csf_mean": 224.39808782325215,
  "summary_csf_median": 220.07210391759872,
  "summary_csf_n": 48012.0,
  "summary_csf_p05": 51.039376974105835,
  "summary_csf_p95": 432.792509496212,
  "summary_csf_stdv": 112.92532831823387,
  "summary_gm_k": 0.1680388095675931,
  "summary_gm_mad": 54.12237153350284,
  "summary_gm_mean": 705.639045682931,
  "summary_gm_median": 706.8615701794624,
  "summary_gm_n": 52285.0,
  "summary_gm_p05": 614.3034064173698,
  "summary_gm_p95": 793.4989408731459,
  "summary_gm_stdv": 54.90462150923047,
  "summary_wm_k": 0.5398114799656297,
  "summary_wm_mad": 44.6426042973106,
  "summary_wm_mean": 998.6457473606416,
  "summary_wm_median": 1000.0281460881233,
  "summary_wm_n": 212203.0,
  "summary_wm_p05": 917.4694187641144,
  "summary_wm_p95": 1075.5168493390083,
  "summary_wm_stdv": 48.0236831506822,
  "tpm_overlap_csf": 0.15135922247301428,
  "tpm_overlap_gm": 0.4653136809553027,
  "tpm_overlap_wm": 0.49472418969020415,
  "wm2max": 0.6758378360396821
}