{
  "aor": 0.0017695180722891567,
  "aqi": 0.018601136004016066,
  "bids_meta": {
    "AccelFactPE": 2,
    "AcquisitionNumber": 1,
    "AcquisitionTime": "15:10:13.280000",
    "BandwidthPerPixelPhaseEncode": 52.083,
    "BodyPartExamined": "HEAD",
    "ConversionSoftware": "dcm2niix",
    "ConversionSoftwareVersion": "v1.0.20170724 (OpenJPEG build) GCC6.1.0",
    "DeviceSerialNumber": "35353",
    "EchoTime": 0.025,
    "EffectiveEchoSpacing": 0.000300002,
    "FlipAngle": 90,
    "ImageType": [
      "ORIGINAL",
      "PRIMARY",
      "M",
      "ND",
      "NORM",
      "MOSAIC"
    ],
    "InstitutionAddress": "De_Pintelaan_185_Gent_9C4B6E_District_BE_9000",
    "InstitutionName": "UZ_Gent",
    "MagneticFieldStrength": 3,
    "Manufacturer": "Siemens",
    "ManufacturersModelName": "TrioTim",
    "PhaseEncodingDirection": "j-",
    "PhaseEncodingLines": 64,
    "ProcedureStepDescription": "MR_hersenen_(structuur_alleen)",
    "ProtocolName": "epi_TASK",
    "RepetitionTime": 2,
    "ScanningSequence": "EP",
    "SequenceName": "_epfid2d1_64",
    "SequenceVariant": "SK_OSP",
    "SeriesDescription": "epi_TASK",
    "SliceTiming": [
      0.97,
      1.9375,
      0.9175,
      1.885,
      0.8675,
      1.835,
      0.815,
      1.785,
      0.765,
      1.7325,
      0.715,
      1.6825,
      0.6625,
      1.6325,
      0.6125,
      1.58,
      0.56,
      1.53,
      0.51,
      1.4775,
      0.46,
      1.4275,
      0.4075,
      1.3775,
      0.3575,
      1.325,
      0.3075,
      1.275,
      0.255,
      1.2225,
      0.205,
      1.1725,
      0.1525,
      1.1225,
      0.1025,
      1.07,
      0.0525,
      1.02,
      0
    ],
    "SoftwareVersions": "syngo_MR_B17",
    "TaskName": "cueexposure",
    "TotalReadoutTime": 0.0231001,
    "TrueEchoSpacing": 0.000600004,
    "dataset": "ds001247",
    "modality": "bold",
    "subject_id": "42",
    "task_id": "cueexposure"
  },
  "dummy_trs": 2,
  "dvars_nstd": 27.601025211207244,
  "dvars_std": 1.1654309967806837,
  "dvars_vstd": 0.9876358105231386,
  "efc": 0.5905678324969519,
  "fber": 1825.9317626953125,
  "fd_mean": 0.17842846179481137,
  "fd_num": 145,
  "fd_perc": 29.116465863453815,
  "fwhm_avg": 1.6418077777777775,
  "fwhm_x": 1.56339,
  "fwhm_y": 1.8589799999999999,
  "fwhm_z": 1.5030533333333331,
  "gcor": 0.0226183,
  "gsr_x": 0.025210220366716385,
  "gsr_y": 0.03491320461034775,
  "provenance": {
    "md5sum": "da76d268d3850f20f42822a2a1e0e4d6",
    "settings": {
      "fd_thres": 0.2,
      "testing": false
    },
    "software": "mriqc",
    "version": "23.0.1",
    "webapi_port": null,
    "webapi_url": "https://mriqc.nimh.nih.gov/api/v1"
  },
  "size_t": 498,
  "size_x": 64,
  "size_y": 64,
  "size_z": 39,
  "snr": 8.135428158918591,
  "spacing_tr": 2.0,
  "spacing_x": 3.0,
  "spacing_y": 3.0,
  "spacing_z": 3.0,
  "summary_bg_k": 17.32637304013832,
  "summary_bg_mad": 12.864104030586823,
  "summary_bg_mean": 49.09416961669922,
  "summary_bg_median": 16.871484756469727,
  "summary_bg_n": 84817.0,
  "summary_bg_p05": 6.255019664764404,
  "summary_bg_p95": 204.49838256835935,
  "summary_bg_stdv": 86.7125473022461,
  "summary_fg_k": 3.070953972428476,
  "summary_fg_mad": 82.5136364705347,
  "summary_fg_mean": 723.7462158203125,
  "summary_fg_median": 722.1053466796875,
  "summary_fg_n": 39534.0,
  "summary_fg_p05": 597.663525390625,
  "summary_fg_p95": 863.4638061523438,
  "summary_fg_stdv": 88.75946044921875,
  "tsnr": 51.91079571994487
}