{
  "bids_meta": {
    "AccelFactPE": 2,
    "AcquisitionNumber": 1,
    "AcquisitionTime": "12:07:3.200000",
    "BodyPartExamined": "HEAD",
    "ConversionSoftware": "dcm2niix",
    "ConversionSoftwareVersion": "v1.0.20170724 (OpenJPEG build) GCC6.1.0",
    "DeviceSerialNumber": "35353",
    "EchoTime": 0.00418,
    "FlipAngle": 9,
    "ImageType": [
      "ORIGINAL",
      "PRIMARY",
      "M",
      "ND",
      "NORM"
    ],
    "InstitutionAddress": "De_Pintelaan_185_Gent_9C4B6E_District_BE_9000",
    "InstitutionName": "UZ_Gent",
    "InversionTime": 0.9,
    "MagneticFieldStrength": 3,
    "Manufacturer": "Siemens",
    "ManufacturersModelName": "TrioTim",
    "PhaseEncodingDirection": "i-",
    "PhaseEncodingLines": 256,
    "ProcedureStepDescription": "MR_hersenen_(structuur_alleen)",
    "ProtocolName": "T1_mprage",
    "RepetitionTime": 2.25,
    "ScanningSequence": "GR_IR",
    "SequenceName": "_tfl3d1_ns",
    "SequenceVariant": "SP_MP",
    "SeriesDescription": "T1_mprage",
    "SoftwareVersions": "syngo_MR_B17",
    "dataset": "ds001247",
    "modality": "T1w",
    "subject_id": "13"
  },
  "cjv": 0.34738006376215347,
  "cnr": 3.811565992423792,
  "efc": 0.5093294091075424,
  "fber": 25422.95775874583,
  "fwhm_avg": 3.7654133333333335,
  "fwhm_x": 3.8593,
  "fwhm_y": 3.9574,
  "fwhm_z": 3.47954,
  "icvs_csf": 0.1806305155270396,
  "icvs_gm": 0.46610214410736556,
  "icvs_wm": 0.3532673403655948,
  "inu_med": 0.4983549118041992,
  "inu_range": 0.19317740201950073,
  "provenance": {
    "md5sum": "d76fddeb58c0512f8c1a1b9c0d7f0d33",
    "settings": {
      "testing": false
    },
    "software": "mriqc",
    "version": "23.0.1",
    "warnings": {
      "large_rot_frame": true,
      "small_air_mask": false
    },
    "webapi_port": null,
    "webapi_url": "https://mriqc.nimh.nih.gov/api/v1"
  },
  "qi_1": 0.0,
  "qi_2": 0.018405817943867198,
  "rpve_csf": 25.552469900355952,
  "rpve_gm": 11.065026921694825,
  "rpve_wm": 16.453602809172068,
  "size_x": 176,
  "size_y": 256,
  "size_z": 256,
  "snr_csf": 1.9244341281989072,
  "snr_gm": 11.436073258622134,
  "snr_total": 12.907923714385277,
  "snr_wm": 25.36326375633479,
  "snrd_csf": 38.9904419318136,
  "snrd_gm": 109.93167588190539,
  "snrd_total": 100.7353078265699,
  "snrd_wm": 153.28380566599066,
  "spacing_x": 1.0,
  "spacing_y": 1.0,
  "spacing_z": 1.0,
  "summary_bg_k": 47.232859635899096,
  "summary_bg_mad": 4.274115573085728,
  "summary_bg_mean": 3.0068104582902277,
  "summary_bg_median": 2.8828471451997757,
  "summary_bg_n": 2951350.0,
  "summary_bg_p05": 0.0,
  "summary_bg_p95": 10.089965008199215,
  "summary_bg_stdv": 4.315925329840392,
  "summary_csf_k": 1.1894006504704446,
  "summary_csf_mad": 122.89924563816766,
  "summary_csf_mean": 257.3234603200874,
  "summary_csf_median": 254.3739823680371,
  "summary_csf_n": 27478.0,
  "summary_csf_p05": 53.00586666930467,
  "summary_csf_p95": 490.1622988952323,
  "summary_csf_stdv": 132.17877916119934,
  "summary_gm_k": 0.13778442354880305,
  "summary_gm_mad": 61.40356553920144,
  "summary_gm_mean": 716.4490108285501,
  "summary_gm_median": 717.1952098254114,
  "summary_gm_n": 49698.0,
  "summary_gm_p05": 612.0545436630025,
  "summary_gm_p95": 819.1796554064376,
  "summary_gm_stdv": 62.71278419054136,
  "summary_wm_k": 0.6992510231163931,
  "summary_wm_mad": 36.84582390591145,
  "summary_wm_mean": 999.8660085323129,
  "summary_wm_median": 1000.0248816870153,
  "summary_wm_n": 207403.0,
  "summary_wm_p05": 935.4838986173272,
  "summary_wm_p95": 1063.9694136232138,
  "summary_wm_stdv": 39.427988466541215,
  "tpm_overlap_csf": 0.15902298500415663,
  "tpm_overlap_gm": 0.47623119742095915,
  "tpm_overlap_wm": 0.5066995597580148,
  "wm2max": 0.7413227708179808
}