{
  "bids_meta": {
    "AccelFactPE": 2,
    "AcquisitionNumber": 1,
    "AcquisitionTime": "14:17:48.195000",
    "BodyPartExamined": "HEAD",
    "ConversionSoftware": "dcm2niix",
    "ConversionSoftwareVersion": "v1.0.20170724 (OpenJPEG build) GCC6.1.0",
    "DeviceSerialNumber": "35353",
    "EchoTime": 0.00418,
    "FlipAngle": 9,
    "ImageType": [
      "ORIGINAL",
      "PRIMARY",
      "M",
      "ND",
      "NORM"
    ],
    "InstitutionAddress": "De_Pintelaan_185_Gent_9C4B6E_District_BE_9000",
    "InstitutionName": "UZ_Gent",
    "InversionTime": 0.9,
    "MagneticFieldStrength": 3,
    "Manufacturer": "Siemens",
    "ManufacturersModelName": "TrioTim",
    "PhaseEncodingDirection": "i-",
    "PhaseEncodingLines": 256,
    "ProcedureStepDescription": "MR_hersenen_(structuur_alleen)",
    "ProtocolName": "T1_mprage",
    "RepetitionTime": 2.25,
    "ScanningSequence": "GR_IR",
    "SequenceName": "_tfl3d1_ns",
    "SequenceVariant": "SP_MP",
    "SeriesDescription": "T1_mprage",
    "SoftwareVersions": "syngo_MR_B17",
    "dataset": "ds001247",
    "modality": "T1w",
    "subject_id": "8"
  },
  "cjv": 0.327256651210211,
  "cnr": 4.027529423350795,
  "efc": 0.5451673457348108,
  "fber": 20412.698664651045,
  "fwhm_avg": 3.9200600000000008,
  "fwhm_x": 4.02805,
  "fwhm_y": 4.09175,
  "fwhm_z": 3.64038,
  "icvs_csf": 0.19158968882086344,
  "icvs_gm": 0.4535577850932493,
  "icvs_wm": 0.3548525260858873,
  "inu_med": 0.4926813691854477,
  "inu_range": 0.20281603187322617,
  "provenance": {
    "md5sum": "4ed4dcdda304a8a5446c31b15f34ac75",
    "settings": {
      "testing": false
    },
    "software": "mriqc",
    "version": "23.0.1",
    "warnings": {
      "large_rot_frame": true,
      "small_air_mask": false
    },
    "webapi_port": null,
    "webapi_url": "https://mriqc.nimh.nih.gov/api/v1"
  },
  "qi_1": 0.0,
  "qi_2": 0.016154976179846757,
  "rpve_csf": 22.435727801252952,
  "rpve_gm": 10.36860586279357,
  "rpve_wm": 15.139546203681903,
  "size_x": 176,
  "size_y": 256,
  "size_z": 256,
  "snr_csf": 2.2469268695125417,
  "snr_gm": 11.209770795343326,
  "snr_total": 13.961366701092649,
  "snr_wm": 28.427402438422078,
  "snrd_csf": 37.58812517972462,
  "snrd_gm": 101.81537507462093,
  "snrd_total": 94.39036894197677,
  "snrd_wm": 143.76760657158482,
  "spacing_x": 1.0,
  "spacing_y": 1.0,
  "spacing_z": 1.0,
  "summary_bg_k": 33.60046616157811,
  "summary_bg_mad": 0.0,
  "summary_bg_mean": 2.248258806846222,
  "summary_bg_median": 0.0,
  "summary_bg_n": 2744565.0,
  "summary_bg_p05": 0.0,
  "summary_bg_p95": 11.71103172749281,
  "summary_bg_stdv": 4.556912338774502,
  "summary_csf_k": 0.939113456268247,
  "summary_csf_mad": 97.46603363469849,
  "summary_csf_mean": 269.5314839099733,
  "summary_csf_median": 261.4505794867873,
  "summary_csf_n": 32879.0,
  "summary_csf_p05": 83.45008191093802,
  "summary_csf_p95": 482.91840341314673,
  "summary_csf_stdv": 116.35741556749974,
  "summary_gm_k": 0.07451245487000735,
  "summary_gm_mad": 62.420869628342416,
  "summary_gm_mean": 707.9208507929047,
  "summary_gm_median": 708.1941088214517,
  "summary_gm_n": 62418.0,
  "summary_gm_p05": 603.3336744271219,
  "summary_gm_p95": 812.0486877299845,
  "summary_gm_stdv": 63.175996078089184,
  "summary_wm_k": 0.6241274368866496,
  "summary_wm_mad": 33.0745392825944,
  "summary_wm_mean": 1000.1708793294081,
  "summary_wm_median": 999.999969933182,
  "summary_wm_n": 242439.0,
  "summary_wm_p05": 943.2769052162766,
  "summary_wm_p95": 1057.8366603665054,
  "summary_wm_stdv": 35.177252291088024,
  "tpm_overlap_csf": 0.16471543398827498,
  "tpm_overlap_gm": 0.4747423885192574,
  "tpm_overlap_wm": 0.5029807337693896,
  "wm2max": 0.5570092304115036
}