{
  "aor": 0.00399292,
  "aqi": 0.02017810672,
  "bids_meta": {
    "AccelFactPE": 2,
    "AcquisitionNumber": 1,
    "AcquisitionTime": "12:00:26.747500",
    "BandwidthPerPixelPhaseEncode": 52.083,
    "BodyPartExamined": "HEAD",
    "ConversionSoftware": "dcm2niix",
    "ConversionSoftwareVersion": "v1.0.20170724 (OpenJPEG build) GCC6.1.0",
    "DeviceSerialNumber": "35353",
    "EchoTime": 0.025,
    "EffectiveEchoSpacing": 0.000300002,
    "FlipAngle": 90,
    "ImageType": [
      "ORIGINAL",
      "PRIMARY",
      "M",
      "ND",
      "NORM",
      "MOSAIC"
    ],
    "InstitutionAddress": "De_Pintelaan_185_Gent_9C4B6E_District_BE_9000",
    "InstitutionName": "UZ_Gent",
    "MagneticFieldStrength": 3,
    "Manufacturer": "Siemens",
    "ManufacturersModelName": "TrioTim",
    "PhaseEncodingDirection": "j-",
    "PhaseEncodingLines": 64,
    "ProcedureStepDescription": "MR_hersenen_(structuur_alleen)",
    "ProtocolName": "epi_TASK",
    "RepetitionTime": 2,
    "ScanningSequence": "EP",
    "SequenceName": "_epfid2d1_64",
    "SequenceVariant": "SK_OSP",
    "SeriesDescription": "epi_TASK",
    "SliceTiming": [
      0.9675,
      1.9375,
      0.9175,
      1.885,
      0.8675,
      1.835,
      0.815,
      1.785,
      0.765,
      1.7325,
      0.7125,
      1.6825,
      0.6625,
      1.63,
      0.6125,
      1.58,
      0.56,
      1.53,
      0.51,
      1.4775,
      0.46,
      1.4275,
      0.4075,
      1.3775,
      0.3575,
      1.325,
      0.305,
      1.275,
      0.255,
      1.2225,
      0.205,
      1.1725,
      0.1525,
      1.1225,
      0.1025,
      1.07,
      0.05,
      1.02,
      0
    ],
    "SoftwareVersions": "syngo_MR_B17",
    "TaskName": "cueexposure",
    "TotalReadoutTime": 0.0231001,
    "TrueEchoSpacing": 0.000600004,
    "dataset": "ds001247",
    "modality": "bold",
    "subject_id": "24",
    "task_id": "cueexposure"
  },
  "dummy_trs": 0,
  "dvars_nstd": 20.582286968256504,
  "dvars_std": 1.0310914222845695,
  "dvars_vstd": 0.9919658536072145,
  "efc": 0.6073810599478863,
  "fber": 1772.614990234375,
  "fd_mean": 0.1305671781057897,
  "fd_num": 58,
  "fd_perc": 11.6,
  "fwhm_avg": 1.76201,
  "fwhm_x": 1.6007866666666668,
  "fwhm_y": 1.98996,
  "fwhm_z": 1.6952833333333333,
  "gcor": 0.0240774,
  "gsr_x": 0.002133653499186039,
  "gsr_y": 0.04712695628404617,
  "provenance": {
    "md5sum": "6d49441f184fc1768aac3b61edd82fe6",
    "settings": {
      "fd_thres": 0.2,
      "testing": false
    },
    "software": "mriqc",
    "version": "23.0.1",
    "webapi_port": null,
    "webapi_url": "https://mriqc.nimh.nih.gov/api/v1"
  },
  "size_t": 500,
  "size_x": 64,
  "size_y": 64,
  "size_z": 39,
  "snr": 7.046841793043375,
  "spacing_tr": 2.0,
  "spacing_x": 3.0,
  "spacing_y": 3.0,
  "spacing_z": 3.0,
  "summary_bg_k": 15.156578893348808,
  "summary_bg_mad": 14.289320905883857,
  "summary_bg_mean": 48.57326126098633,
  "summary_bg_median": 18.942001342773438,
  "summary_bg_n": 79239.0,
  "summary_bg_p05": 6.53000020980835,
  "summary_bg_p95": 199.27100524902335,
  "summary_bg_stdv": 77.66145324707031,
  "summary_fg_k": 2.018810311220932,
  "summary_fg_mad": 104.52644260296103,
  "summary_fg_mean": 817.0121459960938,
  "summary_fg_median": 812.9850463867188,
  "summary_fg_n": 43568.0,
  "summary_fg_p05": 638.6484100341797,
  "summary_fg_p95": 1002.1670654296876,
  "summary_fg_stdv": 115.36738586425781,
  "tsnr": 44.00802413758356
}