{
  "aor": 0.00046874000000000004,
  "aqi": 0.017999017979999997,
  "bids_meta": {
    "AccelFactPE": 2,
    "AcquisitionNumber": 1,
    "AcquisitionTime": "16:32:22.672500",
    "BandwidthPerPixelPhaseEncode": 52.083,
    "BodyPartExamined": "HEAD",
    "ConversionSoftware": "dcm2niix",
    "ConversionSoftwareVersion": "v1.0.20170724 (OpenJPEG build) GCC6.1.0",
    "DeviceSerialNumber": "35353",
    "EchoTime": 0.025,
    "EffectiveEchoSpacing": 0.000300002,
    "FlipAngle": 90,
    "ImageType": [
      "ORIGINAL",
      "PRIMARY",
      "M",
      "ND",
      "NORM",
      "MOSAIC"
    ],
    "InstitutionAddress": "De_Pintelaan_185_Gent_9C4B6E_District_BE_9000",
    "InstitutionName": "UZ_Gent",
    "MagneticFieldStrength": 3,
    "Manufacturer": "Siemens",
    "ManufacturersModelName": "TrioTim",
    "PhaseEncodingDirection": "j-",
    "PhaseEncodingLines": 64,
    "ProcedureStepDescription": "Brain_Research_3T_Psychiatrie",
    "ProtocolName": "epi_TASK",
    "RepetitionTime": 2,
    "ScanningSequence": "EP",
    "SequenceName": "_epfid2d1_64",
    "SequenceVariant": "SK_OSP",
    "SeriesDescription": "epi_TASK",
    "SliceTiming": [
      0.9675,
      1.9375,
      0.9175,
      1.885,
      0.8675,
      1.835,
      0.815,
      1.785,
      0.765,
      1.7325,
      0.7125,
      1.6825,
      0.6625,
      1.63,
      0.6125,
      1.58,
      0.56,
      1.53,
      0.51,
      1.4775,
      0.4575,
      1.4275,
      0.4075,
      1.375,
      0.3575,
      1.325,
      0.305,
      1.275,
      0.255,
      1.2225,
      0.205,
      1.1725,
      0.1525,
      1.12,
      0.1025,
      1.07,
      0.05,
      1.02,
      0
    ],
    "SoftwareVersions": "syngo_MR_B17",
    "TaskName": "cueexposure",
    "TotalReadoutTime": 0.0231001,
    "TrueEchoSpacing": 0.000600004,
    "dataset": "ds001247",
    "modality": "bold",
    "subject_id": "1",
    "task_id": "cueexposure"
  },
  "dummy_trs": 0,
  "dvars_nstd": 28.165614026873758,
  "dvars_std": 1.104033780140282,
  "dvars_vstd": 0.9590441977555108,
  "efc": 0.6130630307777325,
  "fber": 1328.00048828125,
  "fd_mean": 0.11967951167688395,
  "fd_num": 54,
  "fd_perc": 10.8,
  "fwhm_avg": 1.711908888888889,
  "fwhm_x": 1.5576999999999999,
  "fwhm_y": 1.9178233333333334,
  "fwhm_z": 1.6602033333333335,
  "gcor": 0.0213705,
  "gsr_x": 0.01582208089530468,
  "gsr_y": 0.0506683811545372,
  "provenance": {
    "md5sum": "46f0bfc3a3809f241d200bac9ea0bf03",
    "settings": {
      "fd_thres": 0.2,
      "testing": false
    },
    "software": "mriqc",
    "version": "23.0.1",
    "webapi_port": null,
    "webapi_url": "https://mriqc.nimh.nih.gov/api/v1"
  },
  "size_t": 500,
  "size_x": 64,
  "size_y": 64,
  "size_z": 39,
  "snr": 7.33673081612182,
  "spacing_tr": 2.0,
  "spacing_x": 3.0,
  "spacing_y": 3.0,
  "spacing_z": 3.0,
  "summary_bg_k": 12.186558948444528,
  "summary_bg_mad": 13.331560715425352,
  "summary_bg_mean": 47.78239822387695,
  "summary_bg_median": 16.102001190185547,
  "summary_bg_n": 82122.0,
  "summary_bg_p05": 5.082000255584717,
  "summary_bg_p95": 198.77771377563462,
  "summary_bg_stdv": 76.22607421875,
  "summary_fg_k": 2.2991606213776885,
  "summary_fg_mad": 76.10643126537789,
  "summary_fg_mean": 608.4894409179688,
  "summary_fg_median": 607.35205078125,
  "summary_fg_n": 41948.0,
  "summary_fg_p05": 481.947119140625,
  "summary_fg_p95": 737.9251403808594,
  "summary_fg_stdv": 82.7813949584961,
  "tsnr": 46.36516403965652
}