{
  "bids_meta": {
    "AcquisitionNumber": 1,
    "AcquisitionTime": "10:30:14.610000",
    "BodyPartExamined": "HEAD",
    "ConversionSoftware": "dcm2niix",
    "ConversionSoftwareVersion": "v1.0.20170724 (OpenJPEG build) GCC6.1.0",
    "DeviceSerialNumber": "35353",
    "EchoTime": 0.005,
    "FlipAngle": 40,
    "ImageType": [
      "ORIGINAL",
      "PRIMARY",
      "M",
      "ND",
      "NORM"
    ],
    "InstitutionAddress": "De_Pintelaan_185_Gent_9C4B6E_District_BE_9000",
    "InstitutionName": "UZ_Gent",
    "MagneticFieldStrength": 3,
    "Manufacturer": "Siemens",
    "ManufacturersModelName": "TrioTim",
    "PhaseEncodingDirection": "i-",
    "PhaseEncodingLines": 128,
    "ProcedureStepDescription": "MR_hersenen_(structuur_alleen)",
    "ProtocolName": "localizer",
    "RepetitionTime": 0.02,
    "ScanningSequence": "GR",
    "SequenceName": "_fl2d1",
    "SequenceVariant": "SP",
    "SeriesDescription": "localizer",
    "SoftwareVersions": "syngo_MR_B17",
    "dataset": "ds001247",
    "modality": "T1w",
    "subject_id": "22"
  },
  "cjv": 0.328739381464466,
  "cnr": 4.004116361846441,
  "efc": 0.5470599872706909,
  "fber": 21976.922130177518,
  "fwhm_avg": 3.947473333333333,
  "fwhm_x": 4.13207,
  "fwhm_y": 4.1205,
  "fwhm_z": 3.58985,
  "icvs_csf": 0.22126454593132341,
  "icvs_gm": 0.4532676652060131,
  "icvs_wm": 0.3254677888626635,
  "inu_med": 0.5935531854629517,
  "inu_range": 0.28130173683166504,
  "provenance": {
    "md5sum": "14b8311e18472da25c5537aa32a15547",
    "settings": {
      "testing": false
    },
    "software": "mriqc",
    "version": "23.0.1",
    "warnings": {
      "large_rot_frame": true,
      "small_air_mask": false
    },
    "webapi_port": null,
    "webapi_url": "https://mriqc.nimh.nih.gov/api/v1"
  },
  "qi_1": 2.378935141052162e-06,
  "qi_2": 0.02856576307265622,
  "rpve_csf": 20.995677968278194,
  "rpve_gm": 10.703102794437513,
  "rpve_wm": 16.600524465381802,
  "size_x": 176,
  "size_y": 256,
  "size_z": 256,
  "snr_csf": 2.4084072928151046,
  "snr_gm": 12.50697306199067,
  "snr_total": 12.80336958753057,
  "snr_wm": 23.494728407785935,
  "snrd_csf": 33.77869847234115,
  "snrd_gm": 98.56673196167813,
  "snrd_total": 90.11891747572963,
  "snrd_wm": 138.01132199316964,
  "spacing_x": 1.0,
  "spacing_y": 1.0,
  "spacing_z": 1.0,
  "summary_bg_k": 14.915802884681813,
  "summary_bg_mad": 0.0,
  "summary_bg_mean": 2.446607761939352,
  "summary_bg_median": 0.0,
  "summary_bg_n": 2712510.0,
  "summary_bg_p05": 0.0,
  "summary_bg_p95": 11.842194639146328,
  "summary_bg_stdv": 4.747137587470173,
  "summary_csf_k": 1.5528660580504257,
  "summary_csf_mad": 82.22061692062515,
  "summary_csf_mean": 253.30864827663768,
  "summary_csf_median": 244.7614407837391,
  "summary_csf_n": 47861.0,
  "summary_csf_p05": 98.45743957906961,
  "summary_csf_p95": 444.09936264902353,
  "summary_csf_stdv": 101.62686539671463,
  "summary_gm_k": 0.32860159133387157,
  "summary_gm_mad": 55.151059965219325,
  "summary_gm_mean": 711.5064157868208,
  "summary_gm_median": 714.2174334526062,
  "summary_gm_n": 44610.0,
  "summary_gm_p05": 613.1629016198218,
  "summary_gm_p95": 800.1160037890077,
  "summary_gm_stdv": 57.10489858263425,
  "summary_wm_k": 0.8492913098113619,
  "summary_wm_mad": 38.808131186535064,
  "summary_wm_mean": 999.8967876761511,
  "summary_wm_median": 1000.0340908095241,
  "summary_wm_n": 186743.0,
  "summary_wm_p05": 929.8682343885303,
  "summary_wm_p95": 1068.8689801096916,
  "summary_wm_stdv": 42.56407632729771,
  "tpm_overlap_csf": 0.17290701504010894,
  "tpm_overlap_gm": 0.48093030178514284,
  "tpm_overlap_wm": 0.5018971204037699,
  "wm2max": 0.5752359857880058
}