{
  "aor": 0.0023179200000000002,
  "aqi": 0.01627114922,
  "bids_meta": {
    "AccelFactPE": 2,
    "AcquisitionNumber": 1,
    "AcquisitionTime": "10:39:6.227500",
    "BandwidthPerPixelPhaseEncode": 52.083,
    "BodyPartExamined": "HEAD",
    "ConversionSoftware": "dcm2niix",
    "ConversionSoftwareVersion": "v1.0.20170724 (OpenJPEG build) GCC6.1.0",
    "DeviceSerialNumber": "35353",
    "EchoTime": 0.025,
    "EffectiveEchoSpacing": 0.000300002,
    "FlipAngle": 90,
    "ImageType": [
      "ORIGINAL",
      "PRIMARY",
      "M",
      "ND",
      "NORM",
      "MOSAIC"
    ],
    "InstitutionAddress": "De_Pintelaan_185_Gent_9C4B6E_District_BE_9000",
    "InstitutionName": "UZ_Gent",
    "MagneticFieldStrength": 3,
    "Manufacturer": "Siemens",
    "ManufacturersModelName": "TrioTim",
    "PhaseEncodingDirection": "j-",
    "PhaseEncodingLines": 64,
    "ProcedureStepDescription": "MR_hersenen_(structuur_alleen)",
    "ProtocolName": "epi_TASK",
    "RepetitionTime": 2,
    "ScanningSequence": "EP",
    "SequenceName": "_epfid2d1_64",
    "SequenceVariant": "SK_OSP",
    "SeriesDescription": "epi_TASK",
    "SliceTiming": [
      0.9675,
      1.9375,
      0.9175,
      1.885,
      0.865,
      1.835,
      0.815,
      1.7825,
      0.765,
      1.7325,
      0.7125,
      1.6825,
      0.6625,
      1.63,
      0.6125,
      1.58,
      0.56,
      1.5275,
      0.51,
      1.4775,
      0.4575,
      1.4275,
      0.4075,
      1.375,
      0.3575,
      1.325,
      0.305,
      1.275,
      0.255,
      1.2225,
      0.2025,
      1.1725,
      0.1525,
      1.12,
      0.1025,
      1.07,
      0.05,
      1.02,
      0
    ],
    "SoftwareVersions": "syngo_MR_B17",
    "TaskName": "cueexposure",
    "TotalReadoutTime": 0.0231001,
    "TrueEchoSpacing": 0.000600004,
    "dataset": "ds001247",
    "modality": "bold",
    "subject_id": "22",
    "task_id": "cueexposure"
  },
  "dummy_trs": 0,
  "dvars_nstd": 25.41427268296594,
  "dvars_std": 1.0309726038476958,
  "dvars_vstd": 0.9616073925050092,
  "efc": 0.6208890790174182,
  "fber": 1124.1431884765625,
  "fd_mean": 0.1923059556780094,
  "fd_num": 111,
  "fd_perc": 22.2,
  "fwhm_avg": 1.7190555555555556,
  "fwhm_x": 1.6134533333333334,
  "fwhm_y": 1.92892,
  "fwhm_z": 1.6147933333333333,
  "gcor": 0.0261442,
  "gsr_x": 0.019059792160987854,
  "gsr_y": 0.057896602898836136,
  "provenance": {
    "md5sum": "50f8f593f641d7bbbd0643eff3ee8f3c",
    "settings": {
      "fd_thres": 0.2,
      "testing": false
    },
    "software": "mriqc",
    "version": "23.0.1",
    "webapi_port": null,
    "webapi_url": "https://mriqc.nimh.nih.gov/api/v1"
  },
  "size_t": 500,
  "size_x": 64,
  "size_y": 64,
  "size_z": 39,
  "snr": 7.178503569590688,
  "spacing_tr": 2.0,
  "spacing_x": 3.0,
  "spacing_y": 3.0,
  "spacing_z": 3.0,
  "summary_bg_k": 12.763914888801567,
  "summary_bg_mad": 18.502877836107793,
  "summary_bg_mean": 53.64591598510742,
  "summary_bg_median": 20.46200180053711,
  "summary_bg_n": 79108.0,
  "summary_bg_p05": 5.61400032043457,
  "summary_bg_p95": 213.16810913085916,
  "summary_bg_stdv": 82.28565979003906,
  "summary_fg_k": 1.9862539926363967,
  "summary_fg_mad": 91.64262570451301,
  "summary_fg_mean": 704.520751953125,
  "summary_fg_median": 704.7960205078125,
  "summary_fg_n": 43650.0,
  "summary_fg_p05": 552.64404296875,
  "summary_fg_p95": 858.2204620361327,
  "summary_fg_stdv": 98.18034362792969,
  "tsnr": 44.91365421121009
}