{
  "bids_meta": {
    "AcquisitionNumber": 1,
    "AcquisitionTime": "13:29:21.195000",
    "BodyPartExamined": "HEAD",
    "ConversionSoftware": "dcm2niix",
    "ConversionSoftwareVersion": "v1.0.20170724 (OpenJPEG build) GCC6.1.0",
    "DeviceSerialNumber": "35353",
    "EchoTime": 0.005,
    "FlipAngle": 40,
    "ImageType": [
      "ORIGINAL",
      "PRIMARY",
      "M",
      "ND",
      "NORM"
    ],
    "InstitutionAddress": "De_Pintelaan_185_Gent_9C4B6E_District_BE_9000",
    "InstitutionName": "UZ_Gent",
    "MagneticFieldStrength": 3,
    "Manufacturer": "Siemens",
    "ManufacturersModelName": "TrioTim",
    "PhaseEncodingDirection": "i-",
    "PhaseEncodingLines": 128,
    "ProcedureStepDescription": "MR_hersenen_(structuur_alleen)",
    "ProtocolName": "localizer",
    "RepetitionTime": 0.02,
    "ScanningSequence": "GR",
    "SequenceName": "_fl2d1",
    "SequenceVariant": "SP",
    "SeriesDescription": "localizer",
    "SoftwareVersions": "syngo_MR_B17",
    "dataset": "ds001247",
    "modality": "T1w",
    "subject_id": "15"
  },
  "cjv": 0.2997748804769404,
  "cnr": 4.395312510566362,
  "efc": 0.5429112418494038,
  "fber": 26880.9955572643,
  "fwhm_avg": 3.8622866666666664,
  "fwhm_x": 3.9508,
  "fwhm_y": 4.02341,
  "fwhm_z": 3.61265,
  "icvs_csf": 0.1873958284020263,
  "icvs_gm": 0.49008513511948326,
  "icvs_wm": 0.32251903647849045,
  "inu_med": 0.4598277509212494,
  "inu_range": 0.17448547780513768,
  "provenance": {
    "md5sum": "31f0c7f6eeec1423d30e766e4adb9e88",
    "settings": {
      "testing": false
    },
    "software": "mriqc",
    "version": "23.0.1",
    "warnings": {
      "large_rot_frame": true,
      "small_air_mask": false
    },
    "webapi_port": null,
    "webapi_url": "https://mriqc.nimh.nih.gov/api/v1"
  },
  "qi_1": 0.0,
  "qi_2": 0.01697665229224077,
  "rpve_csf": 22.967505243193884,
  "rpve_gm": 9.911885253055624,
  "rpve_wm": 16.520407691996837,
  "size_x": 176,
  "size_y": 256,
  "size_z": 256,
  "snr_csf": 2.346194819939577,
  "snr_gm": 11.622463822611397,
  "snr_total": 12.863445531053053,
  "snr_wm": 24.621677950608184,
  "snrd_csf": 39.945020310337114,
  "snrd_gm": 110.91257948187041,
  "snrd_total": 104.27184397041974,
  "snrd_wm": 161.95793211905166,
  "spacing_x": 1.0,
  "spacing_y": 1.0,
  "spacing_z": 1.0,
  "summary_bg_k": 16.37186957440506,
  "summary_bg_mad": 4.0450038771797905,
  "summary_bg_mean": 3.1105737353770935,
  "summary_bg_median": 2.7283136546611786,
  "summary_bg_n": 2938524.0,
  "summary_bg_p05": 0.0,
  "summary_bg_p95": 11.03505433537066,
  "summary_bg_stdv": 4.539761764710028,
  "summary_csf_k": 1.477980375180576,
  "summary_csf_mad": 76.00634517432918,
  "summary_csf_mean": 255.14239079512987,
  "summary_csf_median": 246.632246398367,
  "summary_csf_n": 33630.0,
  "summary_csf_p05": 81.47061252081767,
  "summary_csf_p95": 454.0230600619688,
  "summary_csf_stdv": 105.11854234198559,
  "summary_gm_k": 0.14827938646070837,
  "summary_gm_mad": 57.74965356795075,
  "summary_gm_mean": 682.9529147062074,
  "summary_gm_median": 684.8067273199558,
  "summary_gm_n": 85099.0,
  "summary_gm_p05": 582.9578041937202,
  "summary_gm_p95": 776.3051105188204,
  "summary_gm_stdv": 58.920613922436026,
  "summary_wm_k": 0.8638847561839165,
  "summary_wm_mad": 36.73007984903435,
  "summary_wm_mean": 997.3496926536121,
  "summary_wm_median": 999.9756743200123,
  "summary_wm_n": 206189.0,
  "summary_wm_p05": 926.6766047943383,
  "summary_wm_p95": 1060.1203744392842,
  "summary_wm_stdv": 40.613529728656694,
  "tpm_overlap_csf": 0.16121874025745736,
  "tpm_overlap_gm": 0.47933926966318846,
  "tpm_overlap_wm": 0.4825581761534687,
  "wm2max": 0.7746184426272417
}