{
  "aor": 0.0016882399999999997,
  "aqi": 0.014985803519999999,
  "bids_meta": {
    "AccelFactPE": 2,
    "AcquisitionNumber": 1,
    "AcquisitionTime": "11:07:19.547500",
    "BandwidthPerPixelPhaseEncode": 52.083,
    "BodyPartExamined": "HEAD",
    "ConversionSoftware": "dcm2niix",
    "ConversionSoftwareVersion": "v1.0.20170724 (OpenJPEG build) GCC6.1.0",
    "DeviceSerialNumber": "35353",
    "EchoTime": 0.025,
    "EffectiveEchoSpacing": 0.000300002,
    "FlipAngle": 90,
    "ImageType": [
      "ORIGINAL",
      "PRIMARY",
      "M",
      "ND",
      "NORM",
      "MOSAIC"
    ],
    "InstitutionAddress": "De_Pintelaan_185_Gent_9C4B6E_District_BE_9000",
    "InstitutionName": "UZ_Gent",
    "MagneticFieldStrength": 3,
    "Manufacturer": "Siemens",
    "ManufacturersModelName": "TrioTim",
    "PhaseEncodingDirection": "j-",
    "PhaseEncodingLines": 64,
    "ProcedureStepDescription": "MR_hersenen_(structuur_alleen)",
    "ProtocolName": "epi_TASK",
    "RepetitionTime": 2,
    "ScanningSequence": "EP",
    "SequenceName": "_epfid2d1_64",
    "SequenceVariant": "SK_OSP",
    "SeriesDescription": "epi_TASK",
    "SliceTiming": [
      0.97,
      1.9375,
      0.9175,
      1.8875,
      0.8675,
      1.835,
      0.815,
      1.785,
      0.765,
      1.7325,
      0.715,
      1.6825,
      0.6625,
      1.6325,
      0.6125,
      1.58,
      0.56,
      1.53,
      0.51,
      1.4775,
      0.46,
      1.4275,
      0.4075,
      1.3775,
      0.3575,
      1.325,
      0.3075,
      1.275,
      0.255,
      1.225,
      0.205,
      1.1725,
      0.1525,
      1.1225,
      0.1025,
      1.07,
      0.0525,
      1.02,
      0
    ],
    "SoftwareVersions": "syngo_MR_B17",
    "TaskName": "cueexposure",
    "TotalReadoutTime": 0.0231001,
    "TrueEchoSpacing": 0.000600004,
    "dataset": "ds001247",
    "modality": "bold",
    "subject_id": "4",
    "task_id": "cueexposure"
  },
  "dummy_trs": 0,
  "dvars_nstd": 28.304235722024046,
  "dvars_std": 1.1582978504208423,
  "dvars_vstd": 1.0104090349699402,
  "efc": 0.593797025674025,
  "fber": 1791.81884765625,
  "fd_mean": 0.19425908525888919,
  "fd_num": 161,
  "fd_perc": 32.2,
  "fwhm_avg": 1.604568888888889,
  "fwhm_x": 1.4734933333333335,
  "fwhm_y": 1.8051199999999998,
  "fwhm_z": 1.5350933333333332,
  "gcor": 0.0526304,
  "gsr_x": 0.016022734344005585,
  "gsr_y": 0.04584702104330063,
  "provenance": {
    "md5sum": "282d5d7e27a1a5608c0eba7a67ee39cd",
    "settings": {
      "fd_thres": 0.2,
      "testing": false
    },
    "software": "mriqc",
    "version": "23.0.1",
    "webapi_port": null,
    "webapi_url": "https://mriqc.nimh.nih.gov/api/v1"
  },
  "size_t": 500,
  "size_x": 64,
  "size_y": 64,
  "size_z": 39,
  "snr": 7.828130916215893,
  "spacing_tr": 2.0,
  "spacing_x": 3.0,
  "spacing_y": 3.0,
  "spacing_z": 3.0,
  "summary_bg_k": 22.111239173972628,
  "summary_bg_mad": 11.330046447915098,
  "summary_bg_mean": 35.80120086669922,
  "summary_bg_median": 14.766000747680664,
  "summary_bg_n": 82985.0,
  "summary_bg_p05": 5.510000228881836,
  "summary_bg_p95": 131.30079956054698,
  "summary_bg_stdv": 56.321659088134766,
  "summary_fg_k": 2.703551566336537,
  "summary_fg_mad": 74.94407619355755,
  "summary_fg_mean": 638.064453125,
  "summary_fg_median": 636.8360595703125,
  "summary_fg_n": 41314.0,
  "summary_fg_p05": 518.651333618164,
  "summary_fg_p95": 766.3542449951171,
  "summary_fg_stdv": 81.35126495361328,
  "tsnr": 51.679089090786874
}