{
  "bids_meta": {
    "AccelFactPE": 2,
    "AcquisitionNumber": 1,
    "AcquisitionTime": "15:37:31.192500",
    "BodyPartExamined": "HEAD",
    "ConversionSoftware": "dcm2niix",
    "ConversionSoftwareVersion": "v1.0.20170724 (OpenJPEG build) GCC6.1.0",
    "DeviceSerialNumber": "35353",
    "EchoTime": 0.00418,
    "FlipAngle": 9,
    "ImageType": [
      "ORIGINAL",
      "PRIMARY",
      "M",
      "ND",
      "NORM"
    ],
    "InstitutionAddress": "De_Pintelaan_185_Gent_9C4B6E_District_BE_9000",
    "InstitutionName": "UZ_Gent",
    "InversionTime": 0.9,
    "MagneticFieldStrength": 3,
    "Manufacturer": "Siemens",
    "ManufacturersModelName": "TrioTim",
    "PhaseEncodingDirection": "i-",
    "PhaseEncodingLines": 256,
    "ProcedureStepDescription": "MR_hersenen_(structuur_alleen)",
    "ProtocolName": "T1_mprage",
    "RepetitionTime": 2.25,
    "ScanningSequence": "GR_IR",
    "SequenceName": "_tfl3d1_ns",
    "SequenceVariant": "SP_MP",
    "SeriesDescription": "T1_mprage",
    "SoftwareVersions": "syngo_MR_B17",
    "dataset": "ds001247",
    "modality": "T1w",
    "subject_id": "2"
  },
  "cjv": 0.3652486519086455,
  "cnr": 3.6368462949131963,
  "efc": 0.5354241225503308,
  "fber": 19064.32443825511,
  "fwhm_avg": 3.752573333333333,
  "fwhm_x": 3.76032,
  "fwhm_y": 3.99114,
  "fwhm_z": 3.50626,
  "icvs_csf": 0.18894905347218258,
  "icvs_gm": 0.4710303689053116,
  "icvs_wm": 0.3400205776225058,
  "inu_med": 0.5555364489555359,
  "inu_range": 0.2570674940943718,
  "provenance": {
    "md5sum": "a981913e1c9bb6f6d844544654e083cc",
    "settings": {
      "testing": false
    },
    "software": "mriqc",
    "version": "23.0.1",
    "warnings": {
      "large_rot_frame": true,
      "small_air_mask": false
    },
    "webapi_port": null,
    "webapi_url": "https://mriqc.nimh.nih.gov/api/v1"
  },
  "qi_1": 0.0,
  "qi_2": 0.01317596289804569,
  "rpve_csf": 24.05384886931453,
  "rpve_gm": 10.679870907194799,
  "rpve_wm": 16.292398160408926,
  "size_x": 176,
  "size_y": 256,
  "size_z": 256,
  "snr_csf": 2.3666216494817265,
  "snr_gm": 12.231397941947415,
  "snr_total": 12.563504461147744,
  "snr_wm": 23.09249379201409,
  "snrd_csf": 29.20067816263406,
  "snrd_gm": 84.90814533486379,
  "snrd_total": 76.76233765781916,
  "snrd_wm": 116.17818947595966,
  "spacing_x": 1.0,
  "spacing_y": 1.0,
  "spacing_z": 1.0,
  "summary_bg_k": 34.33214234450894,
  "summary_bg_mad": 0.0,
  "summary_bg_mean": 3.388093776761447,
  "summary_bg_median": 0.0,
  "summary_bg_n": 2799868.0,
  "summary_bg_p05": 0.0,
  "summary_bg_p95": 12.204335778951645,
  "summary_bg_stdv": 5.639229340758761,
  "summary_csf_k": 4.476747283862769,
  "summary_csf_mad": 73.41065407940178,
  "summary_csf_mean": 259.6963647503348,
  "summary_csf_median": 251.3512011617422,
  "summary_csf_n": 35253.0,
  "summary_csf_p05": 89.91108516007662,
  "summary_csf_p95": 458.9062716424468,
  "summary_csf_stdv": 106.20524671936481,
  "summary_gm_k": 0.21649994973712028,
  "summary_gm_mad": 58.03060507332993,
  "summary_gm_mean": 728.304776408895,
  "summary_gm_median": 730.8653655052185,
  "summary_gm_n": 42619.0,
  "summary_gm_p05": 624.9782236516476,
  "summary_gm_p95": 822.020130597055,
  "summary_gm_stdv": 59.752515167602745,
  "summary_wm_k": 0.7770955975788807,
  "summary_wm_mad": 40.28108073018819,
  "summary_wm_mean": 1001.1525083496109,
  "summary_wm_median": 1000.029085315764,
  "summary_wm_n": 191681.0,
  "summary_wm_p05": 932.4112535119057,
  "summary_wm_p95": 1073.3422738164663,
  "summary_wm_stdv": 43.30526125687399,
  "tpm_overlap_csf": 0.1637961396574435,
  "tpm_overlap_gm": 0.4682339483636591,
  "tpm_overlap_wm": 0.49500851989891825,
  "wm2max": 0.6439952819836979
}