{
  "bids_meta": {
    "AcquisitionNumber": 1,
    "AcquisitionTime": "14:58:41.772500",
    "BodyPartExamined": "HEAD",
    "ConversionSoftware": "dcm2niix",
    "ConversionSoftwareVersion": "v1.0.20170724 (OpenJPEG build) GCC6.1.0",
    "DeviceSerialNumber": "35353",
    "EchoTime": 0.005,
    "FlipAngle": 40,
    "ImageType": [
      "ORIGINAL",
      "PRIMARY",
      "M",
      "ND",
      "NORM"
    ],
    "InstitutionAddress": "De_Pintelaan_185_Gent_9C4B6E_District_BE_9000",
    "InstitutionName": "UZ_Gent",
    "MagneticFieldStrength": 3,
    "Manufacturer": "Siemens",
    "ManufacturersModelName": "TrioTim",
    "PhaseEncodingDirection": "j-",
    "PhaseEncodingLines": 128,
    "ProcedureStepDescription": "MR_hersenen_(structuur_alleen)",
    "ProtocolName": "localizer",
    "RepetitionTime": 0.02,
    "ScanningSequence": "GR",
    "SequenceName": "_fl2d1",
    "SequenceVariant": "SP",
    "SeriesDescription": "localizer",
    "SoftwareVersions": "syngo_MR_B17",
    "dataset": "ds001247",
    "modality": "T1w",
    "subject_id": "17"
  },
  "cjv": 0.3431110634335094,
  "cnr": 3.851388136019584,
  "efc": 0.4948897805783824,
  "fber": 30710.724240794174,
  "fwhm_avg": 4.017573333333334,
  "fwhm_x": 3.95005,
  "fwhm_y": 4.31975,
  "fwhm_z": 3.78292,
  "icvs_csf": 0.18941612777256067,
  "icvs_gm": 0.4452103202601817,
  "icvs_wm": 0.3653735519672576,
  "inu_med": 0.4509042203426361,
  "inu_range": 0.16453114449977868,
  "provenance": {
    "md5sum": "0f745a42f6147b97342dbec71324d08d",
    "settings": {
      "testing": false
    },
    "software": "mriqc",
    "version": "23.0.1",
    "warnings": {
      "large_rot_frame": true,
      "small_air_mask": false
    },
    "webapi_port": null,
    "webapi_url": "https://mriqc.nimh.nih.gov/api/v1"
  },
  "qi_1": 5.16260401746641e-05,
  "qi_2": 0.013311548695077323,
  "rpve_csf": 25.769772663864714,
  "rpve_gm": 11.94297078886647,
  "rpve_wm": 16.816407528581514,
  "size_x": 176,
  "size_y": 256,
  "size_z": 256,
  "snr_csf": 2.2512094336906063,
  "snr_gm": 10.261400775497883,
  "snr_total": 13.252738977890813,
  "snr_wm": 27.24560672448395,
  "snrd_csf": 36.63673458882287,
  "snrd_gm": 102.23829645636363,
  "snrd_total": 94.91609572232714,
  "snrd_wm": 145.87325612179495,
  "spacing_x": 1.0,
  "spacing_y": 1.0,
  "spacing_z": 1.0,
  "summary_bg_k": 28.90881429944425,
  "summary_bg_mad": 0.0,
  "summary_bg_mean": 2.9888634160289844,
  "summary_bg_median": 0.0,
  "summary_bg_n": 3092420.0,
  "summary_bg_p05": 0.0,
  "summary_bg_p95": 12.122961670160294,
  "summary_bg_stdv": 4.491134485061129,
  "summary_csf_k": 1.2349528538907135,
  "summary_csf_mad": 88.76213460130487,
  "summary_csf_mean": 258.43477183974164,
  "summary_csf_median": 251.1545719821006,
  "summary_csf_n": 27068.0,
  "summary_csf_p05": 77.9898507365957,
  "summary_csf_p95": 464.0628836395217,
  "summary_csf_stdv": 111.56222466656773,
  "summary_gm_k": -0.02400175607503474,
  "summary_gm_mad": 68.36360467284108,
  "summary_gm_mean": 702.3208590613257,
  "summary_gm_median": 700.8707483038306,
  "summary_gm_n": 46845.0,
  "summary_gm_p05": 591.8122002631426,
  "summary_gm_p95": 816.9673490919171,
  "summary_gm_stdv": 68.30093501416505,
  "summary_wm_k": 0.6746261308686208,
  "summary_wm_mad": 34.270956750443546,
  "summary_wm_mean": 998.9926284435594,
  "summary_wm_median": 1000.0000168159604,
  "summary_wm_n": 221506.0,
  "summary_wm_p05": 937.797677770257,
  "summary_wm_p95": 1057.6562452353537,
  "summary_wm_stdv": 36.703082799750625,
  "tpm_overlap_csf": 0.15683932579148716,
  "tpm_overlap_gm": 0.47135707363777024,
  "tpm_overlap_wm": 0.512222517862015,
  "wm2max": 0.8171499277200255
}