{
  "aor": 0.00379276,
  "aqi": 0.015171721079999999,
  "bids_meta": {
    "AccelFactPE": 2,
    "AcquisitionNumber": 1,
    "AcquisitionTime": "15:48:42.400000",
    "BandwidthPerPixelPhaseEncode": 52.083,
    "BodyPartExamined": "HEAD",
    "ConversionSoftware": "dcm2niix",
    "ConversionSoftwareVersion": "v1.0.20170724 (OpenJPEG build) GCC6.1.0",
    "DeviceSerialNumber": "35353",
    "EchoTime": 0.025,
    "EffectiveEchoSpacing": 0.000300002,
    "FlipAngle": 90,
    "ImageType": [
      "ORIGINAL",
      "PRIMARY",
      "M",
      "ND",
      "NORM",
      "MOSAIC"
    ],
    "InstitutionAddress": "De_Pintelaan_185_Gent_9C4B6E_District_BE_9000",
    "InstitutionName": "UZ_Gent",
    "MagneticFieldStrength": 3,
    "Manufacturer": "Siemens",
    "ManufacturersModelName": "TrioTim",
    "PhaseEncodingDirection": "j-",
    "PhaseEncodingLines": 64,
    "ProcedureStepDescription": "MR_hersenen_(structuur_alleen)",
    "ProtocolName": "epi_TASK",
    "RepetitionTime": 2,
    "ScanningSequence": "EP",
    "SequenceName": "_epfid2d1_64",
    "SequenceVariant": "SK_OSP",
    "SeriesDescription": "epi_TASK",
    "SliceTiming": [
      0.97,
      1.9375,
      0.9175,
      1.8875,
      0.8675,
      1.835,
      0.8175,
      1.785,
      0.765,
      1.7325,
      0.715,
      1.6825,
      0.6625,
      1.6325,
      0.6125,
      1.58,
      0.5625,
      1.53,
      0.51,
      1.48,
      0.46,
      1.4275,
      0.4075,
      1.3775,
      0.3575,
      1.325,
      0.3075,
      1.275,
      0.255,
      1.225,
      0.205,
      1.1725,
      0.1525,
      1.1225,
      0.1025,
      1.07,
      0.0525,
      1.02,
      0
    ],
    "SoftwareVersions": "syngo_MR_B17",
    "TaskName": "cueexposure",
    "TotalReadoutTime": 0.0231001,
    "TrueEchoSpacing": 0.000600004,
    "dataset": "ds001247",
    "modality": "bold",
    "subject_id": "18",
    "task_id": "cueexposure"
  },
  "dummy_trs": 0,
  "dvars_nstd": 26.626807700220468,
  "dvars_std": 1.1301069144488973,
  "dvars_vstd": 1.00777790480962,
  "efc": 0.6072672155808391,
  "fber": 1441.8233642578125,
  "fd_mean": 0.11603761040222448,
  "fd_num": 65,
  "fd_perc": 13.0,
  "fwhm_avg": 1.6937500000000003,
  "fwhm_x": 1.5244766666666667,
  "fwhm_y": 1.8573633333333335,
  "fwhm_z": 1.69941,
  "gcor": 0.0232276,
  "gsr_x": 0.0149844316765666,
  "gsr_y": 0.0530676506459713,
  "provenance": {
    "md5sum": "ce3c9f9d0d39bdf2693d85e657bb7560",
    "settings": {
      "fd_thres": 0.2,
      "testing": false
    },
    "software": "mriqc",
    "version": "23.0.1",
    "webapi_port": null,
    "webapi_url": "https://mriqc.nimh.nih.gov/api/v1"
  },
  "size_t": 500,
  "size_x": 64,
  "size_y": 64,
  "size_z": 39,
  "snr": 7.539491862049333,
  "spacing_tr": 2.0,
  "spacing_x": 3.0,
  "spacing_y": 3.0,
  "spacing_z": 3.0,
  "summary_bg_k": 17.2139209191425,
  "summary_bg_mad": 13.144750822472055,
  "summary_bg_mean": 41.8048210144043,
  "summary_bg_median": 16.1560001373291,
  "summary_bg_n": 81107.0,
  "summary_bg_p05": 5.572000026702881,
  "summary_bg_p95": 171.3854125976562,
  "summary_bg_stdv": 68.16250610351562,
  "summary_fg_k": 1.97385113703987,
  "summary_fg_mad": 76.61498988769245,
  "summary_fg_mean": 630.6741333007812,
  "summary_fg_median": 626.4620361328125,
  "summary_fg_n": 42599.0,
  "summary_fg_p05": 507.6446258544922,
  "summary_fg_p95": 768.386065673828,
  "summary_fg_stdv": 83.08977508544922,
  "tsnr": 50.888718355679885
}