{
  "bids_meta": {
    "AcquisitionNumber": 1,
    "AcquisitionTime": "12:55:22.352500",
    "BodyPartExamined": "HEAD",
    "ConversionSoftware": "dcm2niix",
    "ConversionSoftwareVersion": "v1.0.20170724 (OpenJPEG build) GCC6.1.0",
    "DeviceSerialNumber": "35353",
    "EchoTime": 0.005,
    "FlipAngle": 40,
    "ImageType": [
      "ORIGINAL",
      "PRIMARY",
      "M",
      "ND",
      "NORM"
    ],
    "InstitutionAddress": "De_Pintelaan_185_Gent_9C4B6E_District_BE_9000",
    "InstitutionName": "UZ_Gent",
    "MagneticFieldStrength": 3,
    "Manufacturer": "Siemens",
    "ManufacturersModelName": "TrioTim",
    "PhaseEncodingDirection": "i-",
    "PhaseEncodingLines": 128,
    "ProcedureStepDescription": "MR_hersenen_(structuur_alleen)",
    "ProtocolName": "localizer",
    "RepetitionTime": 0.02,
    "ScanningSequence": "GR",
    "SequenceName": "_fl2d1",
    "SequenceVariant": "SP",
    "SeriesDescription": "localizer",
    "SoftwareVersions": "syngo_MR_B17",
    "dataset": "ds001247",
    "modality": "T1w",
    "subject_id": "25"
  },
  "cjv": 0.35011889125059403,
  "cnr": 3.636676224373135,
  "efc": 0.5195711266373214,
  "fber": 23911.25739275302,
  "fwhm_avg": 4.0442834169983914,
  "fwhm_x": 4.211000250995174,
  "fwhm_y": 4.2038,
  "fwhm_z": 3.71805,
  "icvs_csf": 0.218088459387526,
  "icvs_gm": 0.4152496875331802,
  "icvs_wm": 0.3666618530792938,
  "inu_med": 0.4920705258846283,
  "inu_range": 0.20540922284126278,
  "provenance": {
    "md5sum": "b9ef668618b7b5606307f713ac3dd7fa",
    "settings": {
      "testing": false
    },
    "software": "mriqc",
    "version": "23.0.1",
    "warnings": {
      "large_rot_frame": true,
      "small_air_mask": false
    },
    "webapi_port": null,
    "webapi_url": "https://mriqc.nimh.nih.gov/api/v1"
  },
  "qi_1": 0.0,
  "qi_2": 0.006434705120370826,
  "rpve_csf": 23.718563667956946,
  "rpve_gm": 12.707841564962564,
  "rpve_wm": 17.14368903574575,
  "size_x": 176,
  "size_y": 256,
  "size_z": 256,
  "snr_csf": 1.8002897733928098,
  "snr_gm": 9.698744540253744,
  "snr_total": 12.116785495145947,
  "snr_wm": 24.851322171791292,
  "snrd_csf": 31.48895163187002,
  "snrd_gm": 101.12967882845479,
  "snrd_total": 92.41370096167115,
  "snrd_wm": 144.62247242468868,
  "spacing_x": 0.9999999403953552,
  "spacing_y": 1.0,
  "spacing_z": 1.0,
  "summary_bg_k": 21.215016328037315,
  "summary_bg_mad": 4.529976524596452,
  "summary_bg_mean": 3.149845105084182,
  "summary_bg_median": 3.0554227344691753,
  "summary_bg_n": 2855001.0,
  "summary_bg_p05": 0.0,
  "summary_bg_p95": 10.308730617165565,
  "summary_bg_stdv": 4.598581484886447,
  "summary_csf_k": 0.2367187358359999,
  "summary_csf_mad": 117.81878073972163,
  "summary_csf_mean": 228.68061306942465,
  "summary_csf_median": 217.73208094760776,
  "summary_csf_n": 38405.0,
  "summary_csf_p05": 44.39662077650428,
  "summary_csf_p95": 449.44471357241224,
  "summary_csf_stdv": 120.94122260928391,
  "summary_gm_k": 0.28139817793042177,
  "summary_gm_mad": 68.57990547236889,
  "summary_gm_mean": 701.087564032208,
  "summary_gm_median": 699.2667038999498,
  "summary_gm_n": 30030.0,
  "summary_gm_p05": 584.1436890438199,
  "summary_gm_p95": 824.5802177978679,
  "summary_gm_stdv": 72.09748211209867,
  "summary_wm_k": 0.8387258849308616,
  "summary_wm_mad": 36.712505399338205,
  "summary_wm_mean": 999.5968470098377,
  "summary_wm_median": 1000.0000076517463,
  "summary_wm_n": 225063.0,
  "summary_wm_p05": 933.2589475736022,
  "summary_wm_p95": 1064.0576095022261,
  "summary_wm_stdv": 40.239218627336605,
  "tpm_overlap_csf": 0.13895078338115857,
  "tpm_overlap_gm": 0.44769622469179904,
  "tpm_overlap_wm": 0.49430775857734627,
  "wm2max": 0.7749068374132713
}