{
  "aor": 0.00126806,
  "aqi": 0.018003356239999997,
  "bids_meta": {
    "AccelFactPE": 2,
    "AcquisitionNumber": 1,
    "AcquisitionTime": "13:37:53.752500",
    "BandwidthPerPixelPhaseEncode": 52.083,
    "BodyPartExamined": "HEAD",
    "ConversionSoftware": "dcm2niix",
    "ConversionSoftwareVersion": "v1.0.20170724 (OpenJPEG build) GCC6.1.0",
    "DeviceSerialNumber": "35353",
    "EchoTime": 0.025,
    "EffectiveEchoSpacing": 0.000300002,
    "FlipAngle": 90,
    "ImageType": [
      "ORIGINAL",
      "PRIMARY",
      "M",
      "ND",
      "NORM",
      "MOSAIC"
    ],
    "InstitutionAddress": "De_Pintelaan_185_Gent_9C4B6E_District_BE_9000",
    "InstitutionName": "UZ_Gent",
    "MagneticFieldStrength": 3,
    "Manufacturer": "Siemens",
    "ManufacturersModelName": "TrioTim",
    "PhaseEncodingDirection": "j-",
    "PhaseEncodingLines": 64,
    "ProcedureStepDescription": "MR_hersenen_(structuur_alleen)",
    "ProtocolName": "epi_TASK",
    "RepetitionTime": 2,
    "ScanningSequence": "EP",
    "SequenceName": "_epfid2d1_64",
    "SequenceVariant": "SK_OSP",
    "SeriesDescription": "epi_TASK",
    "SliceTiming": [
      0.9675,
      1.935,
      0.9175,
      1.885,
      0.865,
      1.835,
      0.815,
      1.7825,
      0.765,
      1.7325,
      0.7125,
      1.68,
      0.6625,
      1.63,
      0.61,
      1.58,
      0.56,
      1.5275,
      0.51,
      1.4775,
      0.4575,
      1.4275,
      0.4075,
      1.375,
      0.355,
      1.325,
      0.305,
      1.2725,
      0.255,
      1.2225,
      0.2025,
      1.1725,
      0.1525,
      1.12,
      0.1,
      1.07,
      0.05,
      1.0175,
      0
    ],
    "SoftwareVersions": "syngo_MR_B17",
    "TaskName": "cueexposure",
    "TotalReadoutTime": 0.0231001,
    "TrueEchoSpacing": 0.000600004,
    "dataset": "ds001247",
    "modality": "bold",
    "subject_id": "15",
    "task_id": "cueexposure"
  },
  "dummy_trs": 0,
  "dvars_nstd": 24.458181442444896,
  "dvars_std": 0.9854233706613225,
  "dvars_vstd": 0.9382933822044084,
  "efc": 0.6253857020936379,
  "fber": 1197.05126953125,
  "fd_mean": 0.11634618631115337,
  "fd_num": 34,
  "fd_perc": 6.8,
  "fwhm_avg": 1.7428855555555554,
  "fwhm_x": 1.5667099999999998,
  "fwhm_y": 1.9399199999999999,
  "fwhm_z": 1.7220266666666666,
  "gcor": 0.0151247,
  "gsr_x": -0.000739282404538244,
  "gsr_y": 0.06549420207738876,
  "provenance": {
    "md5sum": "6c057a7fd00a6395b9b5cd0ae39007ac",
    "settings": {
      "fd_thres": 0.2,
      "testing": false
    },
    "software": "mriqc",
    "version": "23.0.1",
    "webapi_port": null,
    "webapi_url": "https://mriqc.nimh.nih.gov/api/v1"
  },
  "size_t": 500,
  "size_x": 64,
  "size_y": 64,
  "size_z": 39,
  "snr": 6.980686432133109,
  "spacing_tr": 2.0,
  "spacing_x": 3.0,
  "spacing_y": 3.0,
  "spacing_z": 3.0,
  "summary_bg_k": 10.460551753078114,
  "summary_bg_mad": 17.90242291959087,
  "summary_bg_mean": 65.23125457763672,
  "summary_bg_median": 21.67300033569336,
  "summary_bg_n": 80254.0,
  "summary_bg_p05": 7.079300451278686,
  "summary_bg_p95": 278.5487091064453,
  "summary_bg_stdv": 100.65679931640625,
  "summary_fg_k": 2.0394265859673952,
  "summary_fg_mad": 103.57307616783737,
  "summary_fg_mean": 767.9434814453125,
  "summary_fg_median": 768.6170654296875,
  "summary_fg_n": 43794.0,
  "summary_fg_p05": 588.8639343261718,
  "summary_fg_p95": 936.1285522460937,
  "summary_fg_stdv": 110.10497283935547,
  "tsnr": 46.90452270396054
}