{
  "aor": 0.00039274549098196397,
  "aqi": 0.01019819869739479,
  "bids_meta": {
    "AccelFactPE": 2,
    "AcquisitionNumber": 1,
    "AcquisitionTime": "11:16:40.185000",
    "BandwidthPerPixelPhaseEncode": 52.083,
    "BodyPartExamined": "HEAD",
    "ConversionSoftware": "dcm2niix",
    "ConversionSoftwareVersion": "v1.0.20170724 (OpenJPEG build) GCC6.1.0",
    "DeviceSerialNumber": "35353",
    "EchoTime": 0.025,
    "EffectiveEchoSpacing": 0.000300002,
    "FlipAngle": 90,
    "ImageType": [
      "ORIGINAL",
      "PRIMARY",
      "M",
      "ND",
      "NORM",
      "MOSAIC"
    ],
    "InstitutionAddress": "De_Pintelaan_185_Gent_9C4B6E_District_BE_9000",
    "InstitutionName": "UZ_Gent",
    "MagneticFieldStrength": 3,
    "Manufacturer": "Siemens",
    "ManufacturersModelName": "TrioTim",
    "PhaseEncodingDirection": "j-",
    "PhaseEncodingLines": 64,
    "ProcedureStepDescription": "Brain_Research_3T_Psychiatrie",
    "ProtocolName": "epi_TASK",
    "RepetitionTime": 2,
    "ScanningSequence": "EP",
    "SequenceName": "_epfid2d1_64",
    "SequenceVariant": "SK_OSP",
    "SeriesDescription": "epi_TASK",
    "SliceTiming": [
      0.9675,
      1.935,
      0.9175,
      1.885,
      0.865,
      1.835,
      0.815,
      1.7825,
      0.765,
      1.7325,
      0.7125,
      1.68,
      0.6625,
      1.63,
      0.61,
      1.58,
      0.56,
      1.5275,
      0.51,
      1.4775,
      0.4575,
      1.4275,
      0.4075,
      1.375,
      0.355,
      1.325,
      0.305,
      1.2725,
      0.255,
      1.2225,
      0.2025,
      1.1725,
      0.1525,
      1.12,
      0.1025,
      1.07,
      0.05,
      1.0175,
      0
    ],
    "SoftwareVersions": "syngo_MR_B17",
    "TaskName": "cueexposure",
    "TotalReadoutTime": 0.0231001,
    "TrueEchoSpacing": 0.000600004,
    "dataset": "ds001247",
    "modality": "bold",
    "subject_id": "21",
    "task_id": "cueexposure"
  },
  "dummy_trs": 1,
  "dvars_nstd": 23.604239697489962,
  "dvars_std": 1.12384064491968,
  "dvars_vstd": 0.9829112976506013,
  "efc": 0.5821189286225972,
  "fber": 1777.01904296875,
  "fd_mean": 0.07219080602588676,
  "fd_num": 10,
  "fd_perc": 2.004008016032064,
  "fwhm_avg": 1.6349855555555555,
  "fwhm_x": 1.48851,
  "fwhm_y": 1.81074,
  "fwhm_z": 1.6057066666666666,
  "gcor": 0.0190923,
  "gsr_x": 0.021733207628130913,
  "gsr_y": 0.03476643189787865,
  "provenance": {
    "md5sum": "7bef89ba8f3ab8d8e456e45e3c796e74",
    "settings": {
      "fd_thres": 0.2,
      "testing": false
    },
    "software": "mriqc",
    "version": "23.0.1",
    "webapi_port": null,
    "webapi_url": "https://mriqc.nimh.nih.gov/api/v1"
  },
  "size_t": 499,
  "size_x": 64,
  "size_y": 64,
  "size_z": 39,
  "snr": 8.022131456943317,
  "spacing_tr": 2.0,
  "spacing_x": 3.0,
  "spacing_y": 3.0,
  "spacing_z": 3.0,
  "summary_bg_k": 16.860954812019116,
  "summary_bg_mad": 10.624821498716667,
  "summary_bg_mean": 40.26803207397461,
  "summary_bg_median": 14.352705955505371,
  "summary_bg_n": 86983.0,
  "summary_bg_p05": 5.809619426727295,
  "summary_bg_p95": 162.71623535156243,
  "summary_bg_stdv": 66.92263793945312,
  "summary_fg_k": 3.6214391702107367,
  "summary_fg_mad": 70.23493193995456,
  "summary_fg_mean": 615.6255493164062,
  "summary_fg_median": 615.1964111328125,
  "summary_fg_n": 37503.0,
  "summary_fg_p05": 503.6396820068359,
  "summary_fg_p95": 732.7138488769532,
  "summary_fg_stdv": 76.6863784790039,
  "tsnr": 63.75120542244986
}