{
  "bids_meta": {
    "AcquisitionNumber": 1,
    "AcquisitionTime": "16:09:54.202500",
    "BodyPartExamined": "HEAD",
    "ConversionSoftware": "dcm2niix",
    "ConversionSoftwareVersion": "v1.0.20170724 (OpenJPEG build) GCC6.1.0",
    "DeviceSerialNumber": "35353",
    "EchoTime": 0.005,
    "FlipAngle": 40,
    "ImageType": [
      "ORIGINAL",
      "PRIMARY",
      "M",
      "ND",
      "NORM"
    ],
    "InstitutionAddress": "De_Pintelaan_185_Gent_9C4B6E_District_BE_9000",
    "InstitutionName": "UZ_Gent",
    "MagneticFieldStrength": 3,
    "Manufacturer": "Siemens",
    "ManufacturersModelName": "TrioTim",
    "PhaseEncodingDirection": "i-",
    "PhaseEncodingLines": 128,
    "ProcedureStepDescription": "MR_hersenen_(structuur_alleen)",
    "ProtocolName": "localizer",
    "RepetitionTime": 0.02,
    "ScanningSequence": "GR",
    "SequenceName": "_fl2d1",
    "SequenceVariant": "SP",
    "SeriesDescription": "localizer",
    "SoftwareVersions": "syngo_MR_B17",
    "dataset": "ds001247",
    "modality": "T1w",
    "subject_id": "43"
  },
  "cjv": 0.3424882903730953,
  "cnr": 3.939886215464071,
  "efc": 0.49251947805460633,
  "fber": 17971.17301530794,
  "fwhm_avg": 4.205496666666666,
  "fwhm_x": 4.18973,
  "fwhm_y": 4.47643,
  "fwhm_z": 3.95033,
  "icvs_csf": 0.20008402258252062,
  "icvs_gm": 0.44364561620161946,
  "icvs_wm": 0.3562703612158599,
  "inu_med": 0.5281276702880859,
  "inu_range": 0.20479996055364602,
  "provenance": {
    "md5sum": "ebd62a303f2209bfc1060fdf02492a8b",
    "settings": {
      "testing": false
    },
    "software": "mriqc",
    "version": "23.0.1",
    "warnings": {
      "large_rot_frame": true,
      "small_air_mask": false
    },
    "webapi_port": null,
    "webapi_url": "https://mriqc.nimh.nih.gov/api/v1"
  },
  "qi_1": 0.0,
  "qi_2": 0.013271837264159012,
  "rpve_csf": 26.965138741502923,
  "rpve_gm": 12.737240388802507,
  "rpve_wm": 17.98458255275113,
  "size_x": 176,
  "size_y": 256,
  "size_z": 256,
  "snr_csf": 1.9807456139249608,
  "snr_gm": 11.127158263870548,
  "snr_total": 12.51248712760453,
  "snr_wm": 24.429557505018078,
  "snrd_csf": 27.710960539870587,
  "snrd_gm": 78.29181019999582,
  "snrd_total": 72.47423237502574,
  "snrd_wm": 111.41992638521081,
  "spacing_x": 1.0,
  "spacing_y": 1.0,
  "spacing_z": 1.0,
  "summary_bg_k": 13.899826190107984,
  "summary_bg_mad": 5.87988544308099,
  "summary_bg_mean": 4.15162964653619,
  "summary_bg_median": 3.965922463685274,
  "summary_bg_n": 3459024.0,
  "summary_bg_p05": 0.0,
  "summary_bg_p95": 14.101057648658752,
  "summary_bg_stdv": 5.636213064922904,
  "summary_csf_k": 0.18374693032129263,
  "summary_csf_mad": 122.12739838814146,
  "summary_csf_mean": 253.04752463341006,
  "summary_csf_median": 248.70740427821875,
  "summary_csf_n": 33709.0,
  "summary_csf_p05": 56.028202390670785,
  "summary_csf_p95": 475.9341974049805,
  "summary_csf_stdv": 125.5606542641312,
  "summary_gm_k": -0.008960287433157799,
  "summary_gm_mad": 63.28498925034577,
  "summary_gm_mean": 702.3932994378064,
  "summary_gm_median": 702.6733289547265,
  "summary_gm_n": 35973.0,
  "summary_gm_p05": 597.2620475903153,
  "summary_gm_p95": 805.2408970266581,
  "summary_gm_stdv": 63.148518745488964,
  "summary_wm_k": 0.6240001783270399,
  "summary_wm_mad": 38.545915682419825,
  "summary_wm_mean": 999.2687921058749,
  "summary_wm_median": 1000.0000049173832,
  "summary_wm_n": 187032.0,
  "summary_wm_p05": 930.9635768458247,
  "summary_wm_p95": 1064.6592296771705,
  "summary_wm_stdv": 40.933910954754936,
  "tpm_overlap_csf": 0.13837165213459068,
  "tpm_overlap_gm": 0.4780861146845241,
  "tpm_overlap_wm": 0.5085886473470443,
  "wm2max": 0.6380864903368512
}