{
  "bids_meta": {
    "AcquisitionNumber": 1,
    "AcquisitionTime": "14:08:33.200000",
    "BodyPartExamined": "HEAD",
    "ConversionSoftware": "dcm2niix",
    "ConversionSoftwareVersion": "v1.0.20170724 (OpenJPEG build) GCC6.1.0",
    "DeviceSerialNumber": "35353",
    "EchoTime": 0.005,
    "FlipAngle": 40,
    "ImageType": [
      "ORIGINAL",
      "PRIMARY",
      "M",
      "ND",
      "NORM"
    ],
    "InstitutionAddress": "De_Pintelaan_185_Gent_9C4B6E_District_BE_9000",
    "InstitutionName": "UZ_Gent",
    "MagneticFieldStrength": 3,
    "Manufacturer": "Siemens",
    "ManufacturersModelName": "TrioTim",
    "PhaseEncodingDirection": "i-",
    "PhaseEncodingLines": 128,
    "ProcedureStepDescription": "MR_hersenen_(structuur_alleen)",
    "ProtocolName": "localizer",
    "RepetitionTime": 0.02,
    "ScanningSequence": "GR",
    "SequenceName": "_fl2d1",
    "SequenceVariant": "SP",
    "SeriesDescription": "localizer",
    "SoftwareVersions": "syngo_MR_B17",
    "dataset": "ds001247",
    "modality": "T1w",
    "subject_id": "16"
  },
  "cjv": 0.32702291439893,
  "cnr": 4.0084562536998165,
  "efc": 0.4639939615650814,
  "fber": 32394.627088438403,
  "fwhm_avg": 3.89716,
  "fwhm_x": 3.90304,
  "fwhm_y": 4.0768,
  "fwhm_z": 3.71164,
  "icvs_csf": 0.19830929042420928,
  "icvs_gm": 0.4716664758450227,
  "icvs_wm": 0.33002423373076806,
  "inu_med": 0.4601266384124756,
  "inu_range": 0.17586021721363077,
  "provenance": {
    "md5sum": "0467d5e770adc1ad0f3ae129376d8f46",
    "settings": {
      "testing": false
    },
    "software": "mriqc",
    "version": "23.0.1",
    "warnings": {
      "large_rot_frame": true,
      "small_air_mask": false
    },
    "webapi_port": null,
    "webapi_url": "https://mriqc.nimh.nih.gov/api/v1"
  },
  "qi_1": 0.0,
  "qi_2": 0.01257653682141588,
  "rpve_csf": 26.994571543010625,
  "rpve_gm": 12.504571287373363,
  "rpve_wm": 20.065178160406504,
  "size_x": 176,
  "size_y": 256,
  "size_z": 256,
  "snr_csf": 2.057241070048334,
  "snr_gm": 11.585024517325948,
  "snr_total": 13.987140324751941,
  "snr_wm": 28.31915538688154,
  "snrd_csf": 41.41754679005171,
  "snrd_gm": 121.33346193064176,
  "snrd_total": 110.84286087665477,
  "snrd_wm": 169.77757390927084,
  "spacing_x": 1.0,
  "spacing_y": 1.0,
  "spacing_z": 1.0,
  "summary_bg_k": 34.30375694777755,
  "summary_bg_mad": 0.0,
  "summary_bg_mean": 2.432528473136817,
  "summary_bg_median": 0.0,
  "summary_bg_n": 3131861.0,
  "summary_bg_p05": 0.0,
  "summary_bg_p95": 9.010565858334303,
  "summary_bg_stdv": 3.858792348875826,
  "summary_csf_k": 0.9782288294284656,
  "summary_csf_mad": 100.7970408260513,
  "summary_csf_mean": 261.66492694781584,
  "summary_csf_median": 243.95181318372488,
  "summary_csf_n": 23127.0,
  "summary_csf_p05": 88.12580274268984,
  "summary_csf_p95": 484.7709118265659,
  "summary_csf_stdv": 118.57946183396267,
  "summary_gm_k": 0.08984916803600651,
  "summary_gm_mad": 60.555084984278096,
  "summary_gm_mean": 713.3523945994026,
  "summary_gm_median": 714.6613049749285,
  "summary_gm_n": 52668.0,
  "summary_gm_p05": 608.818014241755,
  "summary_gm_p95": 812.9579382207241,
  "summary_gm_stdv": 61.68778661507894,
  "summary_wm_k": 0.7147304771051726,
  "summary_wm_mad": 32.757208256832214,
  "summary_wm_mean": 999.8331433119416,
  "summary_wm_median": 1000.000004902482,
  "summary_wm_n": 174174.0,
  "summary_wm_p05": 941.3449241369963,
  "summary_wm_p95": 1057.0751508325338,
  "summary_wm_stdv": 35.311686402520905,
  "tpm_overlap_csf": 0.13678286068915066,
  "tpm_overlap_gm": 0.46585714388631927,
  "tpm_overlap_wm": 0.4826214112259988,
  "wm2max": 0.815381171021437
}