{
  "bids_meta": {
    "AccelFactPE": 2,
    "AcquisitionNumber": 1,
    "AcquisitionTime": "10:59:51.207500",
    "BodyPartExamined": "HEAD",
    "ConversionSoftware": "dcm2niix",
    "ConversionSoftwareVersion": "v1.0.20170724 (OpenJPEG build) GCC6.1.0",
    "DeviceSerialNumber": "35353",
    "EchoTime": 0.00418,
    "FlipAngle": 9,
    "ImageType": [
      "ORIGINAL",
      "PRIMARY",
      "M",
      "ND",
      "NORM"
    ],
    "InstitutionAddress": "De_Pintelaan_185_Gent_9C4B6E_District_BE_9000",
    "InstitutionName": "UZ_Gent",
    "InversionTime": 0.9,
    "MagneticFieldStrength": 3,
    "Manufacturer": "Siemens",
    "ManufacturersModelName": "TrioTim",
    "PhaseEncodingDirection": "i-",
    "PhaseEncodingLines": 256,
    "ProcedureStepDescription": "MR_hersenen_(structuur_alleen)",
    "ProtocolName": "T1_mprage",
    "RepetitionTime": 2.25,
    "ScanningSequence": "GR_IR",
    "SequenceName": "_tfl3d1_ns",
    "SequenceVariant": "SP_MP",
    "SeriesDescription": "T1_mprage",
    "SoftwareVersions": "syngo_MR_B17",
    "dataset": "ds001247",
    "modality": "T1w",
    "subject_id": "4"
  },
  "cjv": 0.33352688283988696,
  "cnr": 3.8673421160561396,
  "efc": 0.5327558448673547,
  "fber": 24196.913584183676,
  "fwhm_avg": 3.8208366666666667,
  "fwhm_x": 3.88291,
  "fwhm_y": 4.03784,
  "fwhm_z": 3.54176,
  "icvs_csf": 0.18851455524423535,
  "icvs_gm": 0.44463566116684167,
  "icvs_wm": 0.36684978358892295,
  "inu_med": 0.5396966934204102,
  "inu_range": 0.23441245555877677,
  "provenance": {
    "md5sum": "2fd54f86fb457e5d104a7df8be36e423",
    "settings": {
      "testing": false
    },
    "software": "mriqc",
    "version": "23.0.1",
    "warnings": {
      "large_rot_frame": true,
      "small_air_mask": false
    },
    "webapi_port": null,
    "webapi_url": "https://mriqc.nimh.nih.gov/api/v1"
  },
  "qi_1": 2.083239531553351e-05,
  "qi_2": 0.01775766774328288,
  "rpve_csf": 24.455319866829818,
  "rpve_gm": 11.177348229300867,
  "rpve_wm": 15.427867489187234,
  "size_x": 176,
  "size_y": 256,
  "size_z": 256,
  "snr_csf": 2.2071571458930532,
  "snr_gm": 11.386683667201613,
  "snr_total": 12.491268205845245,
  "snr_wm": 23.879963804441065,
  "snrd_csf": 33.07139592501821,
  "snrd_gm": 85.56361858815053,
  "snrd_total": 79.77022447899664,
  "snrd_wm": 120.67565892382117,
  "spacing_x": 1.0,
  "spacing_y": 1.0,
  "spacing_z": 1.0,
  "summary_bg_k": 19.868584598393454,
  "summary_bg_mad": 0.0,
  "summary_bg_mean": 2.4405330369021367,
  "summary_bg_median": 0.0,
  "summary_bg_n": 2747642.0,
  "summary_bg_p05": 0.0,
  "summary_bg_p95": 13.305724617093801,
  "summary_bg_stdv": 5.428902491889833,
  "summary_csf_k": 1.6188032284125144,
  "summary_csf_mad": 104.6047786123207,
  "summary_csf_mean": 281.31642034604585,
  "summary_csf_median": 274.05191307887435,
  "summary_csf_n": 35851.0,
  "summary_csf_p05": 80.63959328457713,
  "summary_csf_p95": 501.6679975949228,
  "summary_csf_stdv": 124.1633797875939,
  "summary_gm_k": 0.3517463788680524,
  "summary_gm_mad": 58.783337546271525,
  "summary_gm_mean": 710.1505709865743,
  "summary_gm_median": 709.0379074774683,
  "summary_gm_n": 38129.0,
  "summary_gm_p05": 608.8960330970585,
  "summary_gm_p95": 815.1846131980418,
  "summary_gm_stdv": 62.26822754166027,
  "summary_wm_k": 1.0117491594288088,
  "summary_wm_mad": 38.260334785919476,
  "summary_wm_mean": 1000.6596172637334,
  "summary_wm_median": 999.9999777786434,
  "summary_wm_n": 223771.0,
  "summary_wm_p05": 934.2382552474737,
  "summary_wm_p95": 1069.6537206228822,
  "summary_wm_stdv": 41.87601587415567,
  "tpm_overlap_csf": 0.15872573038748616,
  "tpm_overlap_gm": 0.47449477876113144,
  "tpm_overlap_wm": 0.517720032047677,
  "wm2max": 0.53137142177764
}