{
  "bids_meta": {
    "AcquisitionNumber": 1,
    "AcquisitionTime": "11:52:1.765000",
    "BodyPartExamined": "HEAD",
    "ConversionSoftware": "dcm2niix",
    "ConversionSoftwareVersion": "v1.0.20170724 (OpenJPEG build) GCC6.1.0",
    "DeviceSerialNumber": "35353",
    "EchoTime": 0.005,
    "FlipAngle": 40,
    "ImageType": [
      "ORIGINAL",
      "PRIMARY",
      "M",
      "ND",
      "NORM"
    ],
    "InstitutionAddress": "De_Pintelaan_185_Gent_9C4B6E_District_BE_9000",
    "InstitutionName": "UZ_Gent",
    "MagneticFieldStrength": 3,
    "Manufacturer": "Siemens",
    "ManufacturersModelName": "TrioTim",
    "PhaseEncodingDirection": "j-",
    "PhaseEncodingLines": 128,
    "ProcedureStepDescription": "MR_hersenen_(structuur_alleen)",
    "ProtocolName": "localizer",
    "RepetitionTime": 0.02,
    "ScanningSequence": "GR",
    "SequenceName": "_fl2d1",
    "SequenceVariant": "SP",
    "SeriesDescription": "localizer",
    "SoftwareVersions": "syngo_MR_B17",
    "dataset": "ds001247",
    "modality": "T1w",
    "subject_id": "24"
  },
  "cjv": 0.33104310513652296,
  "cnr": 3.9722790122303766,
  "efc": 0.5147830052528142,
  "fber": 34842.437304890744,
  "fwhm_avg": 3.9893233333333336,
  "fwhm_x": 4.05606,
  "fwhm_y": 4.19608,
  "fwhm_z": 3.71583,
  "icvs_csf": 0.210844526632782,
  "icvs_gm": 0.4375887539759347,
  "icvs_wm": 0.35156671939128326,
  "inu_med": 0.4787018597126007,
  "inu_range": 0.16531131267547605,
  "provenance": {
    "md5sum": "8777cca29f2b13fca7d34596c7f86737",
    "settings": {
      "testing": false
    },
    "software": "mriqc",
    "version": "23.0.1",
    "warnings": {
      "large_rot_frame": true,
      "small_air_mask": false
    },
    "webapi_port": null,
    "webapi_url": "https://mriqc.nimh.nih.gov/api/v1"
  },
  "qi_1": 0.0,
  "qi_2": 0.01502299048513758,
  "rpve_csf": 21.67857656988726,
  "rpve_gm": 10.932529306201669,
  "rpve_wm": 15.59571728172486,
  "size_x": 176,
  "size_y": 256,
  "size_z": 256,
  "snr_csf": 2.153383400760768,
  "snr_gm": 11.413059792121711,
  "snr_total": 13.461324473329668,
  "snr_wm": 26.817530227106523,
  "snrd_csf": 43.65398868894033,
  "snrd_gm": 120.8644861656675,
  "snrd_total": 111.49183311633324,
  "snrd_wm": 169.9570244943919,
  "spacing_x": 1.0,
  "spacing_y": 1.0,
  "spacing_z": 1.0,
  "summary_bg_k": 15.814394266175317,
  "summary_bg_mad": 0.0,
  "summary_bg_mean": 2.0303724897176756,
  "summary_bg_median": 0.0,
  "summary_bg_n": 2597100.0,
  "summary_bg_p05": 0.0,
  "summary_bg_p95": 9.616447404026985,
  "summary_bg_stdv": 3.8547179760327217,
  "summary_csf_k": 0.6566060945320107,
  "summary_csf_mad": 107.54478856408396,
  "summary_csf_mean": 268.8540460468309,
  "summary_csf_median": 256.85309948399663,
  "summary_csf_n": 43534.0,
  "summary_csf_p05": 85.00055234134197,
  "summary_csf_p95": 486.5148649290204,
  "summary_csf_stdv": 119.27748182121482,
  "summary_gm_k": 0.17203948959624915,
  "summary_gm_mad": 61.1264093476622,
  "summary_gm_mean": 712.3157183633965,
  "summary_gm_median": 711.1473389156163,
  "summary_gm_n": 49528.0,
  "summary_gm_p05": 611.8699545303359,
  "summary_gm_p95": 816.5413917861879,
  "summary_gm_stdv": 62.309334445509705,
  "summary_wm_k": 0.9881030230244785,
  "summary_wm_mad": 34.49627122703188,
  "summary_wm_mean": 1000.528044955952,
  "summary_wm_median": 999.9999961405993,
  "summary_wm_n": 221901.0,
  "summary_wm_p05": 940.8920047692955,
  "summary_wm_p95": 1061.622633241117,
  "summary_wm_stdv": 37.28895742495378,
  "tpm_overlap_csf": 0.1590289838313925,
  "tpm_overlap_gm": 0.47915830334056486,
  "tpm_overlap_wm": 0.5196965979223109,
  "wm2max": 0.662007902824528
}