{
  "bids_meta": {
    "AccelFactPE": 2,
    "AcquisitionNumber": 1,
    "AcquisitionTime": "12:37:5.192500",
    "BodyPartExamined": "HEAD",
    "ConversionSoftware": "dcm2niix",
    "ConversionSoftwareVersion": "v1.0.20170724 (OpenJPEG build) GCC6.1.0",
    "DeviceSerialNumber": "35353",
    "EchoTime": 0.00418,
    "FlipAngle": 9,
    "ImageType": [
      "ORIGINAL",
      "PRIMARY",
      "M",
      "ND",
      "NORM"
    ],
    "InstitutionAddress": "De_Pintelaan_185_Gent_9C4B6E_District_BE_9000",
    "InstitutionName": "UZ_Gent",
    "InversionTime": 0.9,
    "MagneticFieldStrength": 3,
    "Manufacturer": "Siemens",
    "ManufacturersModelName": "TrioTim",
    "PhaseEncodingDirection": "i-",
    "PhaseEncodingLines": 256,
    "ProcedureStepDescription": "MR_hersenen_(structuur_alleen)",
    "ProtocolName": "T1_mprage",
    "RepetitionTime": 2.25,
    "ScanningSequence": "GR_IR",
    "SequenceName": "_tfl3d1_ns",
    "SequenceVariant": "SP_MP",
    "SeriesDescription": "T1_mprage",
    "SoftwareVersions": "syngo_MR_B17",
    "dataset": "ds001247",
    "modality": "T1w",
    "subject_id": "6"
  },
  "cjv": 0.34757745011750096,
  "cnr": 3.8362753208675686,
  "efc": 0.5290252749059792,
  "fber": 15864.083318115412,
  "fwhm_avg": 3.926546666666667,
  "fwhm_x": 3.9475,
  "fwhm_y": 4.22021,
  "fwhm_z": 3.61193,
  "icvs_csf": 0.22245967137781783,
  "icvs_gm": 0.43362144864040403,
  "icvs_wm": 0.34391887998177817,
  "inu_med": 0.6028517484664917,
  "inu_range": 0.27450832128524777,
  "provenance": {
    "md5sum": "1a4f555134c30dae98ca1846fa011212",
    "settings": {
      "testing": false
    },
    "software": "mriqc",
    "version": "23.0.1",
    "warnings": {
      "large_rot_frame": true,
      "small_air_mask": false
    },
    "webapi_port": null,
    "webapi_url": "https://mriqc.nimh.nih.gov/api/v1"
  },
  "qi_1": 0.0,
  "qi_2": 0.01493029072275962,
  "rpve_csf": 23.139685495091793,
  "rpve_gm": 12.016944388973943,
  "rpve_wm": 16.82195056354153,
  "size_x": 176,
  "size_y": 256,
  "size_z": 256,
  "snr_csf": 2.6061359077164505,
  "snr_gm": 13.627934310688612,
  "snr_total": 12.362310892114493,
  "snr_wm": 20.852862457938414,
  "snrd_csf": 31.481533794048076,
  "snrd_gm": 86.2687874493271,
  "snrd_total": 78.93986496318755,
  "snrd_wm": 119.06927364618747,
  "spacing_x": 1.0,
  "spacing_y": 1.0,
  "spacing_z": 1.0,
  "summary_bg_k": 25.135908394762986,
  "summary_bg_mad": 0.0,
  "summary_bg_mean": 3.641416441379089,
  "summary_bg_median": 0.0,
  "summary_bg_n": 3141585.0,
  "summary_bg_p05": 0.0,
  "summary_bg_p95": 13.846973441541195,
  "summary_bg_stdv": 5.502340379861655,
  "summary_csf_k": 2.3296532235059635,
  "summary_csf_mad": 69.74784216877613,
  "summary_csf_mean": 270.681774900219,
  "summary_csf_median": 264.4061826132238,
  "summary_csf_n": 60747.0,
  "summary_csf_p05": 93.49547477848829,
  "summary_csf_p95": 450.5947178117931,
  "summary_csf_stdv": 101.45441975276704,
  "summary_gm_k": 0.27476086840719605,
  "summary_gm_mad": 51.534443383571194,
  "summary_gm_mean": 723.7787770602508,
  "summary_gm_median": 724.5517615936697,
  "summary_gm_n": 28341.0,
  "summary_gm_p05": 634.1203735023737,
  "summary_gm_p95": 808.7697641663253,
  "summary_gm_stdv": 53.16572286116358,
  "summary_wm_k": 0.7148534338278236,
  "summary_wm_mad": 44.21749994095996,
  "summary_wm_mean": 999.2994884654513,
  "summary_wm_median": 1000.0355229601264,
  "summary_wm_n": 183038.0,
  "summary_wm_p05": 919.2260061576962,
  "summary_wm_p95": 1076.2293819487095,
  "summary_wm_stdv": 47.9566195386022,
  "tpm_overlap_csf": 0.15436111474647676,
  "tpm_overlap_gm": 0.4471599140535864,
  "tpm_overlap_wm": 0.4773050247910272,
  "wm2max": 0.561803131544829
}