{
  "bids_meta": {
    "AcquisitionNumber": 1,
    "AcquisitionTime": "14:12:23.772500",
    "BodyPartExamined": "HEAD",
    "ConversionSoftware": "dcm2niix",
    "ConversionSoftwareVersion": "v1.0.20170724 (OpenJPEG build) GCC6.1.0",
    "DeviceSerialNumber": "35353",
    "EchoTime": 0.005,
    "FlipAngle": 40,
    "ImageType": [
      "ORIGINAL",
      "PRIMARY",
      "M",
      "ND",
      "NORM"
    ],
    "InstitutionAddress": "De_Pintelaan_185_Gent_9C4B6E_District_BE_9000",
    "InstitutionName": "UZ_Gent",
    "MagneticFieldStrength": 3,
    "Manufacturer": "Siemens",
    "ManufacturersModelName": "TrioTim",
    "PhaseEncodingDirection": "j-",
    "PhaseEncodingLines": 128,
    "ProcedureStepDescription": "MR_hersenen_(structuur_alleen)",
    "ProtocolName": "localizer",
    "RepetitionTime": 0.02,
    "ScanningSequence": "GR",
    "SequenceName": "_fl2d1",
    "SequenceVariant": "SP",
    "SeriesDescription": "localizer",
    "SoftwareVersions": "syngo_MR_B17",
    "dataset": "ds001247",
    "modality": "T1w",
    "subject_id": "27"
  },
  "cjv": 0.3499202284225418,
  "cnr": 3.7598511725355688,
  "efc": 0.5130263546079363,
  "fber": 15360.610749108204,
  "fwhm_avg": 4.1144,
  "fwhm_x": 4.21736,
  "fwhm_y": 4.27515,
  "fwhm_z": 3.85069,
  "icvs_csf": 0.23934998033598834,
  "icvs_gm": 0.42467702973406746,
  "icvs_wm": 0.33597298992994423,
  "inu_med": 0.5474116206169128,
  "inu_range": 0.21403213739395144,
  "provenance": {
    "md5sum": "e2a6f62d99ac6e1fc7d1013fa52dce24",
    "settings": {
      "testing": false
    },
    "software": "mriqc",
    "version": "23.0.1",
    "warnings": {
      "large_rot_frame": true,
      "small_air_mask": false
    },
    "webapi_port": null,
    "webapi_url": "https://mriqc.nimh.nih.gov/api/v1"
  },
  "qi_1": 0.0,
  "qi_2": 0.009125637426138224,
  "rpve_csf": 21.431335064235423,
  "rpve_gm": 11.889170287510883,
  "rpve_wm": 16.877505689388848,
  "size_x": 176,
  "size_y": 256,
  "size_z": 256,
  "snr_csf": 2.6290277728227394,
  "snr_gm": 11.713621397019377,
  "snr_total": 12.488319417353589,
  "snr_wm": 23.122309082218656,
  "snrd_csf": 22.525416938915644,
  "snrd_gm": 69.2554054065123,
  "snrd_total": 62.780349637557414,
  "snrd_wm": 96.56022656724431,
  "spacing_x": 1.0,
  "spacing_y": 1.0,
  "spacing_z": 1.0,
  "summary_bg_k": 12.931858505193114,
  "summary_bg_mad": 6.7849924143137565,
  "summary_bg_mean": 4.525725084290589,
  "summary_bg_median": 4.576407838612795,
  "summary_bg_n": 3456827.0,
  "summary_bg_p05": 0.0,
  "summary_bg_p95": 15.083840236067772,
  "summary_bg_stdv": 6.084637323292599,
  "summary_csf_k": 2.1285745329911077,
  "summary_csf_mad": 72.57227886349993,
  "summary_csf_mean": 245.78479125192774,
  "summary_csf_median": 233.28696598112583,
  "summary_csf_n": 78063.0,
  "summary_csf_p05": 122.24500618502498,
  "summary_csf_p95": 410.74175633117557,
  "summary_csf_stdv": 88.7345026041581,
  "summary_gm_k": 0.35907509788854686,
  "summary_gm_mad": 58.459494641727325,
  "summary_gm_mean": 717.1074242387305,
  "summary_gm_median": 717.2512477301061,
  "summary_gm_n": 29509.0,
  "summary_gm_p05": 616.9144211500883,
  "summary_gm_p95": 818.1738545134663,
  "summary_gm_stdv": 61.23120000417333,
  "summary_wm_k": 0.5801572353567113,
  "summary_wm_mad": 40.4928347286245,
  "summary_wm_mean": 999.7306065361236,
  "summary_wm_median": 1000.0366408936679,
  "summary_wm_n": 197258.0,
  "summary_wm_p05": 928.5714560858905,
  "summary_wm_p95": 1070.189311933331,
  "summary_wm_stdv": 43.24975081382232,
  "tpm_overlap_csf": 0.15140200186750224,
  "tpm_overlap_gm": 0.4484413384445196,
  "tpm_overlap_wm": 0.49386940067446145,
  "wm2max": 0.5642681894505234
}