{
  "bids_meta": {
    "AcquisitionNumber": 1,
    "AcquisitionTime": "10:55:39.707500",
    "BodyPartExamined": "HEAD",
    "ConversionSoftware": "dcm2niix",
    "ConversionSoftwareVersion": "v1.0.20170724 (OpenJPEG build) GCC6.1.0",
    "DeviceSerialNumber": "35353",
    "EchoTime": 0.005,
    "FlipAngle": 40,
    "ImageType": [
      "ORIGINAL",
      "PRIMARY",
      "M",
      "ND",
      "NORM"
    ],
    "InstitutionAddress": "De_Pintelaan_185_Gent_9C4B6E_District_BE_9000",
    "InstitutionName": "UZ_Gent",
    "MagneticFieldStrength": 3,
    "Manufacturer": "Siemens",
    "ManufacturersModelName": "TrioTim",
    "PhaseEncodingDirection": "i-",
    "PhaseEncodingLines": 128,
    "ProcedureStepDescription": "MR_hersenen_(structuur_alleen)",
    "ProtocolName": "localizer",
    "RepetitionTime": 0.02,
    "ScanningSequence": "GR",
    "SequenceName": "_fl2d1",
    "SequenceVariant": "SP",
    "SeriesDescription": "localizer",
    "SoftwareVersions": "syngo_MR_B17",
    "dataset": "ds001247",
    "modality": "T1w",
    "subject_id": "37"
  },
  "cjv": 0.35041583607406007,
  "cnr": 3.7362746635396817,
  "efc": 0.5607229313997111,
  "fber": 26561.647125332125,
  "fwhm_avg": 3.96574,
  "fwhm_x": 4.02628,
  "fwhm_y": 4.1527,
  "fwhm_z": 3.71824,
  "icvs_csf": 0.20957051920304623,
  "icvs_gm": 0.43356628848432216,
  "icvs_wm": 0.3568631923126316,
  "inu_med": 0.5369963049888611,
  "inu_range": 0.219273829460144,
  "provenance": {
    "md5sum": "f12a7770d50140c24accc16f1e1d7b33",
    "settings": {
      "testing": false
    },
    "software": "mriqc",
    "version": "23.0.1",
    "warnings": {
      "large_rot_frame": true,
      "small_air_mask": false
    },
    "webapi_port": null,
    "webapi_url": "https://mriqc.nimh.nih.gov/api/v1"
  },
  "qi_1": 1.1546798650074267e-05,
  "qi_2": 0.018052586412135016,
  "rpve_csf": 20.410382853911056,
  "rpve_gm": 10.232409423983631,
  "rpve_wm": 14.208754777750716,
  "size_x": 176,
  "size_y": 256,
  "size_z": 256,
  "snr_csf": 2.4609267797598235,
  "snr_gm": 11.408980294725662,
  "snr_total": 12.437280611821201,
  "snr_wm": 23.441934760978118,
  "snrd_csf": 26.294921025614055,
  "snrd_gm": 73.16112463497238,
  "snrd_total": 67.2318777370398,
  "snrd_wm": 102.23958755053296,
  "spacing_x": 1.0,
  "spacing_y": 1.0,
  "spacing_z": 1.0,
  "summary_bg_k": 44.920199531127395,
  "summary_bg_mad": 0.0,
  "summary_bg_mean": 2.8541419752731723,
  "summary_bg_median": 0.0,
  "summary_bg_n": 2624433.0,
  "summary_bg_p05": 0.0,
  "summary_bg_p95": 13.169177956879139,
  "summary_bg_stdv": 6.408050715390571,
  "summary_csf_k": 2.3611180695148857,
  "summary_csf_mad": 78.55267150405083,
  "summary_csf_mean": 265.56191454925914,
  "summary_csf_median": 257.19710809737444,
  "summary_csf_n": 54864.0,
  "summary_csf_p05": 102.26938593350351,
  "summary_csf_p95": 459.26742474734783,
  "summary_csf_stdv": 104.51134355176299,
  "summary_gm_k": 0.25539440253757784,
  "summary_gm_mad": 60.299391767271395,
  "summary_gm_mean": 714.2621129257356,
  "summary_gm_median": 715.6070049777627,
  "summary_gm_n": 35653.0,
  "summary_gm_p05": 607.9872576743364,
  "summary_gm_p95": 815.6008794642985,
  "summary_gm_stdv": 62.7222548117508,
  "summary_wm_k": 1.0142508072350207,
  "summary_wm_mad": 39.367148089024326,
  "summary_wm_mean": 999.7047226372929,
  "summary_wm_median": 1000.0306228511035,
  "summary_wm_n": 234253.0,
  "summary_wm_p05": 930.0808497034013,
  "summary_wm_p95": 1067.8365763314068,
  "summary_wm_stdv": 42.659810230499666,
  "tpm_overlap_csf": 0.16677305738895004,
  "tpm_overlap_gm": 0.45854609750230835,
  "tpm_overlap_wm": 0.4959297295032496,
  "wm2max": 0.6524988509881502
}