{
  "aor": 0.0024199,
  "aqi": 0.01725063286,
  "bids_meta": {
    "AccelFactPE": 2,
    "AcquisitionNumber": 1,
    "AcquisitionTime": "12:56:15.407500",
    "BandwidthPerPixelPhaseEncode": 52.083,
    "BodyPartExamined": "HEAD",
    "ConversionSoftware": "dcm2niix",
    "ConversionSoftwareVersion": "v1.0.20170724 (OpenJPEG build) GCC6.1.0",
    "DeviceSerialNumber": "35353",
    "EchoTime": 0.025,
    "EffectiveEchoSpacing": 0.000300002,
    "FlipAngle": 90,
    "ImageType": [
      "ORIGINAL",
      "PRIMARY",
      "M",
      "ND",
      "NORM",
      "MOSAIC"
    ],
    "InstitutionAddress": "De_Pintelaan_185_Gent_9C4B6E_District_BE_9000",
    "InstitutionName": "UZ_Gent",
    "MagneticFieldStrength": 3,
    "Manufacturer": "Siemens",
    "ManufacturersModelName": "TrioTim",
    "PhaseEncodingDirection": "j-",
    "PhaseEncodingLines": 64,
    "ProcedureStepDescription": "MR_hersenen_(structuur_alleen)",
    "ProtocolName": "epi_TASK",
    "RepetitionTime": 2,
    "ScanningSequence": "EP",
    "SequenceName": "_epfid2d1_64",
    "SequenceVariant": "SK_OSP",
    "SeriesDescription": "epi_TASK",
    "SliceTiming": [
      0.9675,
      1.9375,
      0.9175,
      1.885,
      0.8675,
      1.835,
      0.815,
      1.785,
      0.765,
      1.7325,
      0.715,
      1.6825,
      0.6625,
      1.63,
      0.6125,
      1.58,
      0.56,
      1.53,
      0.51,
      1.4775,
      0.46,
      1.4275,
      0.4075,
      1.3775,
      0.3575,
      1.325,
      0.305,
      1.275,
      0.255,
      1.2225,
      0.205,
      1.1725,
      0.1525,
      1.1225,
      0.1025,
      1.07,
      0.0525,
      1.02,
      0
    ],
    "SoftwareVersions": "syngo_MR_B17",
    "TaskName": "cueexposure",
    "TotalReadoutTime": 0.0231001,
    "TrueEchoSpacing": 0.000600004,
    "dataset": "ds001247",
    "modality": "bold",
    "subject_id": "14",
    "task_id": "cueexposure"
  },
  "dummy_trs": 0,
  "dvars_nstd": 28.04269902264528,
  "dvars_std": 1.1369253737074154,
  "dvars_vstd": 1.0115793662725454,
  "efc": 0.6317679202953578,
  "fber": 1508.96533203125,
  "fd_mean": 0.187120599347211,
  "fd_num": 138,
  "fd_perc": 27.6,
  "fwhm_avg": 1.7983900000000002,
  "fwhm_x": 1.5663633333333333,
  "fwhm_y": 2.020286666666667,
  "fwhm_z": 1.80852,
  "gcor": 0.0235197,
  "gsr_x": 0.002783019095659256,
  "gsr_y": 0.04403344541788101,
  "provenance": {
    "md5sum": "3adf5866c535eded4494cbb02f44ea54",
    "settings": {
      "fd_thres": 0.2,
      "testing": false
    },
    "software": "mriqc",
    "version": "23.0.1",
    "webapi_port": null,
    "webapi_url": "https://mriqc.nimh.nih.gov/api/v1"
  },
  "size_t": 500,
  "size_x": 64,
  "size_y": 64,
  "size_z": 39,
  "snr": 7.509760549301025,
  "spacing_tr": 2.0,
  "spacing_x": 3.0,
  "spacing_y": 3.0,
  "spacing_z": 3.0,
  "summary_bg_k": 13.77637144266734,
  "summary_bg_mad": 15.045448376662431,
  "summary_bg_mean": 49.956790924072266,
  "summary_bg_median": 18.00800132751465,
  "summary_bg_n": 75800.0,
  "summary_bg_p05": 5.654000282287598,
  "summary_bg_p95": 196.18450622558598,
  "summary_bg_stdv": 76.87357330322266,
  "summary_fg_k": 2.0486436832980086,
  "summary_fg_mad": 87.18595094490603,
  "summary_fg_mean": 733.2882690429688,
  "summary_fg_median": 730.2320556640625,
  "summary_fg_n": 47373.0,
  "summary_fg_p05": 581.7168334960937,
  "summary_fg_p95": 886.9260375976563,
  "summary_fg_stdv": 97.23670196533203,
  "tsnr": 46.69416962424293
}