{
  "aor": 0.00123606,
  "aqi": 0.00748698114,
  "bids_meta": {
    "AccelFactPE": 2,
    "AcquisitionNumber": 1,
    "AcquisitionTime": "15:35:47.727500",
    "BandwidthPerPixelPhaseEncode": 52.083,
    "BodyPartExamined": "HEAD",
    "ConversionSoftware": "dcm2niix",
    "ConversionSoftwareVersion": "v1.0.20170724 (OpenJPEG build) GCC6.1.0",
    "DeviceSerialNumber": "35353",
    "EchoTime": 0.025,
    "EffectiveEchoSpacing": 0.000300002,
    "FlipAngle": 90,
    "ImageType": [
      "ORIGINAL",
      "PRIMARY",
      "M",
      "ND",
      "NORM",
      "MOSAIC"
    ],
    "InstitutionAddress": "De_Pintelaan_185_Gent_9C4B6E_District_BE_9000",
    "InstitutionName": "UZ_Gent",
    "MagneticFieldStrength": 3,
    "Manufacturer": "Siemens",
    "ManufacturersModelName": "TrioTim",
    "PhaseEncodingDirection": "j-",
    "PhaseEncodingLines": 64,
    "ProcedureStepDescription": "MR_hersenen_(structuur_alleen)",
    "ProtocolName": "epi_TASK",
    "RepetitionTime": 2,
    "ScanningSequence": "EP",
    "SequenceName": "_epfid2d1_64",
    "SequenceVariant": "SK_OSP",
    "SeriesDescription": "epi_TASK",
    "SliceTiming": [
      0.9675,
      1.935,
      0.9175,
      1.885,
      0.865,
      1.8325,
      0.815,
      1.7825,
      0.7625,
      1.7325,
      0.7125,
      1.68,
      0.6625,
      1.63,
      0.61,
      1.58,
      0.56,
      1.5275,
      0.5075,
      1.4775,
      0.4575,
      1.425,
      0.4075,
      1.375,
      0.355,
      1.325,
      0.305,
      1.2725,
      0.255,
      1.2225,
      0.2025,
      1.17,
      0.1525,
      1.12,
      0.1,
      1.07,
      0.05,
      1.0175,
      0
    ],
    "SoftwareVersions": "syngo_MR_B17",
    "TaskName": "cueexposure",
    "TotalReadoutTime": 0.0231001,
    "TrueEchoSpacing": 0.000600004,
    "dataset": "ds001247",
    "modality": "bold",
    "subject_id": "9",
    "task_id": "cueexposure"
  },
  "dummy_trs": 0,
  "dvars_nstd": 21.131712747154317,
  "dvars_std": 1.0817466774148303,
  "dvars_vstd": 1.0113871231663332,
  "efc": 0.6189967031929403,
  "fber": 1099.957763671875,
  "fd_mean": 0.05715292531717966,
  "fd_num": 12,
  "fd_perc": 2.4,
  "fwhm_avg": 1.8502144444444444,
  "fwhm_x": 1.6612933333333333,
  "fwhm_y": 2.0578133333333333,
  "fwhm_z": 1.8315366666666666,
  "gcor": 0.014836,
  "gsr_x": 0.037131160497665405,
  "gsr_y": 0.04507961496710777,
  "provenance": {
    "md5sum": "4e3158f9df5d47b9c57cb33f90c3abdd",
    "settings": {
      "fd_thres": 0.2,
      "testing": false
    },
    "software": "mriqc",
    "version": "23.0.1",
    "webapi_port": null,
    "webapi_url": "https://mriqc.nimh.nih.gov/api/v1"
  },
  "size_t": 500,
  "size_x": 64,
  "size_y": 64,
  "size_z": 39,
  "snr": 7.116331172295408,
  "spacing_tr": 2.0,
  "spacing_x": 3.0,
  "spacing_y": 3.0,
  "spacing_z": 3.0,
  "summary_bg_k": 8.995280792713334,
  "summary_bg_mad": 22.95957804626861,
  "summary_bg_mean": 73.42308807373047,
  "summary_bg_median": 25.304000854492188,
  "summary_bg_n": 81948.0,
  "summary_bg_p05": 6.656000137329102,
  "summary_bg_p95": 340.83931121826123,
  "summary_bg_stdv": 117.92582702636719,
  "summary_fg_k": 1.7394217338469904,
  "summary_fg_mad": 106.37227512573185,
  "summary_fg_mean": 839.847900390625,
  "summary_fg_median": 842.0430908203125,
  "summary_fg_n": 42742.0,
  "summary_fg_p05": 636.7703063964843,
  "summary_fg_p95": 1020.9791564941405,
  "summary_fg_stdv": 118.32406616210938,
  "tsnr": 61.08093164674938
}