{
  "aor": 0.00246436,
  "aqi": 0.01210331862,
  "bids_meta": {
    "AccelFactPE": 2,
    "AcquisitionNumber": 1,
    "AcquisitionTime": "13:03:32.402500",
    "BandwidthPerPixelPhaseEncode": 52.083,
    "BodyPartExamined": "HEAD",
    "ConversionSoftware": "dcm2niix",
    "ConversionSoftwareVersion": "v1.0.20170724 (OpenJPEG build) GCC6.1.0",
    "DeviceSerialNumber": "35353",
    "EchoTime": 0.025,
    "EffectiveEchoSpacing": 0.000300002,
    "FlipAngle": 90,
    "ImageType": [
      "ORIGINAL",
      "PRIMARY",
      "M",
      "ND",
      "NORM",
      "MOSAIC"
    ],
    "InstitutionAddress": "De_Pintelaan_185_Gent_9C4B6E_District_BE_9000",
    "InstitutionName": "UZ_Gent",
    "MagneticFieldStrength": 3,
    "Manufacturer": "Siemens",
    "ManufacturersModelName": "TrioTim",
    "PhaseEncodingDirection": "j-",
    "PhaseEncodingLines": 64,
    "ProcedureStepDescription": "MR_hersenen_(structuur_alleen)",
    "ProtocolName": "epi_TASK",
    "RepetitionTime": 2,
    "ScanningSequence": "EP",
    "SequenceName": "_epfid2d1_64",
    "SequenceVariant": "SK_OSP",
    "SeriesDescription": "epi_TASK",
    "SliceTiming": [
      0.9675,
      1.935,
      0.915,
      1.885,
      0.865,
      1.8325,
      0.815,
      1.7825,
      0.7625,
      1.7325,
      0.7125,
      1.68,
      0.6625,
      1.63,
      0.61,
      1.5775,
      0.56,
      1.5275,
      0.5075,
      1.4775,
      0.4575,
      1.425,
      0.4075,
      1.375,
      0.355,
      1.325,
      0.305,
      1.2725,
      0.2525,
      1.2225,
      0.2025,
      1.17,
      0.1525,
      1.12,
      0.1,
      1.07,
      0.05,
      1.0175,
      0
    ],
    "SoftwareVersions": "syngo_MR_B17",
    "TaskName": "cueexposure",
    "TotalReadoutTime": 0.0231001,
    "TrueEchoSpacing": 0.000600004,
    "dataset": "ds001247",
    "modality": "bold",
    "subject_id": "25",
    "task_id": "cueexposure"
  },
  "dummy_trs": 0,
  "dvars_nstd": 27.552856792945924,
  "dvars_std": 1.0909150618436865,
  "dvars_vstd": 0.993657334709419,
  "efc": 0.6093863624508279,
  "fber": 840.660400390625,
  "fd_mean": 0.14781912215689172,
  "fd_num": 51,
  "fd_perc": 10.2,
  "fwhm_avg": 1.8475322222222221,
  "fwhm_x": 1.63866,
  "fwhm_y": 2.0507633333333333,
  "fwhm_z": 1.8531733333333333,
  "gcor": 0.0178378,
  "gsr_x": 0.005434367805719376,
  "gsr_y": 0.03957641124725342,
  "provenance": {
    "md5sum": "9f2a3dbb10bf01211150aa3b9e4be529",
    "settings": {
      "fd_thres": 0.2,
      "testing": false
    },
    "software": "mriqc",
    "version": "23.0.1",
    "webapi_port": null,
    "webapi_url": "https://mriqc.nimh.nih.gov/api/v1"
  },
  "size_t": 500,
  "size_x": 64,
  "size_y": 64,
  "size_z": 39,
  "snr": 7.294336947448736,
  "spacing_tr": 2.0,
  "spacing_x": 3.0,
  "spacing_y": 3.0,
  "spacing_z": 3.0,
  "summary_bg_k": 11.50200269559058,
  "summary_bg_mad": 16.926869257205883,
  "summary_bg_mean": 54.36506652832031,
  "summary_bg_median": 21.44499969482422,
  "summary_bg_n": 83544.0,
  "summary_bg_p05": 7.690000534057617,
  "summary_bg_p95": 240.47011413574197,
  "summary_bg_stdv": 83.55867767333984,
  "summary_fg_k": 2.0800857270625617,
  "summary_fg_mad": 80.15390636482361,
  "summary_fg_mean": 648.6744384765625,
  "summary_fg_median": 646.1630249023438,
  "summary_fg_n": 38030.0,
  "summary_fg_p05": 505.0940231323242,
  "summary_fg_p95": 787.3784210205077,
  "summary_fg_stdv": 88.58303833007812,
  "tsnr": 50.24439177359454
}