{
  "bids_meta": {
    "AcquisitionNumber": 1,
    "AcquisitionTime": "13:33:57.342500",
    "BodyPartExamined": "HEAD",
    "ConversionSoftware": "dcm2niix",
    "ConversionSoftwareVersion": "v1.0.20170724 (OpenJPEG build) GCC6.1.0",
    "DeviceSerialNumber": "35353",
    "EchoTime": 0.005,
    "FlipAngle": 40,
    "ImageType": [
      "ORIGINAL",
      "PRIMARY",
      "M",
      "ND",
      "NORM"
    ],
    "InstitutionAddress": "De_Pintelaan_185_Gent_9C4B6E_District_BE_9000",
    "InstitutionName": "UZ_Gent",
    "MagneticFieldStrength": 3,
    "Manufacturer": "Siemens",
    "ManufacturersModelName": "TrioTim",
    "PhaseEncodingDirection": "i-",
    "PhaseEncodingLines": 128,
    "ProcedureStepDescription": "MR_hersenen_(structuur_alleen)",
    "ProtocolName": "localizer",
    "RepetitionTime": 0.02,
    "ScanningSequence": "GR",
    "SequenceName": "_fl2d1",
    "SequenceVariant": "SP",
    "SeriesDescription": "localizer",
    "SoftwareVersions": "syngo_MR_B17",
    "dataset": "ds001247",
    "modality": "T1w",
    "subject_id": "26"
  },
  "cjv": 0.326016440783762,
  "cnr": 4.054534879329168,
  "efc": 0.563729932094506,
  "fber": 14443.904382009481,
  "fwhm_avg": 3.8045633333333337,
  "fwhm_x": 3.82816,
  "fwhm_y": 4.04252,
  "fwhm_z": 3.54301,
  "icvs_csf": 0.18169118877484708,
  "icvs_gm": 0.47747320390560993,
  "icvs_wm": 0.340835607319543,
  "inu_med": 0.5410689115524292,
  "inu_range": 0.2187066376209259,
  "provenance": {
    "md5sum": "dba65455db4b3fef57272974e7cd40f7",
    "settings": {
      "testing": false
    },
    "software": "mriqc",
    "version": "23.0.1",
    "warnings": {
      "large_rot_frame": true,
      "small_air_mask": false
    },
    "webapi_port": null,
    "webapi_url": "https://mriqc.nimh.nih.gov/api/v1"
  },
  "qi_1": 3.858434054538966e-06,
  "qi_2": 0.013993152906728768,
  "rpve_csf": 22.619121333618025,
  "rpve_gm": 9.716682753369858,
  "rpve_wm": 14.99334618828085,
  "size_x": 176,
  "size_y": 256,
  "size_z": 256,
  "snr_csf": 2.57785369303431,
  "snr_gm": 12.689685766310834,
  "snr_total": 12.585868351574375,
  "snr_wm": 22.490065595377978,
  "snrd_csf": 29.503920099431962,
  "snrd_gm": 77.97252607031058,
  "snrd_total": 72.46877703197907,
  "snrd_wm": 109.92988492619469,
  "spacing_x": 1.0,
  "spacing_y": 1.0,
  "spacing_z": 1.0,
  "summary_bg_k": 14.599329673608999,
  "summary_bg_mad": 5.959584161695321,
  "summary_bg_mean": 4.6223522213530925,
  "summary_bg_median": 4.019678432494402,
  "summary_bg_n": 2869054.0,
  "summary_bg_p05": 0.0,
  "summary_bg_p95": 16.52867773361504,
  "summary_bg_stdv": 6.284262556409454,
  "summary_csf_k": 2.905589875947669,
  "summary_csf_mad": 77.60801762804728,
  "summary_csf_mean": 281.7702553216856,
  "summary_csf_median": 268.38852936960757,
  "summary_csf_n": 35670.0,
  "summary_csf_p05": 130.83303357763216,
  "summary_csf_p95": 477.8017766624689,
  "summary_csf_stdv": 104.11171431645985,
  "summary_gm_k": 0.3247069551149262,
  "summary_gm_mad": 53.94757901594346,
  "summary_gm_mean": 707.0309677294099,
  "summary_gm_median": 709.293257733807,
  "summary_gm_n": 65136.0,
  "summary_gm_p05": 610.8711313381791,
  "summary_gm_p95": 794.5464376229793,
  "summary_gm_stdv": 55.89482876605073,
  "summary_wm_k": 0.8355774409947627,
  "summary_wm_mad": 40.82759895847988,
  "summary_wm_mean": 1000.2606536957544,
  "summary_wm_median": 1000.0000016838312,
  "summary_wm_n": 233985.0,
  "summary_wm_p05": 928.1257515028119,
  "summary_wm_p95": 1073.0141606740654,
  "summary_wm_stdv": 44.46398168789428,
  "tpm_overlap_csf": 0.17697142298451368,
  "tpm_overlap_gm": 0.47225831599195456,
  "tpm_overlap_wm": 0.49774229224994876,
  "wm2max": 0.5927682223527936
}