{
  "bids_meta": {
    "AcquisitionNumber": 1,
    "AcquisitionTime": "13:40:15.765000",
    "BodyPartExamined": "HEAD",
    "ConversionSoftware": "dcm2niix",
    "ConversionSoftwareVersion": "v1.0.20170724 (OpenJPEG build) GCC6.1.0",
    "DeviceSerialNumber": "35353",
    "EchoTime": 0.005,
    "FlipAngle": 40,
    "ImageType": [
      "ORIGINAL",
      "PRIMARY",
      "M",
      "ND",
      "NORM"
    ],
    "InstitutionAddress": "De_Pintelaan_185_Gent_9C4B6E_District_BE_9000",
    "InstitutionName": "UZ_Gent",
    "MagneticFieldStrength": 3,
    "Manufacturer": "Siemens",
    "ManufacturersModelName": "TrioTim",
    "PhaseEncodingDirection": "j-",
    "PhaseEncodingLines": 128,
    "ProcedureStepDescription": "MR_hersenen_(structuur_alleen)",
    "ProtocolName": "localizer",
    "RepetitionTime": 0.02,
    "ScanningSequence": "GR",
    "SequenceName": "_fl2d1",
    "SequenceVariant": "SP",
    "SeriesDescription": "localizer",
    "SoftwareVersions": "syngo_MR_B17",
    "dataset": "ds001247",
    "modality": "T1w",
    "subject_id": "40"
  },
  "cjv": 0.3122366411312419,
  "cnr": 4.085748823888114,
  "efc": 0.5071243792748641,
  "fber": 28514.074845679013,
  "fwhm_avg": 3.9010600785223697,
  "fwhm_x": 3.9521602355671073,
  "fwhm_y": 4.12993,
  "fwhm_z": 3.62109,
  "icvs_csf": 0.19947875999185763,
  "icvs_gm": 0.44952201626648597,
  "icvs_wm": 0.3509992237416564,
  "inu_med": 0.46622419357299805,
  "inu_range": 0.17856968343257906,
  "provenance": {
    "md5sum": "97998cc1370394dda28fe351291aea46",
    "settings": {
      "testing": false
    },
    "software": "mriqc",
    "version": "23.0.1",
    "warnings": {
      "large_rot_frame": true,
      "small_air_mask": false
    },
    "webapi_port": null,
    "webapi_url": "https://mriqc.nimh.nih.gov/api/v1"
  },
  "qi_1": 0.0,
  "qi_2": 0.010349581738274417,
  "rpve_csf": 23.867478468221346,
  "rpve_gm": 11.417014805520703,
  "rpve_wm": 16.699759492748342,
  "size_x": 176,
  "size_y": 256,
  "size_z": 256,
  "snr_csf": 2.1486244766336817,
  "snr_gm": 10.592286841002657,
  "snr_total": 13.361004974730628,
  "snr_wm": 27.342103606555543,
  "snrd_csf": 37.91945923871439,
  "snrd_gm": 105.72495523256065,
  "snrd_total": 98.72106124542695,
  "snrd_wm": 152.51876926500583,
  "spacing_x": 0.9999999403953552,
  "spacing_y": 1.0,
  "spacing_z": 1.0,
  "summary_bg_k": 19.30037720198993,
  "summary_bg_mad": 0.0,
  "summary_bg_mean": 2.823378067458988,
  "summary_bg_median": 0.0,
  "summary_bg_n": 2921291.0,
  "summary_bg_p05": 0.0,
  "summary_bg_p95": 9.909543413668871,
  "summary_bg_stdv": 4.295556761729015,
  "summary_csf_k": 0.9730312553169234,
  "summary_csf_mad": 98.47347559832994,
  "summary_csf_mean": 251.25335203466372,
  "summary_csf_median": 248.62790334038436,
  "summary_csf_n": 38021.0,
  "summary_csf_p05": 60.753123851493,
  "summary_csf_p95": 455.3308153152466,
  "summary_csf_stdv": 115.71339543498266,
  "summary_gm_k": 0.3423081733797466,
  "summary_gm_mad": 61.32931073989332,
  "summary_gm_mean": 695.7151813542596,
  "summary_gm_median": 693.2106754146516,
  "summary_gm_n": 51479.0,
  "summary_gm_p05": 591.7496554015204,
  "summary_gm_p95": 808.6975107209756,
  "summary_gm_stdv": 65.44421925512455,
  "summary_wm_k": 0.5165692714642351,
  "summary_wm_mad": 34.469483616094834,
  "summary_wm_mean": 999.127672679312,
  "summary_wm_median": 1000.0253849532455,
  "summary_wm_n": 222018.0,
  "summary_wm_p05": 937.5190341901034,
  "summary_wm_p95": 1056.9671459533274,
  "summary_wm_stdv": 36.574476756211375,
  "tpm_overlap_csf": 0.141603011189098,
  "tpm_overlap_gm": 0.4614622079490372,
  "tpm_overlap_wm": 0.4981264859864419,
  "wm2max": 0.8240606790235044
}