{
  "aor": 0.00065608,
  "aqi": 0.00976296246,
  "bids_meta": {
    "AccelFactPE": 2,
    "AcquisitionNumber": 1,
    "AcquisitionTime": "14:30:49.175000",
    "BandwidthPerPixelPhaseEncode": 52.083,
    "BodyPartExamined": "HEAD",
    "ConversionSoftware": "dcm2niix",
    "ConversionSoftwareVersion": "v1.0.20170724 (OpenJPEG build) GCC6.1.0",
    "DeviceSerialNumber": "35353",
    "EchoTime": 0.025,
    "EffectiveEchoSpacing": 0.000300002,
    "FlipAngle": 90,
    "ImageType": [
      "ORIGINAL",
      "PRIMARY",
      "M",
      "ND",
      "NORM",
      "MOSAIC"
    ],
    "InstitutionAddress": "De_Pintelaan_185_Gent_9C4B6E_District_BE_9000",
    "InstitutionName": "UZ_Gent",
    "MagneticFieldStrength": 3,
    "Manufacturer": "Siemens",
    "ManufacturersModelName": "TrioTim",
    "PhaseEncodingDirection": "j-",
    "PhaseEncodingLines": 64,
    "ProcedureStepDescription": "MR_hersenen_(structuur_alleen)",
    "ProtocolName": "epi_TASK",
    "RepetitionTime": 2,
    "ScanningSequence": "EP",
    "SequenceName": "_epfid2d1_64",
    "SequenceVariant": "SK_OSP",
    "SeriesDescription": "epi_TASK",
    "SliceTiming": [
      0.9675,
      1.9375,
      0.9175,
      1.885,
      0.8675,
      1.835,
      0.815,
      1.785,
      0.765,
      1.7325,
      0.7125,
      1.6825,
      0.6625,
      1.63,
      0.6125,
      1.58,
      0.56,
      1.53,
      0.51,
      1.4775,
      0.46,
      1.4275,
      0.4075,
      1.375,
      0.3575,
      1.325,
      0.305,
      1.275,
      0.255,
      1.2225,
      0.205,
      1.1725,
      0.1525,
      1.1225,
      0.1025,
      1.07,
      0.05,
      1.02,
      0
    ],
    "SoftwareVersions": "syngo_MR_B17",
    "TaskName": "cueexposure",
    "TotalReadoutTime": 0.0231001,
    "TrueEchoSpacing": 0.000600004,
    "dataset": "ds001247",
    "modality": "bold",
    "subject_id": "41",
    "task_id": "cueexposure"
  },
  "dummy_trs": 0,
  "dvars_nstd": 26.586271748476957,
  "dvars_std": 1.2126420530460928,
  "dvars_vstd": 1.0082402063727465,
  "efc": 0.5916735962573134,
  "fber": 1678.6370849609375,
  "fd_mean": 0.0596201560133816,
  "fd_num": 19,
  "fd_perc": 3.8,
  "fwhm_avg": 1.6135055555555555,
  "fwhm_x": 1.5152700000000001,
  "fwhm_y": 1.7291466666666666,
  "fwhm_z": 1.5960999999999999,
  "gcor": 0.0238883,
  "gsr_x": 0.0215699914842844,
  "gsr_y": 0.02802705019712448,
  "provenance": {
    "md5sum": "34cb9977131a0ba50b211f78a5cff280",
    "settings": {
      "fd_thres": 0.2,
      "testing": false
    },
    "software": "mriqc",
    "version": "23.0.1",
    "webapi_port": null,
    "webapi_url": "https://mriqc.nimh.nih.gov/api/v1"
  },
  "size_t": 500,
  "size_x": 64,
  "size_y": 64,
  "size_z": 39,
  "snr": 7.738640886172852,
  "spacing_tr": 2.0,
  "spacing_x": 3.0,
  "spacing_y": 3.0,
  "spacing_z": 3.0,
  "summary_bg_k": 16.92753030769346,
  "summary_bg_mad": 10.44641594420598,
  "summary_bg_mean": 41.454833984375,
  "summary_bg_median": 15.334000587463379,
  "summary_bg_n": 84491.0,
  "summary_bg_p05": 6.485000371932983,
  "summary_bg_p95": 177.59500885009766,
  "summary_bg_stdv": 69.7777328491211,
  "summary_fg_k": 2.0933828494551667,
  "summary_fg_mad": 80.2933075316698,
  "summary_fg_mean": 636.6129150390625,
  "summary_fg_median": 634.072021484375,
  "summary_fg_n": 39752.0,
  "summary_fg_p05": 520.5413177490235,
  "summary_fg_p95": 770.499429321289,
  "summary_fg_stdv": 81.93480682373047,
  "tsnr": 62.694775118958205
}