{
  "aor": 0.00040796000000000007,
  "aqi": 0.010143581140000002,
  "bids_meta": {
    "AccelFactPE": 2,
    "AcquisitionNumber": 1,
    "AcquisitionTime": "10:33:46.657500",
    "BandwidthPerPixelPhaseEncode": 52.083,
    "BodyPartExamined": "HEAD",
    "ConversionSoftware": "dcm2niix",
    "ConversionSoftwareVersion": "v1.0.20170724 (OpenJPEG build) GCC6.1.0",
    "DeviceSerialNumber": "35353",
    "EchoTime": 0.025,
    "EffectiveEchoSpacing": 0.000300002,
    "FlipAngle": 90,
    "ImageType": [
      "ORIGINAL",
      "PRIMARY",
      "M",
      "ND",
      "NORM",
      "MOSAIC"
    ],
    "InstitutionAddress": "De_Pintelaan_185_Gent_9C4B6E_District_BE_9000",
    "InstitutionName": "UZ_Gent",
    "MagneticFieldStrength": 3,
    "Manufacturer": "Siemens",
    "ManufacturersModelName": "TrioTim",
    "PhaseEncodingDirection": "j-",
    "PhaseEncodingLines": 64,
    "ProcedureStepDescription": "Brain_Research_3T_Psychiatrie",
    "ProtocolName": "epi_TASK",
    "RepetitionTime": 2,
    "ScanningSequence": "EP",
    "SequenceName": "_epfid2d1_64",
    "SequenceVariant": "SK_OSP",
    "SeriesDescription": "epi_TASK",
    "SliceTiming": [
      0.9675,
      1.9375,
      0.9175,
      1.885,
      0.8675,
      1.835,
      0.815,
      1.785,
      0.765,
      1.7325,
      0.7125,
      1.6825,
      0.6625,
      1.63,
      0.6125,
      1.58,
      0.56,
      1.53,
      0.51,
      1.4775,
      0.46,
      1.4275,
      0.4075,
      1.375,
      0.3575,
      1.325,
      0.305,
      1.275,
      0.255,
      1.2225,
      0.205,
      1.1725,
      0.1525,
      1.1225,
      0.1025,
      1.07,
      0.05,
      1.02,
      0
    ],
    "SoftwareVersions": "syngo_MR_B17",
    "TaskName": "cueexposure",
    "TotalReadoutTime": 0.0231001,
    "TrueEchoSpacing": 0.000600004,
    "dataset": "ds001247",
    "modality": "bold",
    "subject_id": "12",
    "task_id": "cueexposure"
  },
  "dummy_trs": 0,
  "dvars_nstd": 22.590321202324645,
  "dvars_std": 1.1422872931062122,
  "dvars_vstd": 0.9953330004809622,
  "efc": 0.5320631969765707,
  "fber": 2722.715576171875,
  "fd_mean": 0.09779180180830516,
  "fd_num": 12,
  "fd_perc": 2.4,
  "fwhm_avg": 1.583796666666667,
  "fwhm_x": 1.4829833333333333,
  "fwhm_y": 1.7111533333333335,
  "fwhm_z": 1.5572533333333334,
  "gcor": 0.020254,
  "gsr_x": 0.009570063091814518,
  "gsr_y": 0.03096286952495575,
  "provenance": {
    "md5sum": "55281cad0d009a348ca5337a614b8874",
    "settings": {
      "fd_thres": 0.2,
      "testing": false
    },
    "software": "mriqc",
    "version": "23.0.1",
    "webapi_port": null,
    "webapi_url": "https://mriqc.nimh.nih.gov/api/v1"
  },
  "size_t": 500,
  "size_x": 64,
  "size_y": 64,
  "size_z": 39,
  "snr": 8.64952963815615,
  "spacing_tr": 2.0,
  "spacing_x": 3.0,
  "spacing_y": 3.0,
  "spacing_z": 3.0,
  "summary_bg_k": 34.71230779836421,
  "summary_bg_mad": 8.395977228716054,
  "summary_bg_mean": 32.534324645996094,
  "summary_bg_median": 13.081001281738281,
  "summary_bg_n": 93894.0,
  "summary_bg_p05": 5.906000137329102,
  "summary_bg_p95": 116.64600372314453,
  "summary_bg_stdv": 61.98612594604492,
  "summary_fg_k": 2.318611674438481,
  "summary_fg_mad": 74.41624301847557,
  "summary_fg_mean": 686.6132202148438,
  "summary_fg_median": 684.95703125,
  "summary_fg_n": 32746.0,
  "summary_fg_p05": 570.3820495605469,
  "summary_fg_p95": 813.0010223388672,
  "summary_fg_stdv": 79.18888092041016,
  "tsnr": 68.06097345985472
}