{
  "aor": 0.00101268,
  "aqi": 0.01098474822,
  "bids_meta": {
    "AccelFactPE": 2,
    "AcquisitionNumber": 1,
    "AcquisitionTime": "15:46:55.065000",
    "BandwidthPerPixelPhaseEncode": 52.083,
    "BodyPartExamined": "HEAD",
    "ConversionSoftware": "dcm2niix",
    "ConversionSoftwareVersion": "v1.0.20170724 (OpenJPEG build) GCC6.1.0",
    "DeviceSerialNumber": "35353",
    "EchoTime": 0.025,
    "EffectiveEchoSpacing": 0.000300002,
    "FlipAngle": 90,
    "ImageType": [
      "ORIGINAL",
      "PRIMARY",
      "M",
      "ND",
      "NORM",
      "MOSAIC"
    ],
    "InstitutionAddress": "De_Pintelaan_185_Gent_9C4B6E_District_BE_9000",
    "InstitutionName": "UZ_Gent",
    "MagneticFieldStrength": 3,
    "Manufacturer": "Siemens",
    "ManufacturersModelName": "TrioTim",
    "PhaseEncodingDirection": "j-",
    "PhaseEncodingLines": 64,
    "ProcedureStepDescription": "MR_hersenen_(structuur_alleen)",
    "ProtocolName": "epi_TASK",
    "RepetitionTime": 2,
    "ScanningSequence": "EP",
    "SequenceName": "_epfid2d1_64",
    "SequenceVariant": "SK_OSP",
    "SeriesDescription": "epi_TASK",
    "SliceTiming": [
      0.9675,
      1.935,
      0.9175,
      1.885,
      0.865,
      1.835,
      0.815,
      1.7825,
      0.765,
      1.7325,
      0.7125,
      1.68,
      0.6625,
      1.63,
      0.61,
      1.58,
      0.56,
      1.5275,
      0.51,
      1.4775,
      0.4575,
      1.4275,
      0.4075,
      1.375,
      0.355,
      1.325,
      0.305,
      1.2725,
      0.255,
      1.2225,
      0.2025,
      1.1725,
      0.1525,
      1.12,
      0.1,
      1.07,
      0.05,
      1.0175,
      0
    ],
    "SoftwareVersions": "syngo_MR_B17",
    "TaskName": "cueexposure",
    "TotalReadoutTime": 0.0231001,
    "TrueEchoSpacing": 0.000600004,
    "dataset": "ds001247",
    "modality": "bold",
    "subject_id": "33",
    "task_id": "cueexposure"
  },
  "dummy_trs": 0,
  "dvars_nstd": 25.66349381579158,
  "dvars_std": 1.1009851904208414,
  "dvars_vstd": 0.9969330313827652,
  "efc": 0.6051741718527794,
  "fber": 1255.1561279296875,
  "fd_mean": 0.12723017952038723,
  "fd_num": 57,
  "fd_perc": 11.4,
  "fwhm_avg": 1.673478888888889,
  "fwhm_x": 1.5581166666666666,
  "fwhm_y": 1.85443,
  "fwhm_z": 1.60789,
  "gcor": 0.0195752,
  "gsr_x": 0.026428166776895523,
  "gsr_y": 0.03681569546461105,
  "provenance": {
    "md5sum": "61e1badd950a0b6683f43620295dfafb",
    "settings": {
      "fd_thres": 0.2,
      "testing": false
    },
    "software": "mriqc",
    "version": "23.0.1",
    "webapi_port": null,
    "webapi_url": "https://mriqc.nimh.nih.gov/api/v1"
  },
  "size_t": 500,
  "size_x": 64,
  "size_y": 64,
  "size_z": 39,
  "snr": 7.648413116096406,
  "spacing_tr": 2.0,
  "spacing_x": 3.0,
  "spacing_y": 3.0,
  "spacing_z": 3.0,
  "summary_bg_k": 16.12997255019654,
  "summary_bg_mad": 14.410895373691613,
  "summary_bg_mean": 45.0704345703125,
  "summary_bg_median": 17.740001678466797,
  "summary_bg_n": 81773.0,
  "summary_bg_p05": 6.543200206756593,
  "summary_bg_p95": 182.19360656738274,
  "summary_bg_stdv": 72.73660278320312,
  "summary_fg_k": 3.1527828341027897,
  "summary_fg_mad": 77.57274512943215,
  "summary_fg_mean": 649.7250366210938,
  "summary_fg_median": 649.176025390625,
  "summary_fg_n": 41301.0,
  "summary_fg_p05": 521.1119995117188,
  "summary_fg_p95": 779.1680297851562,
  "summary_fg_stdv": 84.87619018554688,
  "tsnr": 57.93049353081733
}