{
  "bids_meta": {
    "AccelFactPE": 2,
    "AcquisitionNumber": 1,
    "AcquisitionTime": "16:52:34.210000",
    "BodyPartExamined": "HEAD",
    "ConversionSoftware": "dcm2niix",
    "ConversionSoftwareVersion": "v1.0.20170724 (OpenJPEG build) GCC6.1.0",
    "DeviceSerialNumber": "35353",
    "EchoTime": 0.00418,
    "FlipAngle": 9,
    "ImageType": [
      "ORIGINAL",
      "PRIMARY",
      "M",
      "ND",
      "NORM"
    ],
    "InstitutionAddress": "De_Pintelaan_185_Gent_9C4B6E_District_BE_9000",
    "InstitutionName": "UZ_Gent",
    "InversionTime": 0.9,
    "MagneticFieldStrength": 3,
    "Manufacturer": "Siemens",
    "ManufacturersModelName": "TrioTim",
    "PhaseEncodingDirection": "i-",
    "PhaseEncodingLines": 256,
    "ProcedureStepDescription": "MR_hersenen_(structuur_alleen)",
    "ProtocolName": "T1_mprage",
    "RepetitionTime": 2.25,
    "ScanningSequence": "GR_IR",
    "SequenceName": "_tfl3d1_ns",
    "SequenceVariant": "SP_MP",
    "SeriesDescription": "T1_mprage",
    "SoftwareVersions": "syngo_MR_B17",
    "dataset": "ds001247",
    "modality": "T1w",
    "subject_id": "11"
  },
  "cjv": 0.34538537768352356,
  "cnr": 3.8054663594809175,
  "efc": 0.5028731555794007,
  "fber": -1.0,
  "fwhm_avg": 3.946543333333333,
  "fwhm_x": 4.14873,
  "fwhm_y": 4.07086,
  "fwhm_z": 3.62004,
  "icvs_csf": 0.24537418496360902,
  "icvs_gm": 0.421203887317113,
  "icvs_wm": 0.333421927719278,
  "inu_med": 0.5684797167778015,
  "inu_range": 0.24046844094991676,
  "provenance": {
    "md5sum": "b910377b9621a0daadc6c385f7fce0d0",
    "settings": {
      "testing": false
    },
    "software": "mriqc",
    "version": "23.0.1",
    "warnings": {
      "large_rot_frame": true,
      "small_air_mask": false
    },
    "webapi_port": null,
    "webapi_url": "https://mriqc.nimh.nih.gov/api/v1"
  },
  "qi_1": 0.0,
  "qi_2": 0.013621127460455391,
  "rpve_csf": 22.072855898830944,
  "rpve_gm": 12.755383830855529,
  "rpve_wm": 18.36831389523466,
  "size_x": 176,
  "size_y": 256,
  "size_z": 256,
  "snr_csf": 2.0800741259084456,
  "snr_gm": 12.010393707890872,
  "snr_total": 12.730117643871447,
  "snr_wm": 24.099885097815022,
  "snrd_csf": 28.65798372043195,
  "snrd_gm": 84.31532982325518,
  "snrd_total": 76.61805201806229,
  "snrd_wm": 116.88084251049972,
  "spacing_x": 1.0,
  "spacing_y": 1.0,
  "spacing_z": 1.0,
  "summary_bg_k": 25.45922355755866,
  "summary_bg_mad": 0.0,
  "summary_bg_mean": 2.5888699558796846,
  "summary_bg_median": 0.0,
  "summary_bg_n": 3623291.0,
  "summary_bg_p05": 0.0,
  "summary_bg_p95": 12.946365132927895,
  "summary_bg_stdv": 5.605364325426431,
  "summary_csf_k": 1.0075474441208039,
  "summary_csf_mad": 97.60622855726162,
  "summary_csf_mean": 259.21026325485406,
  "summary_csf_median": 245.19846490770578,
  "summary_csf_n": 56459.0,
  "summary_csf_p05": 76.89571817964315,
  "summary_csf_p95": 479.5205604262649,
  "summary_csf_stdv": 117.87863248254428,
  "summary_gm_k": 0.42584431566184033,
  "summary_gm_mad": 56.89741794342803,
  "summary_gm_mean": 719.5759188232992,
  "summary_gm_median": 721.4041867889464,
  "summary_gm_n": 34340.0,
  "summary_gm_p05": 616.5528559871018,
  "summary_gm_p95": 814.5539952591062,
  "summary_gm_stdv": 60.06411616564111,
  "summary_wm_k": 0.5391437002373958,
  "summary_wm_mad": 39.33778849471484,
  "summary_wm_mean": 999.5935292127403,
  "summary_wm_median": 1000.0355726443231,
  "summary_wm_n": 187737.0,
  "summary_wm_p05": 931.0001475811005,
  "summary_wm_p95": 1066.6524459794164,
  "summary_wm_stdv": 41.49533930086857,
  "tpm_overlap_csf": 0.15299251633384683,
  "tpm_overlap_gm": 0.4540822985911465,
  "tpm_overlap_wm": 0.49162019962086106,
  "wm2max": 0.5530941191923869
}