{
  "bids_meta": {
    "AcquisitionNumber": 1,
    "AcquisitionTime": "16:16:40.235000",
    "BodyPartExamined": "HEAD",
    "ConversionSoftware": "dcm2niix",
    "ConversionSoftwareVersion": "v1.0.20170724 (OpenJPEG build) GCC6.1.0",
    "DeviceSerialNumber": "35353",
    "EchoTime": 0.005,
    "FlipAngle": 40,
    "ImageType": [
      "ORIGINAL",
      "PRIMARY",
      "M",
      "ND",
      "NORM"
    ],
    "InstitutionAddress": "De_Pintelaan_185_Gent_9C4B6E_District_BE_9000",
    "InstitutionName": "UZ_Gent",
    "MagneticFieldStrength": 3,
    "Manufacturer": "Siemens",
    "ManufacturersModelName": "TrioTim",
    "PhaseEncodingDirection": "i-",
    "PhaseEncodingLines": 128,
    "ProcedureStepDescription": "MR_hersenen_(structuur_alleen)",
    "ProtocolName": "localizer",
    "RepetitionTime": 0.02,
    "ScanningSequence": "GR",
    "SequenceName": "_fl2d1",
    "SequenceVariant": "SP",
    "SeriesDescription": "localizer",
    "SoftwareVersions": "syngo_MR_B17",
    "dataset": "ds001247",
    "modality": "T1w",
    "subject_id": "29"
  },
  "cjv": 0.3281999002993815,
  "cnr": 3.989980022379682,
  "efc": 0.5286292402601754,
  "fber": -1.0,
  "fwhm_avg": 3.653613333333334,
  "fwhm_x": 3.74904,
  "fwhm_y": 3.80879,
  "fwhm_z": 3.40301,
  "icvs_csf": 0.18496585017193135,
  "icvs_gm": 0.46548584076210414,
  "icvs_wm": 0.3495483090659645,
  "inu_med": 0.5529835224151611,
  "inu_range": 0.22682633996009816,
  "provenance": {
    "md5sum": "f54a8d55f96783ab0710e1ce3ebdffc3",
    "settings": {
      "testing": false
    },
    "software": "mriqc",
    "version": "23.0.1",
    "warnings": {
      "large_rot_frame": true,
      "small_air_mask": false
    },
    "webapi_port": null,
    "webapi_url": "https://mriqc.nimh.nih.gov/api/v1"
  },
  "qi_1": 0.0,
  "qi_2": 0.008428126961219145,
  "rpve_csf": 24.67410909576749,
  "rpve_gm": 10.85808861460861,
  "rpve_wm": 16.120884907655505,
  "size_x": 176,
  "size_y": 256,
  "size_z": 256,
  "snr_csf": 2.223849767260377,
  "snr_gm": 11.74362638381014,
  "snr_total": 11.978149707925311,
  "snr_wm": 21.96697297270542,
  "snrd_csf": 35.88752809501065,
  "snrd_gm": 91.2833335347605,
  "snrd_total": 85.85487355061468,
  "snrd_wm": 130.39375902207289,
  "spacing_x": 1.0,
  "spacing_y": 1.0,
  "spacing_z": 1.0,
  "summary_bg_k": 19.56729692338893,
  "summary_bg_mad": 0.0,
  "summary_bg_mean": 2.3991972552923824,
  "summary_bg_median": 0.0,
  "summary_bg_n": 3237084.0,
  "summary_bg_p05": 0.0,
  "summary_bg_p95": 12.515228312462568,
  "summary_bg_stdv": 5.024292452602136,
  "summary_csf_k": 1.5813278463302343,
  "summary_csf_mad": 108.10127696399181,
  "summary_csf_mean": 279.92344017649583,
  "summary_csf_median": 275.22426864132285,
  "summary_csf_n": 30894.0,
  "summary_csf_p05": 81.92121423408389,
  "summary_csf_p95": 495.7359462529421,
  "summary_csf_stdv": 123.75827644700975,
  "summary_gm_k": 0.2955794663829612,
  "summary_gm_mad": 57.17052343741237,
  "summary_gm_mean": 700.0596862531845,
  "summary_gm_median": 700.0590468291193,
  "summary_gm_n": 46882.0,
  "summary_gm_p05": 601.3954843953252,
  "summary_gm_p95": 798.2389824461189,
  "summary_gm_stdv": 59.61119314668018,
  "summary_wm_k": 0.9156056807830018,
  "summary_wm_mad": 41.27005712954421,
  "summary_wm_mean": 1000.1859803386884,
  "summary_wm_median": 999.9999684356153,
  "summary_wm_n": 211793.0,
  "summary_wm_p05": 926.0899770446122,
  "summary_wm_p95": 1074.5375671461225,
  "summary_wm_stdv": 45.522776801325584,
  "tpm_overlap_csf": 0.14838475669002996,
  "tpm_overlap_gm": 0.46715167685897546,
  "tpm_overlap_wm": 0.49855023873759957,
  "wm2max": 0.5418050166019922
}