{
  "aor": 0.0012502,
  "aqi": 0.011183148380000002,
  "bids_meta": {
    "AccelFactPE": 2,
    "AcquisitionNumber": 1,
    "AcquisitionTime": "11:19:51.410000",
    "BandwidthPerPixelPhaseEncode": 52.083,
    "BodyPartExamined": "HEAD",
    "ConversionSoftware": "dcm2niix",
    "ConversionSoftwareVersion": "v1.0.20170724 (OpenJPEG build) GCC6.1.0",
    "DeviceSerialNumber": "35353",
    "EchoTime": 0.025,
    "EffectiveEchoSpacing": 0.000300002,
    "FlipAngle": 90,
    "ImageType": [
      "ORIGINAL",
      "PRIMARY",
      "M",
      "ND",
      "NORM",
      "MOSAIC"
    ],
    "InstitutionAddress": "De_Pintelaan_185_Gent_9C4B6E_District_BE_9000",
    "InstitutionName": "UZ_Gent",
    "MagneticFieldStrength": 3,
    "Manufacturer": "Siemens",
    "ManufacturersModelName": "TrioTim",
    "PhaseEncodingDirection": "j-",
    "PhaseEncodingLines": 64,
    "ProcedureStepDescription": "MR_hersenen_(structuur_alleen)",
    "ProtocolName": "epi_TASK",
    "RepetitionTime": 2,
    "ScanningSequence": "EP",
    "SequenceName": "_epfid2d1_64",
    "SequenceVariant": "SK_OSP",
    "SeriesDescription": "epi_TASK",
    "SliceTiming": [
      0.9675,
      1.935,
      0.9175,
      1.885,
      0.865,
      1.835,
      0.815,
      1.7825,
      0.7625,
      1.7325,
      0.7125,
      1.68,
      0.6625,
      1.63,
      0.61,
      1.58,
      0.56,
      1.5275,
      0.51,
      1.4775,
      0.4575,
      1.425,
      0.4075,
      1.375,
      0.355,
      1.325,
      0.305,
      1.2725,
      0.255,
      1.2225,
      0.2025,
      1.1725,
      0.1525,
      1.12,
      0.1,
      1.07,
      0.05,
      1.0175,
      0
    ],
    "SoftwareVersions": "syngo_MR_B17",
    "TaskName": "cueexposure",
    "TotalReadoutTime": 0.0231001,
    "TrueEchoSpacing": 0.000600004,
    "dataset": "ds001247",
    "modality": "bold",
    "subject_id": "23",
    "task_id": "cueexposure"
  },
  "dummy_trs": 0,
  "dvars_nstd": 27.780660874008028,
  "dvars_std": 1.2062167397595187,
  "dvars_vstd": 1.0148314778557106,
  "efc": 0.5755098374099681,
  "fber": 1384.4822998046875,
  "fd_mean": 0.1383908338291142,
  "fd_num": 80,
  "fd_perc": 16.0,
  "fwhm_avg": 1.5679810703182255,
  "fwhm_x": 1.4921866666666668,
  "fwhm_y": 1.6718766666666667,
  "fwhm_z": 1.5398798776213427,
  "gcor": 0.0252989,
  "gsr_x": 0.03644346445798874,
  "gsr_y": 0.029096651822328568,
  "provenance": {
    "md5sum": "810767d857493f7b26c3dbfb61beb3dd",
    "settings": {
      "fd_thres": 0.2,
      "testing": false
    },
    "software": "mriqc",
    "version": "23.0.1",
    "webapi_port": null,
    "webapi_url": "https://mriqc.nimh.nih.gov/api/v1"
  },
  "size_t": 500,
  "size_x": 64,
  "size_y": 64,
  "size_z": 39,
  "snr": 8.499243739246888,
  "spacing_tr": 2.0,
  "spacing_x": 3.0,
  "spacing_y": 3.0,
  "spacing_z": 3.000000238418579,
  "summary_bg_k": 11.857545429946471,
  "summary_bg_mad": 12.332286429910752,
  "summary_bg_mean": 39.212303161621094,
  "summary_bg_median": 14.762001037597656,
  "summary_bg_n": 90435.0,
  "summary_bg_p05": 5.248000144958496,
  "summary_bg_p95": 163.95840759277345,
  "summary_bg_stdv": 61.07292556762695,
  "summary_fg_k": 2.6725691624150674,
  "summary_fg_mad": 62.15663205894674,
  "summary_fg_mean": 551.788330078125,
  "summary_fg_median": 551.2520141601562,
  "summary_fg_n": 35091.0,
  "summary_fg_p05": 457.36102294921875,
  "summary_fg_p95": 653.8500366210938,
  "summary_fg_stdv": 64.85802459716797,
  "tsnr": 60.05709483101964
}