{
  "bids_meta": {
    "AccelFactPE": 2,
    "AcquisitionNumber": 1,
    "AcquisitionTime": "13:36:50.822500",
    "BodyPartExamined": "HEAD",
    "ConversionSoftware": "dcm2niix",
    "ConversionSoftwareVersion": "v1.0.20170724 (OpenJPEG build) GCC6.1.0",
    "DeviceSerialNumber": "35353",
    "EchoTime": 0.00418,
    "FlipAngle": 9,
    "ImageType": [
      "ORIGINAL",
      "PRIMARY",
      "M",
      "ND",
      "NORM"
    ],
    "InstitutionAddress": "De_Pintelaan_185_Gent_9C4B6E_District_BE_9000",
    "InstitutionName": "UZ_Gent",
    "InversionTime": 0.9,
    "MagneticFieldStrength": 3,
    "Manufacturer": "Siemens",
    "ManufacturersModelName": "TrioTim",
    "PhaseEncodingDirection": "i-",
    "PhaseEncodingLines": 256,
    "ProcedureStepDescription": "MR_hersenen_(structuur_alleen)",
    "ProtocolName": "T1_mprage",
    "RepetitionTime": 2.25,
    "ScanningSequence": "GR_IR",
    "SequenceName": "_tfl3d1_ns",
    "SequenceVariant": "SP_MP",
    "SeriesDescription": "T1_mprage",
    "SoftwareVersions": "syngo_MR_B17",
    "dataset": "ds001247",
    "modality": "T1w",
    "subject_id": "7"
  },
  "cjv": 0.33904322179910434,
  "cnr": 3.8535613687099537,
  "efc": 0.5058277710356435,
  "fber": 25898.15342351717,
  "fwhm_avg": 3.956253333333334,
  "fwhm_x": 4.05673,
  "fwhm_y": 4.13037,
  "fwhm_z": 3.68166,
  "icvs_csf": 0.22373457500670388,
  "icvs_gm": 0.43980931257100997,
  "icvs_wm": 0.3364561124222861,
  "inu_med": 0.47304248809814453,
  "inu_range": 0.18200156241655352,
  "provenance": {
    "md5sum": "233cf9eececb71cfa490d0c8a42d9695",
    "settings": {
      "testing": false
    },
    "software": "mriqc",
    "version": "23.0.1",
    "warnings": {
      "large_rot_frame": true,
      "small_air_mask": false
    },
    "webapi_port": null,
    "webapi_url": "https://mriqc.nimh.nih.gov/api/v1"
  },
  "qi_1": 0.0,
  "qi_2": 0.012689309149517825,
  "rpve_csf": 24.091572526980404,
  "rpve_gm": 12.637291597291597,
  "rpve_wm": 18.796267595585668,
  "size_x": 176,
  "size_y": 256,
  "size_z": 256,
  "snr_csf": 1.879768688618656,
  "snr_gm": 10.716420544999385,
  "snr_total": 13.403213423193279,
  "snr_wm": 27.613451035961795,
  "snrd_csf": 30.571880613928517,
  "snrd_gm": 100.70467152686027,
  "snrd_total": 91.11425480734287,
  "snrd_wm": 142.0662122812398,
  "spacing_x": 1.0,
  "spacing_y": 1.0,
  "spacing_z": 1.0,
  "summary_bg_k": 29.288407390612086,
  "summary_bg_mad": 0.0,
  "summary_bg_mean": 2.768779085522068,
  "summary_bg_median": 0.0,
  "summary_bg_n": 2769661.0,
  "summary_bg_p05": 0.0,
  "summary_bg_p95": 10.214479057118297,
  "summary_bg_stdv": 4.611600897709333,
  "summary_csf_k": 1.4507887016235594,
  "summary_csf_mad": 98.27025020033392,
  "summary_csf_mean": 230.983734838657,
  "summary_csf_median": 215.19993711821735,
  "summary_csf_n": 48760.0,
  "summary_csf_p05": 65.21236574677751,
  "summary_csf_p95": 450.33302004607384,
  "summary_csf_stdv": 114.48096336728544,
  "summary_gm_k": 0.12354737803400484,
  "summary_gm_mad": 64.51863820801826,
  "summary_gm_mean": 708.6079463033515,
  "summary_gm_median": 708.8749054651707,
  "summary_gm_n": 48571.0,
  "summary_gm_p05": 598.4914292311296,
  "summary_gm_p95": 817.7299377527088,
  "summary_gm_stdv": 66.14779675218402,
  "summary_wm_k": 0.537558505737092,
  "summary_wm_mad": 34.19377284811019,
  "summary_wm_mean": 998.6857799189411,
  "summary_wm_median": 1000.0248377136886,
  "summary_wm_n": 186270.0,
  "summary_wm_p05": 937.3462095335126,
  "summary_wm_p95": 1055.769549453631,
  "summary_wm_stdv": 36.215037087017585,
  "tpm_overlap_csf": 0.15658497729260407,
  "tpm_overlap_gm": 0.47388030103337064,
  "tpm_overlap_wm": 0.5132832774076251,
  "wm2max": 0.8058263903536517
}