{
  "aor": 0.00099076,
  "aqi": 0.007211579219999999,
  "bids_meta": {
    "AccelFactPE": 2,
    "AcquisitionNumber": 1,
    "AcquisitionTime": "16:18:5.770000",
    "BandwidthPerPixelPhaseEncode": 52.083,
    "BodyPartExamined": "HEAD",
    "ConversionSoftware": "dcm2niix",
    "ConversionSoftwareVersion": "v1.0.20170724 (OpenJPEG build) GCC6.1.0",
    "DeviceSerialNumber": "35353",
    "EchoTime": 0.025,
    "EffectiveEchoSpacing": 0.000300002,
    "FlipAngle": 90,
    "ImageType": [
      "ORIGINAL",
      "PRIMARY",
      "M",
      "ND",
      "NORM",
      "MOSAIC"
    ],
    "InstitutionAddress": "De_Pintelaan_185_Gent_9C4B6E_District_BE_9000",
    "InstitutionName": "UZ_Gent",
    "MagneticFieldStrength": 3,
    "Manufacturer": "Siemens",
    "ManufacturersModelName": "TrioTim",
    "PhaseEncodingDirection": "j-",
    "PhaseEncodingLines": 64,
    "ProcedureStepDescription": "MR_hersenen_(structuur_alleen)",
    "ProtocolName": "epi_TASK",
    "RepetitionTime": 2,
    "ScanningSequence": "EP",
    "SequenceName": "_epfid2d1_64",
    "SequenceVariant": "SK_OSP",
    "SeriesDescription": "epi_TASK",
    "SliceTiming": [
      0.9675,
      1.935,
      0.9175,
      1.885,
      0.865,
      1.835,
      0.815,
      1.7825,
      0.765,
      1.7325,
      0.7125,
      1.68,
      0.6625,
      1.63,
      0.61,
      1.58,
      0.56,
      1.5275,
      0.51,
      1.4775,
      0.4575,
      1.4275,
      0.4075,
      1.375,
      0.355,
      1.325,
      0.305,
      1.2725,
      0.255,
      1.2225,
      0.2025,
      1.1725,
      0.1525,
      1.12,
      0.1025,
      1.07,
      0.05,
      1.0175,
      0
    ],
    "SoftwareVersions": "syngo_MR_B17",
    "TaskName": "cueexposure",
    "TotalReadoutTime": 0.0231001,
    "TrueEchoSpacing": 0.000600004,
    "dataset": "ds001247",
    "modality": "bold",
    "subject_id": "10",
    "task_id": "cueexposure"
  },
  "dummy_trs": 0,
  "dvars_nstd": 22.071351626573158,
  "dvars_std": 1.1042184805811632,
  "dvars_vstd": 1.010728720941884,
  "efc": 0.6036638603752125,
  "fber": 1615.6451416015625,
  "fd_mean": 0.0728931449408368,
  "fd_num": 30,
  "fd_perc": 6.0,
  "fwhm_avg": 1.7894677777777777,
  "fwhm_x": 1.6283533333333333,
  "fwhm_y": 1.99291,
  "fwhm_z": 1.74714,
  "gcor": 0.0180958,
  "gsr_x": 0.02134452573955059,
  "gsr_y": 0.042086921632289886,
  "provenance": {
    "md5sum": "6f8527f8ede5db13129352242674f342",
    "settings": {
      "fd_thres": 0.2,
      "testing": false
    },
    "software": "mriqc",
    "version": "23.0.1",
    "webapi_port": null,
    "webapi_url": "https://mriqc.nimh.nih.gov/api/v1"
  },
  "size_t": 500,
  "size_x": 64,
  "size_y": 64,
  "size_z": 39,
  "snr": 7.700022309191935,
  "spacing_tr": 2.0,
  "spacing_x": 3.0,
  "spacing_y": 3.0,
  "spacing_z": 3.0,
  "summary_bg_k": 13.793802690216317,
  "summary_bg_mad": 14.195916666367037,
  "summary_bg_mean": 47.21055603027344,
  "summary_bg_median": 17.565000534057617,
  "summary_bg_n": 81600.0,
  "summary_bg_p05": 6.104000091552734,
  "summary_bg_p95": 198.81561050415047,
  "summary_bg_stdv": 75.8649673461914,
  "summary_fg_k": 2.4120244655958887,
  "summary_fg_mad": 82.75886669588567,
  "summary_fg_mean": 728.774658203125,
  "summary_fg_median": 728.114013671875,
  "summary_fg_n": 42247.0,
  "summary_fg_p05": 579.9396362304688,
  "summary_fg_p95": 877.9866638183594,
  "summary_fg_stdv": 94.55886840820312,
  "tsnr": 69.88039304735139
}