{
  "aor": 0.00242938,
  "aqi": 0.009454323479999999,
  "bids_meta": {
    "AccelFactPE": 2,
    "AcquisitionNumber": 1,
    "AcquisitionTime": "13:42:6.795000",
    "BandwidthPerPixelPhaseEncode": 52.083,
    "BodyPartExamined": "HEAD",
    "ConversionSoftware": "dcm2niix",
    "ConversionSoftwareVersion": "v1.0.20170724 (OpenJPEG build) GCC6.1.0",
    "DeviceSerialNumber": "35353",
    "EchoTime": 0.025,
    "EffectiveEchoSpacing": 0.000300002,
    "FlipAngle": 90,
    "ImageType": [
      "ORIGINAL",
      "PRIMARY",
      "M",
      "ND",
      "NORM",
      "MOSAIC"
    ],
    "InstitutionAddress": "De_Pintelaan_185_Gent_9C4B6E_District_BE_9000",
    "InstitutionName": "UZ_Gent",
    "MagneticFieldStrength": 3,
    "Manufacturer": "Siemens",
    "ManufacturersModelName": "TrioTim",
    "PhaseEncodingDirection": "j-",
    "PhaseEncodingLines": 64,
    "ProcedureStepDescription": "MR_hersenen_(structuur_alleen)",
    "ProtocolName": "epi_TASK",
    "RepetitionTime": 2,
    "ScanningSequence": "EP",
    "SequenceName": "_epfid2d1_64",
    "SequenceVariant": "SK_OSP",
    "SeriesDescription": "epi_TASK",
    "SliceTiming": [
      0.97,
      1.9375,
      0.9175,
      1.885,
      0.8675,
      1.835,
      0.815,
      1.785,
      0.765,
      1.7325,
      0.715,
      1.6825,
      0.6625,
      1.6325,
      0.6125,
      1.58,
      0.56,
      1.53,
      0.51,
      1.4775,
      0.46,
      1.4275,
      0.4075,
      1.3775,
      0.3575,
      1.325,
      0.3075,
      1.275,
      0.255,
      1.2225,
      0.205,
      1.1725,
      0.1525,
      1.1225,
      0.1025,
      1.07,
      0.0525,
      1.02,
      0
    ],
    "SoftwareVersions": "syngo_MR_B17",
    "TaskName": "cueexposure",
    "TotalReadoutTime": 0.0231001,
    "TrueEchoSpacing": 0.000600004,
    "dataset": "ds001247",
    "modality": "bold",
    "subject_id": "26",
    "task_id": "cueexposure"
  },
  "dummy_trs": 0,
  "dvars_nstd": 25.624871014969948,
  "dvars_std": 1.120482852885771,
  "dvars_vstd": 1.0198862880961934,
  "efc": 0.6298362877925877,
  "fber": 1274.3946533203125,
  "fd_mean": 0.11151943854530279,
  "fd_num": 43,
  "fd_perc": 8.6,
  "fwhm_avg": 1.7069766666666666,
  "fwhm_x": 1.5316400000000001,
  "fwhm_y": 1.9147999999999998,
  "fwhm_z": 1.6744899999999998,
  "gcor": 0.0263818,
  "gsr_x": 0.026791764423251152,
  "gsr_y": 0.04382892698049545,
  "provenance": {
    "md5sum": "4bea6fbe75d4ea251c291d00e6fb166f",
    "settings": {
      "fd_thres": 0.2,
      "testing": false
    },
    "software": "mriqc",
    "version": "23.0.1",
    "webapi_port": null,
    "webapi_url": "https://mriqc.nimh.nih.gov/api/v1"
  },
  "size_t": 500,
  "size_x": 64,
  "size_y": 64,
  "size_z": 39,
  "snr": 6.9159687421402225,
  "spacing_tr": 2.0,
  "spacing_x": 3.0,
  "spacing_y": 3.0,
  "spacing_z": 3.0,
  "summary_bg_k": 11.115585655825475,
  "summary_bg_mad": 15.359759888626616,
  "summary_bg_mean": 55.5057373046875,
  "summary_bg_median": 18.720001220703125,
  "summary_bg_n": 77455.0,
  "summary_bg_p05": 6.430000305175781,
  "summary_bg_p95": 247.7642120361329,
  "summary_bg_stdv": 90.46831512451172,
  "summary_fg_k": 2.2521956820435456,
  "summary_fg_mad": 89.61734981020308,
  "summary_fg_mean": 693.8551635742188,
  "summary_fg_median": 691.58203125,
  "summary_fg_n": 45607.0,
  "summary_fg_p05": 536.56162109375,
  "summary_fg_p95": 851.3662231445312,
  "summary_fg_stdv": 99.99675750732422,
  "tsnr": 55.81534495425876
}