{
  "aor": 0.00271884,
  "aqi": 0.018060415060000005,
  "bids_meta": {
    "AccelFactPE": 2,
    "AcquisitionNumber": 1,
    "AcquisitionTime": "13:48:34.637500",
    "BandwidthPerPixelPhaseEncode": 52.083,
    "BodyPartExamined": "HEAD",
    "ConversionSoftware": "dcm2niix",
    "ConversionSoftwareVersion": "v1.0.20170724 (OpenJPEG build) GCC6.1.0",
    "DeviceSerialNumber": "35353",
    "EchoTime": 0.025,
    "EffectiveEchoSpacing": 0.000300002,
    "FlipAngle": 90,
    "ImageType": [
      "ORIGINAL",
      "PRIMARY",
      "M",
      "ND",
      "NORM",
      "MOSAIC"
    ],
    "InstitutionAddress": "De_Pintelaan_185_Gent_9C4B6E_District_BE_9000",
    "InstitutionName": "UZ_Gent",
    "MagneticFieldStrength": 3,
    "Manufacturer": "Siemens",
    "ManufacturersModelName": "TrioTim",
    "PhaseEncodingDirection": "j-",
    "PhaseEncodingLines": 64,
    "ProcedureStepDescription": "MR_hersenen_(structuur_alleen)",
    "ProtocolName": "epi_TASK",
    "RepetitionTime": 2,
    "ScanningSequence": "EP",
    "SequenceName": "_epfid2d1_64",
    "SequenceVariant": "SK_OSP",
    "SeriesDescription": "epi_TASK",
    "SliceTiming": [
      0.9675,
      1.935,
      0.915,
      1.885,
      0.865,
      1.8325,
      0.815,
      1.7825,
      0.7625,
      1.7325,
      0.7125,
      1.68,
      0.6625,
      1.63,
      0.61,
      1.5775,
      0.56,
      1.5275,
      0.5075,
      1.4775,
      0.4575,
      1.425,
      0.4075,
      1.375,
      0.355,
      1.325,
      0.305,
      1.2725,
      0.2525,
      1.2225,
      0.2025,
      1.17,
      0.1525,
      1.12,
      0.1,
      1.07,
      0.05,
      1.0175,
      0
    ],
    "SoftwareVersions": "syngo_MR_B17",
    "TaskName": "cueexposure",
    "TotalReadoutTime": 0.0231001,
    "TrueEchoSpacing": 0.000600004,
    "dataset": "ds001247",
    "modality": "bold",
    "subject_id": "40",
    "task_id": "cueexposure"
  },
  "dummy_trs": 0,
  "dvars_nstd": 27.967011411643263,
  "dvars_std": 1.1304838149699399,
  "dvars_vstd": 0.9870517434068136,
  "efc": 0.6108997328903397,
  "fber": 1387.1422119140625,
  "fd_mean": 0.13062893829683261,
  "fd_num": 64,
  "fd_perc": 12.8,
  "fwhm_avg": 1.6924900000000003,
  "fwhm_x": 1.5564133333333334,
  "fwhm_y": 1.9012833333333334,
  "fwhm_z": 1.6197733333333335,
  "gcor": 0.0131354,
  "gsr_x": 0.014220875687897205,
  "gsr_y": 0.04368915036320686,
  "provenance": {
    "md5sum": "a5e1f6402bd663ffe5695f491c0f9dba",
    "settings": {
      "fd_thres": 0.2,
      "testing": false
    },
    "software": "mriqc",
    "version": "23.0.1",
    "webapi_port": null,
    "webapi_url": "https://mriqc.nimh.nih.gov/api/v1"
  },
  "size_t": 500,
  "size_x": 64,
  "size_y": 64,
  "size_z": 39,
  "snr": 7.710940480626319,
  "spacing_tr": 2.0,
  "spacing_x": 3.0,
  "spacing_y": 3.0,
  "spacing_z": 3.0,
  "summary_bg_k": 12.22908776960903,
  "summary_bg_mad": 14.286354502442975,
  "summary_bg_mean": 48.90420150756836,
  "summary_bg_median": 17.711999893188477,
  "summary_bg_n": 80843.0,
  "summary_bg_p05": 6.064000129699707,
  "summary_bg_p95": 213.5608108520507,
  "summary_bg_stdv": 77.9621353149414,
  "summary_fg_k": 1.9472149750381824,
  "summary_fg_mad": 85.77741549372506,
  "summary_fg_mean": 683.3939819335938,
  "summary_fg_median": 680.2490234375,
  "summary_fg_n": 41780.0,
  "summary_fg_p05": 555.9875366210938,
  "summary_fg_p95": 824.635333251953,
  "summary_fg_stdv": 88.2176284790039,
  "tsnr": 49.213792495429516
}