{
  "bids_meta": {
    "AcquisitionNumber": 1,
    "AcquisitionTime": "11:07:3.772500",
    "BodyPartExamined": "HEAD",
    "ConversionSoftware": "dcm2niix",
    "ConversionSoftwareVersion": "v1.0.20170724 (OpenJPEG build) GCC6.1.0",
    "DeviceSerialNumber": "35353",
    "EchoTime": 0.005,
    "FlipAngle": 40,
    "ImageType": [
      "ORIGINAL",
      "PRIMARY",
      "M",
      "ND",
      "NORM"
    ],
    "InstitutionAddress": "De_Pintelaan_185_Gent_9C4B6E_District_BE_9000",
    "InstitutionName": "UZ_Gent",
    "MagneticFieldStrength": 3,
    "Manufacturer": "Siemens",
    "ManufacturersModelName": "TrioTim",
    "PhaseEncodingDirection": "j-",
    "PhaseEncodingLines": 128,
    "ProcedureStepDescription": "Brain_Research_3T_Psychiatrie",
    "ProtocolName": "localizer",
    "RepetitionTime": 0.02,
    "ScanningSequence": "GR",
    "SequenceName": "_fl2d1",
    "SequenceVariant": "SP",
    "SeriesDescription": "localizer",
    "SoftwareVersions": "syngo_MR_B17",
    "dataset": "ds001247",
    "modality": "T1w",
    "subject_id": "21"
  },
  "cjv": 0.34842195730999787,
  "cnr": 3.816799020194521,
  "efc": 0.5143812561136042,
  "fber": 28668.8697752573,
  "fwhm_avg": 3.9062933333333327,
  "fwhm_x": 3.92283,
  "fwhm_y": 4.10826,
  "fwhm_z": 3.68779,
  "icvs_csf": 0.21006577949849217,
  "icvs_gm": 0.46140963258189777,
  "icvs_wm": 0.3285245879196101,
  "inu_med": 0.5329604744911194,
  "inu_range": 0.22491530179977415,
  "provenance": {
    "md5sum": "e56a25db5ec97a65a84fc33588d29811",
    "settings": {
      "testing": false
    },
    "software": "mriqc",
    "version": "23.0.1",
    "warnings": {
      "large_rot_frame": true,
      "small_air_mask": false
    },
    "webapi_port": null,
    "webapi_url": "https://mriqc.nimh.nih.gov/api/v1"
  },
  "qi_1": 0.0,
  "qi_2": 0.012427765396541772,
  "rpve_csf": 23.85852686933169,
  "rpve_gm": 11.537632455405074,
  "rpve_wm": 17.959587214955615,
  "size_x": 176,
  "size_y": 256,
  "size_z": 256,
  "snr_csf": 1.9724788224615037,
  "snr_gm": 11.735808927799718,
  "snr_total": 12.921321123590097,
  "snr_wm": 25.055675620509067,
  "snrd_csf": 35.312521369854345,
  "snrd_gm": 104.19284427008368,
  "snrd_total": 94.73309240257983,
  "snrd_wm": 144.69391156780145,
  "spacing_x": 1.0,
  "spacing_y": 1.0,
  "spacing_z": 1.0,
  "summary_bg_k": 16.188951344209194,
  "summary_bg_mad": 0.0,
  "summary_bg_mean": 2.9909172275346645,
  "summary_bg_median": 0.0,
  "summary_bg_n": 3436903.0,
  "summary_bg_p05": 0.0,
  "summary_bg_p95": 12.110863396897912,
  "summary_bg_stdv": 4.527859019765816,
  "summary_csf_k": 0.35743006696201807,
  "summary_csf_mad": 109.71996814036872,
  "summary_csf_mean": 243.5260801491099,
  "summary_csf_median": 244.05622767284513,
  "summary_csf_n": 37331.0,
  "summary_csf_p05": 45.474847158417106,
  "summary_csf_p95": 464.02208281867206,
  "summary_csf_stdv": 123.72906418934403,
  "summary_gm_k": 0.21892643011815638,
  "summary_gm_mad": 59.82601031721916,
  "summary_gm_mean": 717.6113927941825,
  "summary_gm_median": 720.1103613283485,
  "summary_gm_n": 41693.0,
  "summary_gm_p05": 612.3893542293459,
  "summary_gm_p95": 814.4332332160325,
  "summary_gm_stdv": 61.35936004414013,
  "summary_wm_k": 0.7415126343835756,
  "summary_wm_mad": 37.70285025199749,
  "summary_wm_mean": 999.5112670582809,
  "summary_wm_median": 1000.0263038314879,
  "summary_wm_n": 172831.0,
  "summary_wm_p05": 933.5873156953603,
  "summary_wm_p95": 1063.2339770048857,
  "summary_wm_stdv": 39.912051301188114,
  "tpm_overlap_csf": 0.1521781304447517,
  "tpm_overlap_gm": 0.4825278223874432,
  "tpm_overlap_wm": 0.4990573050402044,
  "wm2max": 0.6991921296526776
}