{
  "bids_meta": {
    "AcquisitionNumber": 1,
    "AcquisitionTime": "16:17:17.195000",
    "BodyPartExamined": "HEAD",
    "ConversionSoftware": "dcm2niix",
    "ConversionSoftwareVersion": "v1.0.20170724 (OpenJPEG build) GCC6.1.0",
    "DeviceSerialNumber": "35353",
    "EchoTime": 0.005,
    "FlipAngle": 40,
    "ImageType": [
      "ORIGINAL",
      "PRIMARY",
      "M",
      "ND",
      "NORM"
    ],
    "InstitutionAddress": "De_Pintelaan_185_Gent_9C4B6E_District_BE_9000",
    "InstitutionName": "UZ_Gent",
    "MagneticFieldStrength": 3,
    "Manufacturer": "Siemens",
    "ManufacturersModelName": "TrioTim",
    "PhaseEncodingDirection": "i-",
    "PhaseEncodingLines": 128,
    "ProcedureStepDescription": "MR_hersenen_(structuur_alleen)",
    "ProtocolName": "localizer",
    "RepetitionTime": 0.02,
    "ScanningSequence": "GR",
    "SequenceName": "_fl2d1",
    "SequenceVariant": "SP",
    "SeriesDescription": "localizer",
    "SoftwareVersions": "syngo_MR_B17",
    "dataset": "ds001247",
    "modality": "T1w",
    "subject_id": "34"
  },
  "cjv": 0.3196454806118216,
  "cnr": 4.064806302150843,
  "efc": 0.5445628133700342,
  "fber": 15543.140284869658,
  "fwhm_avg": 3.658073333333333,
  "fwhm_x": 3.7774,
  "fwhm_y": 3.831,
  "fwhm_z": 3.36582,
  "icvs_csf": 0.2143899405940284,
  "icvs_gm": 0.45972671609354887,
  "icvs_wm": 0.32588334331242275,
  "inu_med": 0.5742089152336121,
  "inu_range": 0.22089842557907097,
  "provenance": {
    "md5sum": "1621ef179d7ab7f3280e6297119e4dbd",
    "settings": {
      "testing": false
    },
    "software": "mriqc",
    "version": "23.0.1",
    "warnings": {
      "large_rot_frame": true,
      "small_air_mask": false
    },
    "webapi_port": null,
    "webapi_url": "https://mriqc.nimh.nih.gov/api/v1"
  },
  "qi_1": 0.0,
  "qi_2": 0.012640397886248387,
  "rpve_csf": 20.805783433142807,
  "rpve_gm": 10.364062631211914,
  "rpve_wm": 16.373570995353948,
  "size_x": 176,
  "size_y": 256,
  "size_z": 256,
  "snr_csf": 2.117603034298383,
  "snr_gm": 11.209950644401749,
  "snr_total": 12.001968620570572,
  "snr_wm": 22.678352183011587,
  "snrd_csf": 27.33909589515011,
  "snrd_gm": 77.56643932585105,
  "snrd_total": 72.38872580248987,
  "snrd_wm": 112.26064218646846,
  "spacing_x": 1.0,
  "spacing_y": 1.0,
  "spacing_z": 1.0,
  "summary_bg_k": 19.72057193493016,
  "summary_bg_mad": 5.835684641089332,
  "summary_bg_mean": 4.450586792404101,
  "summary_bg_median": 3.9361094757914543,
  "summary_bg_n": 3030902.0,
  "summary_bg_p05": 0.0,
  "summary_bg_p95": 15.20250978693366,
  "summary_bg_stdv": 6.104988726036879,
  "summary_csf_k": 1.288011134852594,
  "summary_csf_mad": 96.79624741632958,
  "summary_csf_mean": 250.27628053586488,
  "summary_csf_median": 243.52538191527128,
  "summary_csf_n": 47475.0,
  "summary_csf_p05": 67.93211549632252,
  "summary_csf_p95": 456.21505401693247,
  "summary_csf_stdv": 114.99927662669612,
  "summary_gm_k": 0.34905594333407786,
  "summary_gm_mad": 58.39913398075629,
  "summary_gm_mean": 689.163527984456,
  "summary_gm_median": 690.9298256635666,
  "summary_gm_n": 46031.0,
  "summary_gm_p05": 584.512257155031,
  "summary_gm_p95": 787.7780845407397,
  "summary_gm_stdv": 61.63473350516506,
  "summary_wm_k": 1.0567439388851083,
  "summary_wm_mad": 40.3846292191327,
  "summary_wm_mean": 999.6106271949229,
  "summary_wm_median": 999.9714645780623,
  "summary_wm_n": 198839.0,
  "summary_wm_p05": 927.4386646002531,
  "summary_wm_p95": 1070.0256564874196,
  "summary_wm_stdv": 44.09354533256161,
  "tpm_overlap_csf": 0.16389323438546857,
  "tpm_overlap_gm": 0.4727193192991901,
  "tpm_overlap_wm": 0.5029230768393455,
  "wm2max": 0.6501577943296052
}