{
  "bids_meta": {
    "AccelFactPE": 2,
    "AcquisitionNumber": 1,
    "AcquisitionTime": "11:52:13.197500",
    "BodyPartExamined": "HEAD",
    "ConversionSoftware": "dcm2niix",
    "ConversionSoftwareVersion": "v1.0.20170724 (OpenJPEG build) GCC6.1.0",
    "DeviceSerialNumber": "35353",
    "EchoTime": 0.00418,
    "FlipAngle": 9,
    "ImageType": [
      "ORIGINAL",
      "PRIMARY",
      "M",
      "ND",
      "NORM"
    ],
    "InstitutionAddress": "De_Pintelaan_185_Gent_9C4B6E_District_BE_9000",
    "InstitutionName": "UZ_Gent",
    "InversionTime": 0.9,
    "MagneticFieldStrength": 3,
    "Manufacturer": "Siemens",
    "ManufacturersModelName": "TrioTim",
    "PhaseEncodingDirection": "i-",
    "PhaseEncodingLines": 256,
    "ProcedureStepDescription": "MR_hersenen_(structuur_alleen)",
    "ProtocolName": "T1_mprage",
    "RepetitionTime": 2.25,
    "ScanningSequence": "GR_IR",
    "SequenceName": "_tfl3d1_ns",
    "SequenceVariant": "SP_MP",
    "SeriesDescription": "T1_mprage",
    "SoftwareVersions": "syngo_MR_B17",
    "dataset": "ds001247",
    "modality": "T1w",
    "subject_id": "5"
  },
  "cjv": 0.3613254642560678,
  "cnr": 3.629389945890756,
  "efc": 0.5260226786098361,
  "fber": 16816.8345935324,
  "fwhm_avg": 3.869053412675068,
  "fwhm_x": 3.9934002380252025,
  "fwhm_y": 4.0408,
  "fwhm_z": 3.57296,
  "icvs_csf": 0.21851192099821853,
  "icvs_gm": 0.4291864795589878,
  "icvs_wm": 0.35230159944279366,
  "inu_med": 0.5335713922977448,
  "inu_range": 0.2216552138328552,
  "provenance": {
    "md5sum": "042ad6eb626db979851d4723ff8ccd6d",
    "settings": {
      "testing": false
    },
    "software": "mriqc",
    "version": "23.0.1",
    "warnings": {
      "large_rot_frame": true,
      "small_air_mask": false
    },
    "webapi_port": null,
    "webapi_url": "https://mriqc.nimh.nih.gov/api/v1"
  },
  "qi_1": 0.0,
  "qi_2": 0.0151756591741982,
  "rpve_csf": 21.679915588794678,
  "rpve_gm": 11.373665662137943,
  "rpve_wm": 16.10212405087146,
  "size_x": 176,
  "size_y": 256,
  "size_z": 256,
  "snr_csf": 2.353553328032742,
  "snr_gm": 11.090773402815486,
  "snr_total": 12.408400441226446,
  "snr_wm": 23.780874592831108,
  "snrd_csf": 36.14302917952651,
  "snrd_gm": 96.57665893962124,
  "snrd_total": 89.01376521361676,
  "snrd_wm": 134.32160752170256,
  "spacing_x": 0.9999999403953552,
  "spacing_y": 1.0,
  "spacing_z": 1.0,
  "summary_bg_k": 10.334585199140845,
  "summary_bg_mad": 0.0,
  "summary_bg_mean": 3.4810522096323457,
  "summary_bg_median": 0.0,
  "summary_bg_n": 2985253.0,
  "summary_bg_p05": 0.0,
  "summary_bg_p95": 12.653209295123816,
  "summary_bg_stdv": 4.877532680512215,
  "summary_csf_k": 1.4245301498317229,
  "summary_csf_mad": 95.65965421472775,
  "summary_csf_mean": 278.31713061322904,
  "summary_csf_median": 269.0871793963015,
  "summary_csf_n": 40826.0,
  "summary_csf_p05": 97.3025187375024,
  "summary_csf_p95": 485.4636657629162,
  "summary_csf_stdv": 114.3309057985671,
  "summary_gm_k": 0.2264913706725733,
  "summary_gm_mad": 62.45061911099738,
  "summary_gm_mean": 719.0784786394162,
  "summary_gm_median": 719.0194441229105,
  "summary_gm_n": 26276.0,
  "summary_gm_p05": 612.2683147890493,
  "summary_gm_p95": 825.9274996817112,
  "summary_gm_stdv": 64.8291815026622,
  "summary_wm_k": 0.7679186227652393,
  "summary_wm_mad": 39.086740431824246,
  "summary_wm_mean": 1000.2307788711954,
  "summary_wm_median": 1000.0330166146159,
  "summary_wm_n": 212428.0,
  "summary_wm_p05": 932.3730358406901,
  "summary_wm_p95": 1069.2787781879306,
  "summary_wm_stdv": 42.0518874901649,
  "tpm_overlap_csf": 0.1557453206023061,
  "tpm_overlap_gm": 0.46360285196066847,
  "tpm_overlap_wm": 0.514699839982241,
  "wm2max": 0.5950832499743159
}