{
  "aor": 0.00052658,
  "aqi": 0.009696198860000001,
  "bids_meta": {
    "AccelFactPE": 2,
    "AcquisitionNumber": 1,
    "AcquisitionTime": "14:25:39.535000",
    "BandwidthPerPixelPhaseEncode": 52.083,
    "BodyPartExamined": "HEAD",
    "ConversionSoftware": "dcm2niix",
    "ConversionSoftwareVersion": "v1.0.20170724 (OpenJPEG build) GCC6.1.0",
    "DeviceSerialNumber": "35353",
    "EchoTime": 0.025,
    "EffectiveEchoSpacing": 0.000300002,
    "FlipAngle": 90,
    "ImageType": [
      "ORIGINAL",
      "PRIMARY",
      "M",
      "ND",
      "NORM",
      "MOSAIC"
    ],
    "InstitutionAddress": "De_Pintelaan_185_Gent_9C4B6E_District_BE_9000",
    "InstitutionName": "UZ_Gent",
    "MagneticFieldStrength": 3,
    "Manufacturer": "Siemens",
    "ManufacturersModelName": "TrioTim",
    "PhaseEncodingDirection": "j-",
    "PhaseEncodingLines": 64,
    "ProcedureStepDescription": "MR_hersenen_(structuur_alleen)",
    "ProtocolName": "epi_TASK",
    "RepetitionTime": 2,
    "ScanningSequence": "EP",
    "SequenceName": "_epfid2d1_64",
    "SequenceVariant": "SK_OSP",
    "SeriesDescription": "epi_TASK",
    "SliceTiming": [
      0.97,
      1.9375,
      0.9175,
      1.8875,
      0.8675,
      1.835,
      0.815,
      1.785,
      0.765,
      1.7325,
      0.715,
      1.6825,
      0.6625,
      1.6325,
      0.6125,
      1.58,
      0.5625,
      1.53,
      0.51,
      1.4775,
      0.46,
      1.4275,
      0.4075,
      1.3775,
      0.3575,
      1.325,
      0.3075,
      1.275,
      0.255,
      1.225,
      0.205,
      1.1725,
      0.1525,
      1.1225,
      0.1025,
      1.07,
      0.0525,
      1.02,
      0
    ],
    "SoftwareVersions": "syngo_MR_B17",
    "TaskName": "cueexposure",
    "TotalReadoutTime": 0.0231001,
    "TrueEchoSpacing": 0.000600004,
    "dataset": "ds001247",
    "modality": "bold",
    "subject_id": "8",
    "task_id": "cueexposure"
  },
  "dummy_trs": 0,
  "dvars_nstd": 24.170464341623266,
  "dvars_std": 1.1241845063326659,
  "dvars_vstd": 0.9941296743286573,
  "efc": 0.6157421206317248,
  "fber": 1453.0733642578125,
  "fd_mean": 0.11072584239451883,
  "fd_num": 39,
  "fd_perc": 7.8,
  "fwhm_avg": 1.6268022222222223,
  "fwhm_x": 1.4983033333333333,
  "fwhm_y": 1.7887433333333334,
  "fwhm_z": 1.5933599999999999,
  "gcor": 0.0152912,
  "gsr_x": 0.01451138500124216,
  "gsr_y": 0.041835855692625046,
  "provenance": {
    "md5sum": "d7d8f1943c195e58a99bbf23a40aaf95",
    "settings": {
      "fd_thres": 0.2,
      "testing": false
    },
    "software": "mriqc",
    "version": "23.0.1",
    "webapi_port": null,
    "webapi_url": "https://mriqc.nimh.nih.gov/api/v1"
  },
  "size_t": 500,
  "size_x": 64,
  "size_y": 64,
  "size_z": 39,
  "snr": 7.524075212315405,
  "spacing_tr": 2.0,
  "spacing_x": 3.0,
  "spacing_y": 3.0,
  "spacing_z": 3.0,
  "summary_bg_k": 20.295051086884914,
  "summary_bg_mad": 13.488717178367274,
  "summary_bg_mean": 39.84511947631836,
  "summary_bg_median": 17.280000686645508,
  "summary_bg_n": 78040.0,
  "summary_bg_p05": 6.056000232696533,
  "summary_bg_p95": 145.45700912475593,
  "summary_bg_stdv": 62.71935272216797,
  "summary_fg_k": 2.4266892701007405,
  "summary_fg_mad": 90.01768136627418,
  "summary_fg_mean": 678.3353881835938,
  "summary_fg_median": 676.4500122070312,
  "summary_fg_n": 45377.0,
  "summary_fg_p05": 550.2692260742188,
  "summary_fg_p95": 819.1200561523438,
  "summary_fg_stdv": 89.90374755859375,
  "tsnr": 60.18921436741948
}