{
  "aor": 0.0010106012024048094,
  "aqi": 0.013938459278557113,
  "bids_meta": {
    "AccelFactPE": 2,
    "AcquisitionNumber": 1,
    "AcquisitionTime": "14:20:56.562500",
    "BandwidthPerPixelPhaseEncode": 52.083,
    "BodyPartExamined": "HEAD",
    "ConversionSoftware": "dcm2niix",
    "ConversionSoftwareVersion": "v1.0.20170724 (OpenJPEG build) GCC6.1.0",
    "DeviceSerialNumber": "35353",
    "EchoTime": 0.025,
    "EffectiveEchoSpacing": 0.000300002,
    "FlipAngle": 90,
    "ImageType": [
      "ORIGINAL",
      "PRIMARY",
      "M",
      "ND",
      "NORM",
      "MOSAIC"
    ],
    "InstitutionAddress": "De_Pintelaan_185_Gent_9C4B6E_District_BE_9000",
    "InstitutionName": "UZ_Gent",
    "MagneticFieldStrength": 3,
    "Manufacturer": "Siemens",
    "ManufacturersModelName": "TrioTim",
    "PhaseEncodingDirection": "j-",
    "PhaseEncodingLines": 64,
    "ProcedureStepDescription": "MR_hersenen_(structuur_alleen)",
    "ProtocolName": "epi_TASK",
    "RepetitionTime": 2,
    "ScanningSequence": "EP",
    "SequenceName": "_epfid2d1_64",
    "SequenceVariant": "SK_OSP",
    "SeriesDescription": "epi_TASK",
    "SliceTiming": [
      0.9675,
      1.935,
      0.9175,
      1.885,
      0.865,
      1.835,
      0.815,
      1.7825,
      0.7625,
      1.7325,
      0.7125,
      1.68,
      0.6625,
      1.63,
      0.61,
      1.58,
      0.56,
      1.5275,
      0.51,
      1.4775,
      0.4575,
      1.425,
      0.4075,
      1.375,
      0.355,
      1.325,
      0.305,
      1.2725,
      0.255,
      1.2225,
      0.2025,
      1.1725,
      0.1525,
      1.12,
      0.1,
      1.07,
      0.05,
      1.0175,
      0
    ],
    "SoftwareVersions": "syngo_MR_B17",
    "TaskName": "cueexposure",
    "TotalReadoutTime": 0.0231001,
    "TrueEchoSpacing": 0.000600004,
    "dataset": "ds001247",
    "modality": "bold",
    "subject_id": "27",
    "task_id": "cueexposure"
  },
  "dummy_trs": 1,
  "dvars_nstd": 27.20918529016063,
  "dvars_std": 1.0926484929518077,
  "dvars_vstd": 0.9675481938755021,
  "efc": 0.591601353772716,
  "fber": 1767.034423828125,
  "fd_mean": 0.1460513419774312,
  "fd_num": 45,
  "fd_perc": 9.01803607214429,
  "fwhm_avg": 1.6078777351735287,
  "fwhm_x": 1.4618466666666665,
  "fwhm_y": 1.7535299999999998,
  "fwhm_z": 1.6082565388539205,
  "gcor": 0.00869928,
  "gsr_x": 0.025741219520568848,
  "gsr_y": 0.0506950318813324,
  "provenance": {
    "md5sum": "0b01cdeb263727060cf8f6632a0d299c",
    "settings": {
      "fd_thres": 0.2,
      "testing": false
    },
    "software": "mriqc",
    "version": "23.0.1",
    "webapi_port": null,
    "webapi_url": "https://mriqc.nimh.nih.gov/api/v1"
  },
  "size_t": 499,
  "size_x": 64,
  "size_y": 64,
  "size_z": 39,
  "snr": 7.161542690796375,
  "spacing_tr": 2.0,
  "spacing_x": 3.0,
  "spacing_y": 3.0,
  "spacing_z": 3.000000238418579,
  "summary_bg_k": 19.32822845449718,
  "summary_bg_mad": 9.01148826870305,
  "summary_bg_mean": 36.06523895263672,
  "summary_bg_median": 12.805611610412598,
  "summary_bg_n": 84989.0,
  "summary_bg_p05": 5.619238376617432,
  "summary_bg_p95": 146.8040100097641,
  "summary_bg_stdv": 63.92137908935547,
  "summary_fg_k": 1.5961355848610328,
  "summary_fg_mad": 76.08213446998796,
  "summary_fg_mean": 551.0089721679688,
  "summary_fg_median": 546.8396606445312,
  "summary_fg_n": 40403.0,
  "summary_fg_p05": 443.6394744873047,
  "summary_fg_p95": 677.4685546875,
  "summary_fg_stdv": 76.35685729980469,
  "tsnr": 51.18397782195825
}