{
  "aor": 0.0018795199999999998,
  "aqi": 0.01628787222,
  "bids_meta": {
    "AccelFactPE": 2,
    "AcquisitionNumber": 1,
    "AcquisitionTime": "17:00:15.192500",
    "BandwidthPerPixelPhaseEncode": 52.083,
    "BodyPartExamined": "HEAD",
    "ConversionSoftware": "dcm2niix",
    "ConversionSoftwareVersion": "v1.0.20170724 (OpenJPEG build) GCC6.1.0",
    "DeviceSerialNumber": "35353",
    "EchoTime": 0.025,
    "EffectiveEchoSpacing": 0.000300002,
    "FlipAngle": 90,
    "ImageType": [
      "ORIGINAL",
      "PRIMARY",
      "M",
      "ND",
      "NORM",
      "MOSAIC"
    ],
    "InstitutionAddress": "De_Pintelaan_185_Gent_9C4B6E_District_BE_9000",
    "InstitutionName": "UZ_Gent",
    "MagneticFieldStrength": 3,
    "Manufacturer": "Siemens",
    "ManufacturersModelName": "TrioTim",
    "PhaseEncodingDirection": "j-",
    "PhaseEncodingLines": 64,
    "ProcedureStepDescription": "MR_hersenen_(structuur_alleen)",
    "ProtocolName": "epi_TASK",
    "RepetitionTime": 2,
    "ScanningSequence": "EP",
    "SequenceName": "_epfid2d1_64",
    "SequenceVariant": "SK_OSP",
    "SeriesDescription": "epi_TASK",
    "SliceTiming": [
      0.9675,
      1.9375,
      0.9175,
      1.885,
      0.8675,
      1.835,
      0.815,
      1.7825,
      0.765,
      1.7325,
      0.7125,
      1.6825,
      0.6625,
      1.63,
      0.6125,
      1.58,
      0.56,
      1.53,
      0.51,
      1.4775,
      0.4575,
      1.4275,
      0.4075,
      1.375,
      0.3575,
      1.325,
      0.305,
      1.275,
      0.255,
      1.2225,
      0.2025,
      1.1725,
      0.1525,
      1.12,
      0.1025,
      1.07,
      0.05,
      1.02,
      0
    ],
    "SoftwareVersions": "syngo_MR_B17",
    "TaskName": "cueexposure",
    "TotalReadoutTime": 0.0231001,
    "TrueEchoSpacing": 0.000600004,
    "dataset": "ds001247",
    "modality": "bold",
    "subject_id": "11",
    "task_id": "cueexposure"
  },
  "dummy_trs": 0,
  "dvars_nstd": 22.714565643987992,
  "dvars_std": 1.0333518701202407,
  "dvars_vstd": 0.9719487874949898,
  "efc": 0.5940429662143905,
  "fber": 1379.02392578125,
  "fd_mean": 0.09781772429312141,
  "fd_num": 36,
  "fd_perc": 7.2,
  "fwhm_avg": 1.6295933333333332,
  "fwhm_x": 1.44165,
  "fwhm_y": 1.8325266666666666,
  "fwhm_z": 1.6146033333333334,
  "gcor": 0.0118821,
  "gsr_x": 0.010729941539466381,
  "gsr_y": 0.045273348689079285,
  "provenance": {
    "md5sum": "1e1ac45c276e001a49dbd8bdecb29e60",
    "settings": {
      "fd_thres": 0.2,
      "testing": false
    },
    "software": "mriqc",
    "version": "23.0.1",
    "webapi_port": null,
    "webapi_url": "https://mriqc.nimh.nih.gov/api/v1"
  },
  "size_t": 500,
  "size_x": 64,
  "size_y": 64,
  "size_z": 39,
  "snr": 7.656968944999752,
  "spacing_tr": 2.0,
  "spacing_x": 3.0,
  "spacing_y": 3.0,
  "spacing_z": 3.0,
  "summary_bg_k": 14.62539316186096,
  "summary_bg_mad": 13.295978013331359,
  "summary_bg_mean": 46.35081481933594,
  "summary_bg_median": 16.442001342773438,
  "summary_bg_n": 85799.0,
  "summary_bg_p05": 6.0460004806518555,
  "summary_bg_p95": 184.6162155151362,
  "summary_bg_stdv": 74.07537841796875,
  "summary_fg_k": 2.6646786365590183,
  "summary_fg_mad": 74.24566775102666,
  "summary_fg_mean": 622.8582153320312,
  "summary_fg_median": 619.3360595703125,
  "summary_fg_n": 38379.0,
  "summary_fg_p05": 504.2248138427734,
  "summary_fg_p95": 750.9804382324219,
  "summary_fg_stdv": 80.88422393798828,
  "tsnr": 49.93849829817191
}