{
  "aor": 0.006766039999999998,
  "aqi": 0.01948083138,
  "bids_meta": {
    "AccelFactPE": 2,
    "AcquisitionNumber": 1,
    "AcquisitionTime": "11:45:11.237500",
    "BandwidthPerPixelPhaseEncode": 52.083,
    "BodyPartExamined": "HEAD",
    "ConversionSoftware": "dcm2niix",
    "ConversionSoftwareVersion": "v1.0.20170724 (OpenJPEG build) GCC6.1.0",
    "DeviceSerialNumber": "35353",
    "EchoTime": 0.025,
    "EffectiveEchoSpacing": 0.000300002,
    "FlipAngle": 90,
    "ImageType": [
      "ORIGINAL",
      "PRIMARY",
      "M",
      "ND",
      "NORM",
      "MOSAIC"
    ],
    "InstitutionAddress": "De_Pintelaan_185_Gent_9C4B6E_District_BE_9000",
    "InstitutionName": "UZ_Gent",
    "MagneticFieldStrength": 3,
    "Manufacturer": "Siemens",
    "ManufacturersModelName": "TrioTim",
    "PhaseEncodingDirection": "j-",
    "PhaseEncodingLines": 64,
    "ProcedureStepDescription": "MR_hersenen_(structuur_alleen)",
    "ProtocolName": "epi_TASK",
    "RepetitionTime": 2,
    "ScanningSequence": "EP",
    "SequenceName": "_epfid2d1_64",
    "SequenceVariant": "SK_OSP",
    "SeriesDescription": "epi_TASK",
    "SliceTiming": [
      0.9675,
      1.9375,
      0.9175,
      1.885,
      0.865,
      1.835,
      0.815,
      1.7825,
      0.765,
      1.7325,
      0.7125,
      1.6825,
      0.6625,
      1.63,
      0.6125,
      1.58,
      0.56,
      1.5275,
      0.51,
      1.4775,
      0.4575,
      1.4275,
      0.4075,
      1.375,
      0.3575,
      1.325,
      0.305,
      1.275,
      0.255,
      1.2225,
      0.2025,
      1.1725,
      0.1525,
      1.12,
      0.1025,
      1.07,
      0.05,
      1.02,
      0
    ],
    "SoftwareVersions": "syngo_MR_B17",
    "TaskName": "cueexposure",
    "TotalReadoutTime": 0.0231001,
    "TrueEchoSpacing": 0.000600004,
    "dataset": "ds001247",
    "modality": "bold",
    "subject_id": "38",
    "task_id": "cueexposure"
  },
  "dummy_trs": 0,
  "dvars_nstd": 29.825905186232458,
  "dvars_std": 1.080391210701402,
  "dvars_vstd": 1.023773745070141,
  "efc": 0.5977071437800202,
  "fber": 1366.181396484375,
  "fd_mean": 0.17168623166534736,
  "fd_num": 117,
  "fd_perc": 23.4,
  "fwhm_avg": 1.6239088888888888,
  "fwhm_x": 1.48003,
  "fwhm_y": 1.7736266666666667,
  "fwhm_z": 1.6180700000000001,
  "gcor": 0.0557684,
  "gsr_x": 0.02168918028473854,
  "gsr_y": 0.037325575947761536,
  "provenance": {
    "md5sum": "f4cdc259c9a771b6d3cd33bff718c136",
    "settings": {
      "fd_thres": 0.2,
      "testing": false
    },
    "software": "mriqc",
    "version": "23.0.1",
    "webapi_port": null,
    "webapi_url": "https://mriqc.nimh.nih.gov/api/v1"
  },
  "size_t": 500,
  "size_x": 64,
  "size_y": 64,
  "size_z": 39,
  "snr": 8.141782411057461,
  "spacing_tr": 2.0,
  "spacing_x": 3.0,
  "spacing_y": 3.0,
  "spacing_z": 3.0,
  "summary_bg_k": 12.044274507214475,
  "summary_bg_mad": 13.23370828466687,
  "summary_bg_mean": 46.479042053222656,
  "summary_bg_median": 16.644001007080078,
  "summary_bg_n": 84919.0,
  "summary_bg_p05": 6.026000499725342,
  "summary_bg_p95": 198.82920379638662,
  "summary_bg_stdv": 73.67417907714844,
  "summary_fg_k": 3.239073182521838,
  "summary_fg_mad": 68.1908339471675,
  "summary_fg_mean": 632.1475219726562,
  "summary_fg_median": 630.64404296875,
  "summary_fg_n": 39187.0,
  "summary_fg_p05": 517.4914306640625,
  "summary_fg_p95": 753.4238464355468,
  "summary_fg_stdv": 77.45674896240234,
  "tsnr": 44.287150624673814
}