{
  "aor": 0.0022923387096774194,
  "aqi": 0.014941393326612904,
  "bids_meta": {
    "AccelFactPE": 2,
    "AcquisitionNumber": 1,
    "AcquisitionTime": "12:25:52.695000",
    "BandwidthPerPixelPhaseEncode": 52.083,
    "BodyPartExamined": "HEAD",
    "ConversionSoftware": "dcm2niix",
    "ConversionSoftwareVersion": "v1.0.20170724 (OpenJPEG build) GCC6.1.0",
    "DeviceSerialNumber": "35353",
    "EchoTime": 0.025,
    "EffectiveEchoSpacing": 0.000300002,
    "FlipAngle": 90,
    "ImageType": [
      "ORIGINAL",
      "PRIMARY",
      "M",
      "ND",
      "NORM",
      "MOSAIC"
    ],
    "InstitutionAddress": "De_Pintelaan_185_Gent_9C4B6E_District_BE_9000",
    "InstitutionName": "UZ_Gent",
    "MagneticFieldStrength": 3,
    "Manufacturer": "Siemens",
    "ManufacturersModelName": "TrioTim",
    "PhaseEncodingDirection": "j-",
    "PhaseEncodingLines": 64,
    "ProcedureStepDescription": "MR_hersenen_(structuur_alleen)",
    "ProtocolName": "epi_TASK",
    "RepetitionTime": 2,
    "ScanningSequence": "EP",
    "SequenceName": "_epfid2d1_64",
    "SequenceVariant": "SK_OSP",
    "SeriesDescription": "epi_TASK",
    "SliceTiming": [
      0.9675,
      1.9375,
      0.9175,
      1.885,
      0.8675,
      1.835,
      0.815,
      1.785,
      0.765,
      1.7325,
      0.7125,
      1.6825,
      0.6625,
      1.63,
      0.6125,
      1.58,
      0.56,
      1.53,
      0.51,
      1.4775,
      0.46,
      1.4275,
      0.4075,
      1.375,
      0.3575,
      1.325,
      0.305,
      1.275,
      0.255,
      1.2225,
      0.205,
      1.1725,
      0.1525,
      1.1225,
      0.1025,
      1.07,
      0.05,
      1.02,
      0
    ],
    "SoftwareVersions": "syngo_MR_B17",
    "TaskName": "cueexposure",
    "TotalReadoutTime": 0.0231001,
    "TrueEchoSpacing": 0.000600004,
    "dataset": "ds001247",
    "modality": "bold",
    "subject_id": "39",
    "task_id": "cueexposure"
  },
  "dummy_trs": 4,
  "dvars_nstd": 29.176342315111135,
  "dvars_std": 1.2340361579797976,
  "dvars_vstd": 1.0214171293939387,
  "efc": 0.6109443937347345,
  "fber": 1610.3992919921875,
  "fd_mean": 0.12173323360638376,
  "fd_num": 46,
  "fd_perc": 9.274193548387096,
  "fwhm_avg": 1.6181355555555557,
  "fwhm_x": 1.4516466666666668,
  "fwhm_y": 1.8137366666666666,
  "fwhm_z": 1.5890233333333335,
  "gcor": 0.0239477,
  "gsr_x": 0.01032869704067707,
  "gsr_y": 0.05639205873012543,
  "provenance": {
    "md5sum": "67dc39d5a78cbf26449925cbd97ddefd",
    "settings": {
      "fd_thres": 0.2,
      "testing": false
    },
    "software": "mriqc",
    "version": "23.0.1",
    "webapi_port": null,
    "webapi_url": "https://mriqc.nimh.nih.gov/api/v1"
  },
  "size_t": 496,
  "size_x": 64,
  "size_y": 64,
  "size_z": 39,
  "snr": 8.542287006089207,
  "spacing_tr": 2.0,
  "spacing_x": 3.0,
  "spacing_y": 3.0,
  "spacing_z": 3.0,
  "summary_bg_k": 13.590453684027217,
  "summary_bg_mad": 12.50646719248562,
  "summary_bg_mean": 48.46333312988281,
  "summary_bg_median": 16.560483932495117,
  "summary_bg_n": 81083.0,
  "summary_bg_p05": 6.365120792388916,
  "summary_bg_p95": 204.9479736328116,
  "summary_bg_stdv": 81.90535736083984,
  "summary_fg_k": 4.431160547231145,
  "summary_fg_mad": 68.58677669662254,
  "summary_fg_mean": 679.5390014648438,
  "summary_fg_median": 678.2802124023438,
  "summary_fg_n": 42674.0,
  "summary_fg_p05": 565.4224731445313,
  "summary_fg_p95": 803.4876739501952,
  "summary_fg_stdv": 79.40171813964844,
  "tsnr": 56.82801676529925
}