{
  "aor": 0.00091004,
  "aqi": 0.013708028799999999,
  "bids_meta": {
    "AccelFactPE": 2,
    "AcquisitionNumber": 1,
    "AcquisitionTime": "16:17:54.170000",
    "BandwidthPerPixelPhaseEncode": 52.083,
    "BodyPartExamined": "HEAD",
    "ConversionSoftware": "dcm2niix",
    "ConversionSoftwareVersion": "v1.0.20170724 (OpenJPEG build) GCC6.1.0",
    "DeviceSerialNumber": "35353",
    "EchoTime": 0.025,
    "EffectiveEchoSpacing": 0.000300002,
    "FlipAngle": 90,
    "ImageType": [
      "ORIGINAL",
      "PRIMARY",
      "M",
      "ND",
      "NORM",
      "MOSAIC"
    ],
    "InstitutionAddress": "De_Pintelaan_185_Gent_9C4B6E_District_BE_9000",
    "InstitutionName": "UZ_Gent",
    "MagneticFieldStrength": 3,
    "Manufacturer": "Siemens",
    "ManufacturersModelName": "TrioTim",
    "PhaseEncodingDirection": "j-",
    "PhaseEncodingLines": 64,
    "ProcedureStepDescription": "MR_hersenen_(structuur_alleen)",
    "ProtocolName": "epi_TASK",
    "RepetitionTime": 2,
    "ScanningSequence": "EP",
    "SequenceName": "_epfid2d1_64",
    "SequenceVariant": "SK_OSP",
    "SeriesDescription": "epi_TASK",
    "SliceTiming": [
      0.9675,
      1.935,
      0.9175,
      1.885,
      0.865,
      1.835,
      0.815,
      1.7825,
      0.7625,
      1.7325,
      0.7125,
      1.68,
      0.6625,
      1.63,
      0.61,
      1.58,
      0.56,
      1.5275,
      0.51,
      1.4775,
      0.4575,
      1.425,
      0.4075,
      1.375,
      0.355,
      1.325,
      0.305,
      1.2725,
      0.255,
      1.2225,
      0.2025,
      1.1725,
      0.1525,
      1.12,
      0.1,
      1.07,
      0.05,
      1.0175,
      0
    ],
    "SoftwareVersions": "syngo_MR_B17",
    "TaskName": "cueexposure",
    "TotalReadoutTime": 0.0231001,
    "TrueEchoSpacing": 0.000600004,
    "dataset": "ds001247",
    "modality": "bold",
    "subject_id": "43",
    "task_id": "cueexposure"
  },
  "dummy_trs": 0,
  "dvars_nstd": 27.88619720282564,
  "dvars_std": 1.1477633179959914,
  "dvars_vstd": 1.0055706631863723,
  "efc": 0.5673828892803081,
  "fber": 1593.94921875,
  "fd_mean": 0.1450099516600004,
  "fd_num": 76,
  "fd_perc": 15.2,
  "fwhm_avg": 1.6332833333333336,
  "fwhm_x": 1.4848466666666666,
  "fwhm_y": 1.8196766666666668,
  "fwhm_z": 1.5953266666666668,
  "gcor": 0.0105019,
  "gsr_x": 0.004671733360737562,
  "gsr_y": 0.0411188118159771,
  "provenance": {
    "md5sum": "ab2de95f6e1cf9d5effe6ee5624ed404",
    "settings": {
      "fd_thres": 0.2,
      "testing": false
    },
    "software": "mriqc",
    "version": "23.0.1",
    "webapi_port": null,
    "webapi_url": "https://mriqc.nimh.nih.gov/api/v1"
  },
  "size_t": 500,
  "size_x": 64,
  "size_y": 64,
  "size_z": 39,
  "snr": 8.171644061243972,
  "spacing_tr": 2.0,
  "spacing_x": 3.0,
  "spacing_y": 3.0,
  "spacing_z": 3.0,
  "summary_bg_k": 21.362990052875105,
  "summary_bg_mad": 12.029835582991288,
  "summary_bg_mean": 38.781063079833984,
  "summary_bg_median": 15.736001014709473,
  "summary_bg_n": 89420.0,
  "summary_bg_p05": 6.284000396728516,
  "summary_bg_p95": 146.25821075439455,
  "summary_bg_stdv": 62.84647750854492,
  "summary_fg_k": 3.928719340692097,
  "summary_fg_mad": 68.8995583475176,
  "summary_fg_mean": 645.2651977539062,
  "summary_fg_median": 643.1200561523438,
  "summary_fg_n": 35679.0,
  "summary_fg_p05": 529.5030090332032,
  "summary_fg_p95": 768.1570495605469,
  "summary_fg_stdv": 78.70032501220703,
  "tsnr": 57.3471180931665
}