{
  "bids_meta": {
    "AcquisitionNumber": 1,
    "AcquisitionTime": "14:57:7.205000",
    "BodyPartExamined": "HEAD",
    "ConversionSoftware": "dcm2niix",
    "ConversionSoftwareVersion": "v1.0.20170724 (OpenJPEG build) GCC6.1.0",
    "DeviceSerialNumber": "35353",
    "EchoTime": 0.005,
    "FlipAngle": 40,
    "ImageType": [
      "ORIGINAL",
      "PRIMARY",
      "M",
      "ND",
      "NORM"
    ],
    "InstitutionAddress": "De_Pintelaan_185_Gent_9C4B6E_District_BE_9000",
    "InstitutionName": "UZ_Gent",
    "MagneticFieldStrength": 3,
    "Manufacturer": "Siemens",
    "ManufacturersModelName": "TrioTim",
    "PhaseEncodingDirection": "i-",
    "PhaseEncodingLines": 128,
    "ProcedureStepDescription": "MR_hersenen_(structuur_alleen)",
    "ProtocolName": "localizer",
    "RepetitionTime": 0.02,
    "ScanningSequence": "GR",
    "SequenceName": "_fl2d1",
    "SequenceVariant": "SP",
    "SeriesDescription": "localizer",
    "SoftwareVersions": "syngo_MR_B17",
    "dataset": "ds001247",
    "modality": "T1w",
    "subject_id": "32"
  },
  "cjv": 0.3656974374358141,
  "cnr": 3.624578505788571,
  "efc": 0.5148410282895819,
  "fber": 19112.06070153329,
  "fwhm_avg": 3.96245,
  "fwhm_x": 3.9651,
  "fwhm_y": 4.24512,
  "fwhm_z": 3.67713,
  "icvs_csf": 0.1825113907875042,
  "icvs_gm": 0.4421708703468358,
  "icvs_wm": 0.37531773886566,
  "inu_med": 0.5431871116161346,
  "inu_range": 0.22483558207750315,
  "provenance": {
    "md5sum": "bb97ec26d0f03b91f810d00fb8bdf7dd",
    "settings": {
      "testing": false
    },
    "software": "mriqc",
    "version": "23.0.1",
    "warnings": {
      "large_rot_frame": true,
      "small_air_mask": false
    },
    "webapi_port": null,
    "webapi_url": "https://mriqc.nimh.nih.gov/api/v1"
  },
  "qi_1": 0.0,
  "qi_2": 0.005522108190162232,
  "rpve_csf": 26.948841015607545,
  "rpve_gm": 12.061713543168212,
  "rpve_wm": 16.09062542586476,
  "size_x": 176,
  "size_y": 256,
  "size_z": 256,
  "snr_csf": 2.2523353658649734,
  "snr_gm": 11.09671394071772,
  "snr_total": 11.87705023216948,
  "snr_wm": 22.282101389925753,
  "snrd_csf": 25.606423505637828,
  "snrd_gm": 72.25532117746008,
  "snrd_total": 66.32747439190884,
  "snrd_wm": 101.1206784926286,
  "spacing_x": 1.0,
  "spacing_y": 1.0,
  "spacing_z": 1.0,
  "summary_bg_k": 17.241523315888955,
  "summary_bg_mad": 0.0,
  "summary_bg_mean": 3.256235821167011,
  "summary_bg_median": 0.0,
  "summary_bg_n": 3122838.0,
  "summary_bg_p05": 0.0,
  "summary_bg_p95": 15.543671235442162,
  "summary_bg_stdv": 6.478757628411748,
  "summary_csf_k": 1.0730419662446202,
  "summary_csf_mad": 92.33889290380112,
  "summary_csf_mean": 253.36405291531275,
  "summary_csf_median": 253.2263687737286,
  "summary_csf_n": 36170.0,
  "summary_csf_p05": 65.95365088433027,
  "summary_csf_p95": 454.60425529684824,
  "summary_csf_stdv": 112.42680467770371,
  "summary_gm_k": 0.244996770213338,
  "summary_gm_mad": 62.05258172241701,
  "summary_gm_mean": 715.2547602588796,
  "summary_gm_median": 714.5454187430441,
  "summary_gm_n": 38963.0,
  "summary_gm_p05": 609.5222510997206,
  "summary_gm_p95": 822.991046107933,
  "summary_gm_stdv": 64.39169766504642,
  "summary_wm_k": 0.5534071836592895,
  "summary_wm_mad": 42.33740882423852,
  "summary_wm_mean": 1000.8645008733539,
  "summary_wm_median": 999.9999498948455,
  "summary_wm_n": 228983.0,
  "summary_wm_p05": 929.0195612944663,
  "summary_wm_p95": 1075.9357749670744,
  "summary_wm_stdv": 44.878970292114374,
  "tpm_overlap_csf": 0.1430812126355467,
  "tpm_overlap_gm": 0.45047560329729286,
  "tpm_overlap_wm": 0.4983682077357216,
  "wm2max": 0.53736834056584
}