{
  "aor": 0.000555931863727455,
  "aqi": 0.015516024448897795,
  "bids_meta": {
    "AccelFactPE": 2,
    "AcquisitionNumber": 1,
    "AcquisitionTime": "10:27:30.420000",
    "BandwidthPerPixelPhaseEncode": 52.083,
    "BodyPartExamined": "HEAD",
    "ConversionSoftware": "dcm2niix",
    "ConversionSoftwareVersion": "v1.0.20170724 (OpenJPEG build) GCC6.1.0",
    "DeviceSerialNumber": "35353",
    "EchoTime": 0.025,
    "EffectiveEchoSpacing": 0.000300002,
    "FlipAngle": 90,
    "ImageType": [
      "ORIGINAL",
      "PRIMARY",
      "M",
      "ND",
      "NORM",
      "MOSAIC"
    ],
    "InstitutionAddress": "De_Pintelaan_185_Gent_9C4B6E_District_BE_9000",
    "InstitutionName": "UZ_Gent",
    "MagneticFieldStrength": 3,
    "Manufacturer": "Siemens",
    "ManufacturersModelName": "TrioTim",
    "PhaseEncodingDirection": "j-",
    "PhaseEncodingLines": 64,
    "ProcedureStepDescription": "MR_hersenen_(structuur_alleen)",
    "ProtocolName": "epi_TASK",
    "RepetitionTime": 2,
    "ScanningSequence": "EP",
    "SequenceName": "_epfid2d1_64",
    "SequenceVariant": "SK_OSP",
    "SeriesDescription": "epi_TASK",
    "SliceTiming": [
      0.9675,
      1.935,
      0.9175,
      1.885,
      0.865,
      1.835,
      0.815,
      1.7825,
      0.765,
      1.7325,
      0.7125,
      1.6825,
      0.6625,
      1.63,
      0.61,
      1.58,
      0.56,
      1.5275,
      0.51,
      1.4775,
      0.4575,
      1.4275,
      0.4075,
      1.375,
      0.3575,
      1.325,
      0.305,
      1.2725,
      0.255,
      1.2225,
      0.2025,
      1.1725,
      0.1525,
      1.12,
      0.1025,
      1.07,
      0.05,
      1.02,
      0
    ],
    "SoftwareVersions": "syngo_MR_B17",
    "TaskName": "cueexposure",
    "TotalReadoutTime": 0.0231001,
    "TrueEchoSpacing": 0.000600004,
    "dataset": "ds001247",
    "modality": "bold",
    "subject_id": "3",
    "task_id": "cueexposure"
  },
  "dummy_trs": 1,
  "dvars_nstd": 28.787252843674718,
  "dvars_std": 1.2505159787550204,
  "dvars_vstd": 0.9655805241365457,
  "efc": 0.5819074523868104,
  "fber": 1980.08837890625,
  "fd_mean": 0.10593431794202487,
  "fd_num": 34,
  "fd_perc": 6.813627254509018,
  "fwhm_avg": 1.6039944444444443,
  "fwhm_x": 1.45355,
  "fwhm_y": 1.77232,
  "fwhm_z": 1.5861133333333333,
  "gcor": 0.0182984,
  "gsr_x": 0.005772100295871496,
  "gsr_y": 0.05451175197958946,
  "provenance": {
    "md5sum": "10b52e21bd684b242a6aa1cae1c59d68",
    "settings": {
      "fd_thres": 0.2,
      "testing": false
    },
    "software": "mriqc",
    "version": "23.0.1",
    "webapi_port": null,
    "webapi_url": "https://mriqc.nimh.nih.gov/api/v1"
  },
  "size_t": 499,
  "size_x": 64,
  "size_y": 64,
  "size_z": 39,
  "snr": 7.697163135094882,
  "spacing_tr": 2.0,
  "spacing_x": 3.0,
  "spacing_y": 3.0,
  "spacing_z": 3.0,
  "summary_bg_k": 14.708669159263671,
  "summary_bg_mad": 12.140105763139443,
  "summary_bg_mean": 44.07988357543945,
  "summary_bg_median": 15.404809951782227,
  "summary_bg_n": 86589.0,
  "summary_bg_p05": 5.527054309844971,
  "summary_bg_p95": 191.40761413574168,
  "summary_bg_stdv": 73.15933227539062,
  "summary_fg_k": 1.8996945671667493,
  "summary_fg_mad": 93.54804645731838,
  "summary_fg_mean": 689.4247436523438,
  "summary_fg_median": 690.7073974609375,
  "summary_fg_n": 38220.0,
  "summary_fg_p05": 559.2322814941406,
  "summary_fg_p95": 828.2507904052734,
  "summary_fg_stdv": 89.73414611816406,
  "tsnr": 52.53749100025743
}