{
  "bids_meta": {
    "AcquisitionNumber": 1,
    "AcquisitionTime": "16:59:23.215000",
    "BodyPartExamined": "HEAD",
    "ConversionSoftware": "dcm2niix",
    "ConversionSoftwareVersion": "v1.0.20170724 (OpenJPEG build) GCC6.1.0",
    "DeviceSerialNumber": "35353",
    "EchoTime": 0.005,
    "FlipAngle": 40,
    "ImageType": [
      "ORIGINAL",
      "PRIMARY",
      "M",
      "ND",
      "NORM"
    ],
    "InstitutionAddress": "De_Pintelaan_185_Gent_9C4B6E_District_BE_9000",
    "InstitutionName": "UZ_Gent",
    "MagneticFieldStrength": 3,
    "Manufacturer": "Siemens",
    "ManufacturersModelName": "TrioTim",
    "PhaseEncodingDirection": "i-",
    "PhaseEncodingLines": 128,
    "ProcedureStepDescription": "MR_hersenen_(structuur_alleen)",
    "ProtocolName": "localizer",
    "RepetitionTime": 0.02,
    "ScanningSequence": "GR",
    "SequenceName": "_fl2d1",
    "SequenceVariant": "SP",
    "SeriesDescription": "localizer",
    "SoftwareVersions": "syngo_MR_B17",
    "dataset": "ds001247",
    "modality": "T1w",
    "subject_id": "20"
  },
  "cjv": 0.31881131621711367,
  "cnr": 4.170642595864884,
  "efc": 0.5206148647204535,
  "fber": 39800.25000000001,
  "fwhm_avg": 3.8993767460217126,
  "fwhm_x": 3.9940702380651376,
  "fwhm_y": 4.02488,
  "fwhm_z": 3.67918,
  "icvs_csf": 0.1867241767580044,
  "icvs_gm": 0.4816421277267627,
  "icvs_wm": 0.3316336955152329,
  "inu_med": 0.5282100439071655,
  "inu_range": 0.2298646867275238,
  "provenance": {
    "md5sum": "fe2cb6f7212f9b439fe552f2404cdbab",
    "settings": {
      "testing": false
    },
    "software": "mriqc",
    "version": "23.0.1",
    "warnings": {
      "large_rot_frame": true,
      "small_air_mask": false
    },
    "webapi_port": null,
    "webapi_url": "https://mriqc.nimh.nih.gov/api/v1"
  },
  "qi_1": 0.0,
  "qi_2": 0.02033183249975285,
  "rpve_csf": 22.876553648600567,
  "rpve_gm": 9.916758501328182,
  "rpve_wm": 15.904075519096528,
  "size_x": 176,
  "size_y": 256,
  "size_z": 256,
  "snr_csf": 2.3999421085130073,
  "snr_gm": 11.742705439616461,
  "snr_total": 13.26222196641496,
  "snr_wm": 25.644018351115413,
  "snrd_csf": 41.91778861043666,
  "snrd_gm": 115.57831208927563,
  "snrd_total": 107.3878497465838,
  "snrd_wm": 164.6674485400391,
  "spacing_x": 0.9999999403953552,
  "spacing_y": 1.0,
  "spacing_z": 1.0,
  "summary_bg_k": 24.425554710253927,
  "summary_bg_mad": 0.0,
  "summary_bg_mean": 1.9662492826844156,
  "summary_bg_median": 0.0,
  "summary_bg_n": 2973095.0,
  "summary_bg_p05": 0.0,
  "summary_bg_p95": 10.260586403310299,
  "summary_bg_stdv": 3.9785422752206183,
  "summary_csf_k": 2.2302413722774324,
  "summary_csf_mad": 78.86284829517987,
  "summary_csf_mean": 264.4677638485491,
  "summary_csf_median": 254.56026267260313,
  "summary_csf_n": 35824.0,
  "summary_csf_p05": 100.26058714091778,
  "summary_csf_p95": 465.1970722164957,
  "summary_csf_stdv": 106.06785422688853,
  "summary_gm_k": 0.10656657284861737,
  "summary_gm_mad": 59.30408922625896,
  "summary_gm_mean": 700.7468138395429,
  "summary_gm_median": 701.8892565667629,
  "summary_gm_n": 80941.0,
  "summary_gm_p05": 600.7491905912757,
  "summary_gm_p95": 796.9381172806025,
  "summary_gm_stdv": 59.77199414178465,
  "summary_wm_k": 0.68412152073497,
  "summary_wm_mad": 35.73699187901599,
  "summary_wm_mean": 1000.1044203319871,
  "summary_wm_median": 1000.0000081956387,
  "summary_wm_n": 212414.0,
  "summary_wm_p05": 936.2866526246071,
  "summary_wm_p95": 1064.6905624717474,
  "summary_wm_stdv": 38.99535714750968,
  "tpm_overlap_csf": 0.17116944489536395,
  "tpm_overlap_gm": 0.47853498220516516,
  "tpm_overlap_wm": 0.48229542933426267,
  "wm2max": 0.5846412737790659
}