{
  "bids_meta": {
    "AcquisitionNumber": 1,
    "AcquisitionTime": "12:47:41.340000",
    "BodyPartExamined": "HEAD",
    "ConversionSoftware": "dcm2niix",
    "ConversionSoftwareVersion": "v1.0.20170724 (OpenJPEG build) GCC6.1.0",
    "DeviceSerialNumber": "35353",
    "EchoTime": 0.005,
    "FlipAngle": 40,
    "ImageType": [
      "ORIGINAL",
      "PRIMARY",
      "M",
      "ND",
      "NORM"
    ],
    "InstitutionAddress": "De_Pintelaan_185_Gent_9C4B6E_District_BE_9000",
    "InstitutionName": "UZ_Gent",
    "MagneticFieldStrength": 3,
    "Manufacturer": "Siemens",
    "ManufacturersModelName": "TrioTim",
    "PhaseEncodingDirection": "i-",
    "PhaseEncodingLines": 128,
    "ProcedureStepDescription": "MR_hersenen_(structuur_alleen)",
    "ProtocolName": "localizer",
    "RepetitionTime": 0.02,
    "ScanningSequence": "GR",
    "SequenceName": "_fl2d1",
    "SequenceVariant": "SP",
    "SeriesDescription": "localizer",
    "SoftwareVersions": "syngo_MR_B17",
    "dataset": "ds001247",
    "modality": "T1w",
    "subject_id": "14"
  },
  "cjv": 0.32580441604317617,
  "cnr": 4.087589853969025,
  "efc": 0.557462656781298,
  "fber": 22588.11004338628,
  "fwhm_avg": 3.7879966666666665,
  "fwhm_x": 3.8097,
  "fwhm_y": 3.96425,
  "fwhm_z": 3.59004,
  "icvs_csf": 0.1983640804586504,
  "icvs_gm": 0.4632379793917625,
  "icvs_wm": 0.33839794014958713,
  "inu_med": 0.5291087627410889,
  "inu_range": 0.20580260753631585,
  "provenance": {
    "md5sum": "1b455a181510d14f62b3d081fcd11722",
    "settings": {
      "testing": false
    },
    "software": "mriqc",
    "version": "23.0.1",
    "warnings": {
      "large_rot_frame": true,
      "small_air_mask": false
    },
    "webapi_port": null,
    "webapi_url": "https://mriqc.nimh.nih.gov/api/v1"
  },
  "qi_1": 0.0,
  "qi_2": 0.005143108975828842,
  "rpve_csf": 20.443752300692978,
  "rpve_gm": 9.447037903837025,
  "rpve_wm": 14.350783868607735,
  "size_x": 176,
  "size_y": 256,
  "size_z": 256,
  "snr_csf": 2.0069261910087723,
  "snr_gm": 12.370369100852347,
  "snr_total": 12.943349834497688,
  "snr_wm": 24.452754211631945,
  "snrd_csf": 34.01998661329378,
  "snrd_gm": 97.22794293711635,
  "snrd_total": 89.33211464751076,
  "snrd_wm": 136.74841439212216,
  "spacing_x": 1.0,
  "spacing_y": 1.0,
  "spacing_z": 1.0,
  "summary_bg_k": 15.256081457731042,
  "summary_bg_mad": 0.0,
  "summary_bg_mean": 3.2383375691715974,
  "summary_bg_median": 0.0,
  "summary_bg_n": 2899862.0,
  "summary_bg_p05": 0.0,
  "summary_bg_p95": 11.642575880512595,
  "summary_bg_stdv": 4.790815462347312,
  "summary_csf_k": 1.6569167957648734,
  "summary_csf_mad": 103.06131344064738,
  "summary_csf_mean": 253.11130912942414,
  "summary_csf_median": 248.77793066576123,
  "summary_csf_n": 45018.0,
  "summary_csf_p05": 57.00000157663598,
  "summary_csf_p95": 479.72274651499475,
  "summary_csf_stdv": 123.95830433174973,
  "summary_gm_k": 0.24120321178960724,
  "summary_gm_mad": 55.738831333401166,
  "summary_gm_mean": 709.644548118277,
  "summary_gm_median": 710.9987056059763,
  "summary_gm_n": 60566.0,
  "summary_gm_p05": 611.9842482022941,
  "summary_gm_p95": 801.517761986237,
  "summary_gm_stdv": 57.47547467388174,
  "summary_wm_k": 0.6577834745731295,
  "summary_wm_mad": 38.4190756342073,
  "summary_wm_mean": 1000.2250877534035,
  "summary_wm_median": 1000.0000276602805,
  "summary_wm_n": 237864.0,
  "summary_wm_p05": 934.1393162459135,
  "summary_wm_p95": 1067.6741425413638,
  "summary_wm_stdv": 40.895103960960796,
  "tpm_overlap_csf": 0.16016016087841906,
  "tpm_overlap_gm": 0.4750507251972888,
  "tpm_overlap_wm": 0.49590467844584646,
  "wm2max": 0.6870091179922362
}