{
  "bids_meta": {
    "AccelFactPE": 2,
    "AcquisitionNumber": 1,
    "AcquisitionTime": "10:19:30.187500",
    "BodyPartExamined": "HEAD",
    "ConversionSoftware": "dcm2niix",
    "ConversionSoftwareVersion": "v1.0.20170724 (OpenJPEG build) GCC6.1.0",
    "DeviceSerialNumber": "35353",
    "EchoTime": 0.00418,
    "FlipAngle": 9,
    "ImageType": [
      "ORIGINAL",
      "PRIMARY",
      "M",
      "ND",
      "NORM"
    ],
    "InstitutionAddress": "De_Pintelaan_185_Gent_9C4B6E_District_BE_9000",
    "InstitutionName": "UZ_Gent",
    "InversionTime": 0.9,
    "MagneticFieldStrength": 3,
    "Manufacturer": "Siemens",
    "ManufacturersModelName": "TrioTim",
    "PhaseEncodingDirection": "i-",
    "PhaseEncodingLines": 256,
    "ProcedureStepDescription": "MR_hersenen_(structuur_alleen)",
    "ProtocolName": "T1_mprage",
    "RepetitionTime": 2.25,
    "ScanningSequence": "GR_IR",
    "SequenceName": "_tfl3d1_ns",
    "SequenceVariant": "SP_MP",
    "SeriesDescription": "T1_mprage",
    "SoftwareVersions": "syngo_MR_B17",
    "dataset": "ds001247",
    "modality": "T1w",
    "subject_id": "3"
  },
  "cjv": 0.3441940419798694,
  "cnr": 3.764319035401539,
  "efc": 0.4888733263574083,
  "fber": 31252.09073724008,
  "fwhm_avg": 3.793646666666667,
  "fwhm_x": 3.91326,
  "fwhm_y": 3.93545,
  "fwhm_z": 3.53223,
  "icvs_csf": 0.23558708167339243,
  "icvs_gm": 0.43158045574699305,
  "icvs_wm": 0.3328324625796145,
  "inu_med": 0.4890724867582321,
  "inu_range": 0.18159737437963486,
  "provenance": {
    "md5sum": "53aedfd4dc0ac2571c4e368b16feb527",
    "settings": {
      "testing": false
    },
    "software": "mriqc",
    "version": "23.0.1",
    "warnings": {
      "large_rot_frame": true,
      "small_air_mask": false
    },
    "webapi_port": null,
    "webapi_url": "https://mriqc.nimh.nih.gov/api/v1"
  },
  "qi_1": 0.0,
  "qi_2": 0.01325212381762529,
  "rpve_csf": 22.721720206554924,
  "rpve_gm": 12.610459422210207,
  "rpve_wm": 18.86990535488215,
  "size_x": 176,
  "size_y": 256,
  "size_z": 256,
  "snr_csf": 2.1472957984366903,
  "snr_gm": 10.928077168614974,
  "snr_total": 13.1554303545114,
  "snr_wm": 26.390918096482533,
  "snrd_csf": 43.07201555342068,
  "snrd_gm": 119.24213108954234,
  "snrd_total": 109.69505531259524,
  "snrd_wm": 166.77101929482276,
  "spacing_x": 1.0,
  "spacing_y": 1.0,
  "spacing_z": 1.0,
  "summary_bg_k": 19.089532421265943,
  "summary_bg_mad": 0.0,
  "summary_bg_mean": 2.6124464361232396,
  "summary_bg_median": 0.0,
  "summary_bg_n": 3111128.0,
  "summary_bg_p05": 0.0,
  "summary_bg_p95": 9.27403286844492,
  "summary_bg_stdv": 3.9284567951540725,
  "summary_csf_k": 0.3209128630044762,
  "summary_csf_mad": 108.1864970195367,
  "summary_csf_mean": 270.3951863286145,
  "summary_csf_median": 258.2768293470144,
  "summary_csf_n": 40174.0,
  "summary_csf_p05": 73.26112013133243,
  "summary_csf_p95": 485.64894136777144,
  "summary_csf_stdv": 120.278545246376,
  "summary_gm_k": 0.15900912889807595,
  "summary_gm_mad": 62.61288894810222,
  "summary_gm_mean": 714.2725790688662,
  "summary_gm_median": 715.0229481179267,
  "summary_gm_n": 31406.0,
  "summary_gm_p05": 603.0863686036319,
  "summary_gm_p95": 822.2165578654967,
  "summary_gm_stdv": 65.42885390123891,
  "summary_wm_k": 0.6398583083378595,
  "summary_wm_mad": 35.483101174839504,
  "summary_wm_mean": 998.7662649765538,
  "summary_wm_median": 1000.0249474514276,
  "summary_wm_n": 177971.0,
  "summary_wm_p05": 934.4834624752402,
  "summary_wm_p95": 1058.4613266009837,
  "summary_wm_stdv": 37.89266194813418,
  "tpm_overlap_csf": 0.15132930412958787,
  "tpm_overlap_gm": 0.4673932531554061,
  "tpm_overlap_wm": 0.5051587520672188,
  "wm2max": 0.7737697961073282
}