{
  "bids_meta": {
    "AcquisitionNumber": 1,
    "AcquisitionTime": "14:16:33.770000",
    "BodyPartExamined": "HEAD",
    "ConversionSoftware": "dcm2niix",
    "ConversionSoftwareVersion": "v1.0.20170724 (OpenJPEG build) GCC6.1.0",
    "DeviceSerialNumber": "35353",
    "EchoTime": 0.005,
    "FlipAngle": 40,
    "ImageType": [
      "ORIGINAL",
      "PRIMARY",
      "M",
      "ND",
      "NORM"
    ],
    "InstitutionAddress": "De_Pintelaan_185_Gent_9C4B6E_District_BE_9000",
    "InstitutionName": "UZ_Gent",
    "MagneticFieldStrength": 3,
    "Manufacturer": "Siemens",
    "ManufacturersModelName": "TrioTim",
    "PhaseEncodingDirection": "j-",
    "PhaseEncodingLines": 128,
    "ProcedureStepDescription": "MR_hersenen_(structuur_alleen)",
    "ProtocolName": "localizer",
    "RepetitionTime": 0.02,
    "ScanningSequence": "GR",
    "SequenceName": "_fl2d1",
    "SequenceVariant": "SP",
    "SeriesDescription": "localizer",
    "SoftwareVersions": "syngo_MR_B17",
    "dataset": "ds001247",
    "modality": "T1w",
    "subject_id": "31"
  },
  "cjv": 0.3350406545489838,
  "cnr": 3.934274066778813,
  "efc": 0.4383266225224522,
  "fber": 31679.22165668213,
  "fwhm_avg": 3.9148833333333335,
  "fwhm_x": 3.90434,
  "fwhm_y": 4.16363,
  "fwhm_z": 3.67668,
  "icvs_csf": 0.20280135854896647,
  "icvs_gm": 0.4482988235411336,
  "icvs_wm": 0.34889981790989993,
  "inu_med": 0.4760385900735855,
  "inu_range": 0.14101121574640268,
  "provenance": {
    "md5sum": "86f56e7f5bf64d8cd2424fd9a5068d09",
    "settings": {
      "testing": false
    },
    "software": "mriqc",
    "version": "23.0.1",
    "warnings": {
      "large_rot_frame": true,
      "small_air_mask": false
    },
    "webapi_port": null,
    "webapi_url": "https://mriqc.nimh.nih.gov/api/v1"
  },
  "qi_1": 0.0,
  "qi_2": 0.014413297311998894,
  "rpve_csf": 29.107992545233877,
  "rpve_gm": 14.006776956626494,
  "rpve_wm": 20.554933804756303,
  "size_x": 176,
  "size_y": 256,
  "size_z": 256,
  "snr_csf": 2.078493462745508,
  "snr_gm": 11.087627538812452,
  "snr_total": 13.679315410780866,
  "snr_wm": 27.871825230784637,
  "snrd_csf": 37.724458378388434,
  "snrd_gm": 105.39418281905523,
  "snrd_total": 97.14684594847502,
  "snrd_wm": 148.3218966479814,
  "spacing_x": 1.0,
  "spacing_y": 1.0,
  "spacing_z": 1.0,
  "summary_bg_k": 16.51127543471572,
  "summary_bg_mad": 4.41688844123329,
  "summary_bg_mean": 3.054876715313181,
  "summary_bg_median": 2.9791459813714027,
  "summary_bg_n": 3412155.0,
  "summary_bg_p05": 0.0,
  "summary_bg_p95": 10.115239843726158,
  "summary_bg_stdv": 4.168966093456788,
  "summary_csf_k": 0.4068435902297751,
  "summary_csf_mad": 111.29531688549466,
  "summary_csf_mean": 268.9393563550874,
  "summary_csf_median": 254.33592785149813,
  "summary_csf_n": 25882.0,
  "summary_csf_p05": 77.11600202322008,
  "summary_csf_p95": 489.7334939818829,
  "summary_csf_stdv": 122.36315340313418,
  "summary_gm_k": 0.06985569175082995,
  "summary_gm_mad": 64.02776267524227,
  "summary_gm_mean": 709.9337012915413,
  "summary_gm_median": 710.5609577894211,
  "summary_gm_n": 36373.0,
  "summary_gm_p05": 603.8336303606629,
  "summary_gm_p95": 814.161336645484,
  "summary_gm_stdv": 64.08505223836201,
  "summary_wm_k": 0.9062967603733272,
  "summary_wm_mad": 32.93834636020485,
  "summary_wm_mean": 998.7086126831621,
  "summary_wm_median": 999.9769069254398,
  "summary_wm_n": 164920.0,
  "summary_wm_p05": 938.3386075124145,
  "summary_wm_p95": 1054.7562423348427,
  "summary_wm_stdv": 35.87758845851967,
  "tpm_overlap_csf": 0.14947673141266124,
  "tpm_overlap_gm": 0.4751737869013215,
  "tpm_overlap_wm": 0.5078454569703551,
  "wm2max": 0.7383786364721531
}