{
  "bids_meta": {
    "AcquisitionNumber": 1,
    "AcquisitionTime": "15:39:54.345000",
    "BodyPartExamined": "HEAD",
    "ConversionSoftware": "dcm2niix",
    "ConversionSoftwareVersion": "v1.0.20170724 (OpenJPEG build) GCC6.1.0",
    "DeviceSerialNumber": "35353",
    "EchoTime": 0.005,
    "FlipAngle": 40,
    "ImageType": [
      "ORIGINAL",
      "PRIMARY",
      "M",
      "ND",
      "NORM"
    ],
    "InstitutionAddress": "De_Pintelaan_185_Gent_9C4B6E_District_BE_9000",
    "InstitutionName": "UZ_Gent",
    "MagneticFieldStrength": 3,
    "Manufacturer": "Siemens",
    "ManufacturersModelName": "TrioTim",
    "PhaseEncodingDirection": "i-",
    "PhaseEncodingLines": 128,
    "ProcedureStepDescription": "MR_hersenen_(structuur_alleen)",
    "ProtocolName": "localizer",
    "RepetitionTime": 0.02,
    "ScanningSequence": "GR",
    "SequenceName": "_fl2d1",
    "SequenceVariant": "SP",
    "SeriesDescription": "localizer",
    "SoftwareVersions": "syngo_MR_B17",
    "dataset": "ds001247",
    "modality": "T1w",
    "subject_id": "18"
  },
  "cjv": 0.3612299883826094,
  "cnr": 3.684953709686474,
  "efc": 0.5416803347969115,
  "fber": 19102.92551111111,
  "fwhm_avg": 3.895916743312682,
  "fwhm_x": 3.857720229938044,
  "fwhm_y": 4.13738,
  "fwhm_z": 3.69265,
  "icvs_csf": 0.21866084352994145,
  "icvs_gm": 0.41925836061068317,
  "icvs_wm": 0.3620807958593754,
  "inu_med": 0.5620884895324707,
  "inu_range": 0.22316831946372984,
  "provenance": {
    "md5sum": "1043b48c92201bb19ad02460f1403074",
    "settings": {
      "testing": false
    },
    "software": "mriqc",
    "version": "23.0.1",
    "warnings": {
      "large_rot_frame": true,
      "small_air_mask": false
    },
    "webapi_port": null,
    "webapi_url": "https://mriqc.nimh.nih.gov/api/v1"
  },
  "qi_1": 0.0,
  "qi_2": 0.010236333172704174,
  "rpve_csf": 21.24313603195729,
  "rpve_gm": 11.171305803022099,
  "rpve_wm": 14.987051500458655,
  "size_x": 176,
  "size_y": 256,
  "size_z": 256,
  "snr_csf": 2.6974230088921147,
  "snr_gm": 11.4863528931085,
  "snr_total": 12.018641125793636,
  "snr_wm": 21.87214747538029,
  "snrd_csf": 30.799641928423036,
  "snrd_gm": 84.22669029092847,
  "snrd_total": 77.62334723488847,
  "snrd_wm": 117.84370948531391,
  "spacing_x": 0.9999999403953552,
  "spacing_y": 1.0,
  "spacing_z": 1.0,
  "summary_bg_k": 31.61369075206226,
  "summary_bg_mad": 0.0,
  "summary_bg_mean": 3.5188980911335137,
  "summary_bg_median": 0.0,
  "summary_bg_n": 3177145.0,
  "summary_bg_p05": 0.0,
  "summary_bg_p95": 12.65743738040328,
  "summary_bg_stdv": 5.559540822266337,
  "summary_csf_k": 2.2191194553462736,
  "summary_csf_mad": 69.7351773700651,
  "summary_csf_mean": 268.386120140487,
  "summary_csf_median": 261.36826867237687,
  "summary_csf_n": 58270.0,
  "summary_csf_p05": 116.29215924069285,
  "summary_csf_p95": 450.63602367416024,
  "summary_csf_stdv": 96.89471212588501,
  "summary_gm_k": 0.06834082323389623,
  "summary_gm_mad": 61.580100149379746,
  "summary_gm_mean": 714.0266563591659,
  "summary_gm_median": 714.754550345242,
  "summary_gm_n": 24213.0,
  "summary_gm_p05": 610.8260509259999,
  "summary_gm_p95": 815.5452554114163,
  "summary_gm_stdv": 62.22512899585812,
  "summary_wm_k": 1.0455430941037678,
  "summary_wm_mad": 41.47042109382609,
  "summary_wm_mean": 998.9221232536767,
  "summary_wm_median": 1000.0313118472695,
  "summary_wm_n": 212111.0,
  "summary_wm_p05": 922.8365702927113,
  "summary_wm_p95": 1070.9754670411348,
  "summary_wm_stdv": 45.721571493608046,
  "tpm_overlap_csf": 0.15864453358337574,
  "tpm_overlap_gm": 0.4484891235715248,
  "tpm_overlap_wm": 0.4902885968300966,
  "wm2max": 0.6130961792954563
}