{
  "aor": 0.003604428857715431,
  "aqi": 0.02399655250501002,
  "bids_meta": {
    "AccelFactPE": 2,
    "AcquisitionNumber": 1,
    "AcquisitionTime": "17:04:43.030000",
    "BandwidthPerPixelPhaseEncode": 52.083,
    "BodyPartExamined": "HEAD",
    "ConversionSoftware": "dcm2niix",
    "ConversionSoftwareVersion": "v1.0.20170724 (OpenJPEG build) GCC6.1.0",
    "DeviceSerialNumber": "35353",
    "EchoTime": 0.025,
    "EffectiveEchoSpacing": 0.000300002,
    "FlipAngle": 90,
    "ImageType": [
      "ORIGINAL",
      "PRIMARY",
      "M",
      "ND",
      "NORM",
      "MOSAIC"
    ],
    "InstitutionAddress": "De_Pintelaan_185_Gent_9C4B6E_District_BE_9000",
    "InstitutionName": "UZ_Gent",
    "MagneticFieldStrength": 3,
    "Manufacturer": "Siemens",
    "ManufacturersModelName": "TrioTim",
    "PhaseEncodingDirection": "j-",
    "PhaseEncodingLines": 64,
    "ProcedureStepDescription": "MR_hersenen_(structuur_alleen)",
    "ProtocolName": "epi_TASK",
    "RepetitionTime": 2,
    "ScanningSequence": "EP",
    "SequenceName": "_epfid2d1_64",
    "SequenceVariant": "SK_OSP",
    "SeriesDescription": "epi_TASK",
    "SliceTiming": [
      0.97,
      1.9375,
      0.9175,
      1.8875,
      0.8675,
      1.835,
      0.815,
      1.785,
      0.765,
      1.7325,
      0.715,
      1.6825,
      0.6625,
      1.6325,
      0.6125,
      1.58,
      0.56,
      1.53,
      0.51,
      1.4775,
      0.46,
      1.4275,
      0.4075,
      1.3775,
      0.3575,
      1.325,
      0.3075,
      1.275,
      0.255,
      1.225,
      0.205,
      1.1725,
      0.1525,
      1.1225,
      0.1025,
      1.07,
      0.0525,
      1.02,
      0
    ],
    "SoftwareVersions": "syngo_MR_B17",
    "TaskName": "cueexposure",
    "TotalReadoutTime": 0.0231001,
    "TrueEchoSpacing": 0.000600004,
    "dataset": "ds001247",
    "modality": "bold",
    "subject_id": "30",
    "task_id": "cueexposure"
  },
  "dummy_trs": 1,
  "dvars_nstd": 29.52567475096385,
  "dvars_std": 1.1464293512449801,
  "dvars_vstd": 0.9669031891566259,
  "efc": 0.6268290223046128,
  "fber": 1483.3089599609375,
  "fd_mean": 0.1361550578287402,
  "fd_num": 79,
  "fd_perc": 15.831663326653306,
  "fwhm_avg": 1.6147544444444444,
  "fwhm_x": 1.5157433333333332,
  "fwhm_y": 1.7819266666666669,
  "fwhm_z": 1.5465933333333333,
  "gcor": 0.0179626,
  "gsr_x": 0.03154272213578224,
  "gsr_y": 0.044602882117033005,
  "provenance": {
    "md5sum": "9902c380f511c5a4d0373cecaa798150",
    "settings": {
      "fd_thres": 0.2,
      "testing": false
    },
    "software": "mriqc",
    "version": "23.0.1",
    "webapi_port": null,
    "webapi_url": "https://mriqc.nimh.nih.gov/api/v1"
  },
  "size_t": 499,
  "size_x": 64,
  "size_y": 64,
  "size_z": 39,
  "snr": 7.586043132841744,
  "spacing_tr": 2.0,
  "spacing_x": 3.0,
  "spacing_y": 3.0,
  "spacing_z": 3.0,
  "summary_bg_k": 14.51919301389152,
  "summary_bg_mad": 14.805223426898081,
  "summary_bg_mean": 47.444618225097656,
  "summary_bg_median": 17.420841217041016,
  "summary_bg_n": 77171.0,
  "summary_bg_p05": 5.386773586273193,
  "summary_bg_p95": 190.96994018554688,
  "summary_bg_stdv": 78.22317504882812,
  "summary_fg_k": 2.402717036664521,
  "summary_fg_mad": 85.89283658318453,
  "summary_fg_mean": 684.0809936523438,
  "summary_fg_median": 680.2745361328125,
  "summary_fg_n": 46447.0,
  "summary_fg_p05": 559.7526977539062,
  "summary_fg_p95": 831.3689514160155,
  "summary_fg_stdv": 89.67352294921875,
  "tsnr": 44.33237351709977
}