{
  "aor": 0.00466244,
  "aqi": 0.0139338105,
  "bids_meta": {
    "AccelFactPE": 2,
    "AcquisitionNumber": 1,
    "AcquisitionTime": "16:25:0.505000",
    "BandwidthPerPixelPhaseEncode": 52.083,
    "BodyPartExamined": "HEAD",
    "ConversionSoftware": "dcm2niix",
    "ConversionSoftwareVersion": "v1.0.20170724 (OpenJPEG build) GCC6.1.0",
    "DeviceSerialNumber": "35353",
    "EchoTime": 0.025,
    "EffectiveEchoSpacing": 0.000300002,
    "FlipAngle": 90,
    "ImageType": [
      "ORIGINAL",
      "PRIMARY",
      "M",
      "ND",
      "NORM",
      "MOSAIC"
    ],
    "InstitutionAddress": "De_Pintelaan_185_Gent_9C4B6E_District_BE_9000",
    "InstitutionName": "UZ_Gent",
    "MagneticFieldStrength": 3,
    "Manufacturer": "Siemens",
    "ManufacturersModelName": "TrioTim",
    "PhaseEncodingDirection": "j-",
    "PhaseEncodingLines": 64,
    "ProcedureStepDescription": "MR_hersenen_(structuur_alleen)",
    "ProtocolName": "epi_TASK",
    "RepetitionTime": 2,
    "ScanningSequence": "EP",
    "SequenceName": "_epfid2d1_64",
    "SequenceVariant": "SK_OSP",
    "SeriesDescription": "epi_TASK",
    "SliceTiming": [
      0.9675,
      1.935,
      0.9175,
      1.885,
      0.865,
      1.835,
      0.815,
      1.7825,
      0.765,
      1.7325,
      0.7125,
      1.68,
      0.6625,
      1.63,
      0.61,
      1.58,
      0.56,
      1.5275,
      0.51,
      1.4775,
      0.4575,
      1.4275,
      0.4075,
      1.375,
      0.355,
      1.325,
      0.305,
      1.2725,
      0.255,
      1.2225,
      0.2025,
      1.1725,
      0.1525,
      1.12,
      0.1,
      1.07,
      0.05,
      1.0175,
      0
    ],
    "SoftwareVersions": "syngo_MR_B17",
    "TaskName": "cueexposure",
    "TotalReadoutTime": 0.0231001,
    "TrueEchoSpacing": 0.000600004,
    "dataset": "ds001247",
    "modality": "bold",
    "subject_id": "29",
    "task_id": "cueexposure"
  },
  "dummy_trs": 0,
  "dvars_nstd": 27.476009460941885,
  "dvars_std": 1.1910927105010003,
  "dvars_vstd": 1.0582847841683367,
  "efc": 0.6090162280555019,
  "fber": 1385.623291015625,
  "fd_mean": 0.15154552135511548,
  "fd_num": 62,
  "fd_perc": 12.4,
  "fwhm_avg": 1.732837777777778,
  "fwhm_x": 1.5536366666666668,
  "fwhm_y": 1.9581833333333334,
  "fwhm_z": 1.6866933333333334,
  "gcor": 0.0134125,
  "gsr_x": 0.013799097388982773,
  "gsr_y": 0.04974377900362015,
  "provenance": {
    "md5sum": "f071537028d12503c458fe6456d3c471",
    "settings": {
      "fd_thres": 0.2,
      "testing": false
    },
    "software": "mriqc",
    "version": "23.0.1",
    "webapi_port": null,
    "webapi_url": "https://mriqc.nimh.nih.gov/api/v1"
  },
  "size_t": 500,
  "size_x": 64,
  "size_y": 64,
  "size_z": 39,
  "snr": 7.528094883430105,
  "spacing_tr": 2.0,
  "spacing_x": 3.0,
  "spacing_y": 3.0,
  "spacing_z": 3.0,
  "summary_bg_k": 14.438345035488414,
  "summary_bg_mad": 11.908261115183532,
  "summary_bg_mean": 40.73917007446289,
  "summary_bg_median": 15.558000564575195,
  "summary_bg_n": 81103.0,
  "summary_bg_p05": 5.896000385284424,
  "summary_bg_p95": 167.70700531005818,
  "summary_bg_stdv": 64.70632934570312,
  "summary_fg_k": 2.164316484898733,
  "summary_fg_mad": 76.28578414605894,
  "summary_fg_mean": 601.2830810546875,
  "summary_fg_median": 600.4330444335938,
  "summary_fg_n": 41866.0,
  "summary_fg_p05": 483.2025146484375,
  "summary_fg_p95": 728.1450500488281,
  "summary_fg_stdv": 79.75801086425781,
  "tsnr": 50.93235845910385
}