{
  "aor": 0.00468454,
  "aqi": 0.01863781324,
  "bids_meta": {
    "AccelFactPE": 2,
    "AcquisitionNumber": 1,
    "AcquisitionTime": "15:05:39.620000",
    "BandwidthPerPixelPhaseEncode": 52.083,
    "BodyPartExamined": "HEAD",
    "ConversionSoftware": "dcm2niix",
    "ConversionSoftwareVersion": "v1.0.20170724 (OpenJPEG build) GCC6.1.0",
    "DeviceSerialNumber": "35353",
    "EchoTime": 0.025,
    "EffectiveEchoSpacing": 0.000300002,
    "FlipAngle": 90,
    "ImageType": [
      "ORIGINAL",
      "PRIMARY",
      "M",
      "ND",
      "NORM",
      "MOSAIC"
    ],
    "InstitutionAddress": "De_Pintelaan_185_Gent_9C4B6E_District_BE_9000",
    "InstitutionName": "UZ_Gent",
    "MagneticFieldStrength": 3,
    "Manufacturer": "Siemens",
    "ManufacturersModelName": "TrioTim",
    "PhaseEncodingDirection": "j-",
    "PhaseEncodingLines": 64,
    "ProcedureStepDescription": "MR_hersenen_(structuur_alleen)",
    "ProtocolName": "epi_TASK",
    "RepetitionTime": 2,
    "ScanningSequence": "EP",
    "SequenceName": "_epfid2d1_64",
    "SequenceVariant": "SK_OSP",
    "SeriesDescription": "epi_TASK",
    "SliceTiming": [
      0.9675,
      1.935,
      0.9175,
      1.885,
      0.865,
      1.835,
      0.815,
      1.7825,
      0.765,
      1.7325,
      0.7125,
      1.68,
      0.6625,
      1.63,
      0.61,
      1.58,
      0.56,
      1.5275,
      0.51,
      1.4775,
      0.4575,
      1.4275,
      0.4075,
      1.375,
      0.355,
      1.325,
      0.305,
      1.2725,
      0.255,
      1.2225,
      0.2025,
      1.1725,
      0.1525,
      1.12,
      0.1025,
      1.07,
      0.05,
      1.0175,
      0
    ],
    "SoftwareVersions": "syngo_MR_B17",
    "TaskName": "cueexposure",
    "TotalReadoutTime": 0.0231001,
    "TrueEchoSpacing": 0.000600004,
    "dataset": "ds001247",
    "modality": "bold",
    "subject_id": "32",
    "task_id": "cueexposure"
  },
  "dummy_trs": 0,
  "dvars_nstd": 31.39490088965931,
  "dvars_std": 1.1204291919238478,
  "dvars_vstd": 1.0235254243086176,
  "efc": 0.5792945380762248,
  "fber": 1972.0341796875,
  "fd_mean": 0.36441198943102626,
  "fd_num": 286,
  "fd_perc": 57.2,
  "fwhm_avg": 1.6003833333333333,
  "fwhm_x": 1.4721633333333333,
  "fwhm_y": 1.8276566666666667,
  "fwhm_z": 1.50133,
  "gcor": 0.0394613,
  "gsr_x": 0.004197974223643541,
  "gsr_y": 0.050004616379737854,
  "provenance": {
    "md5sum": "a6052c5ae9b89303215fa7e1369d04d4",
    "settings": {
      "fd_thres": 0.2,
      "testing": false
    },
    "software": "mriqc",
    "version": "23.0.1",
    "webapi_port": null,
    "webapi_url": "https://mriqc.nimh.nih.gov/api/v1"
  },
  "size_t": 500,
  "size_x": 64,
  "size_y": 64,
  "size_z": 39,
  "snr": 8.262112132476963,
  "spacing_tr": 2.0,
  "spacing_x": 3.0,
  "spacing_y": 3.0,
  "spacing_z": 3.0,
  "summary_bg_k": 26.167108397644206,
  "summary_bg_mad": 9.227716881004623,
  "summary_bg_mean": 33.295894622802734,
  "summary_bg_median": 12.844000816345215,
  "summary_bg_n": 86097.0,
  "summary_bg_p05": 5.438000202178955,
  "summary_bg_p95": 122.06240539550778,
  "summary_bg_stdv": 56.13258743286133,
  "summary_fg_k": 2.2264842684579165,
  "summary_fg_mad": 66.21596146079872,
  "summary_fg_mean": 576.0726318359375,
  "summary_fg_median": 572.7880249023438,
  "summary_fg_n": 38933.0,
  "summary_fg_p05": 477.0256103515625,
  "summary_fg_p95": 688.4884155273437,
  "summary_fg_stdv": 69.32617950439453,
  "tsnr": 48.95303857373074
}