{
  "aor": 0.00592302,
  "aqi": 0.035586906599999996,
  "bids_meta": {
    "AccelFactPE": 2,
    "AcquisitionNumber": 1,
    "AcquisitionTime": "15:52:13.362500",
    "BandwidthPerPixelPhaseEncode": 52.083,
    "BodyPartExamined": "HEAD",
    "ConversionSoftware": "dcm2niix",
    "ConversionSoftwareVersion": "v1.0.20170724 (OpenJPEG build) GCC6.1.0",
    "DeviceSerialNumber": "35353",
    "EchoTime": 0.025,
    "EffectiveEchoSpacing": 0.000300002,
    "FlipAngle": 90,
    "ImageType": [
      "ORIGINAL",
      "PRIMARY",
      "M",
      "ND",
      "NORM",
      "MOSAIC"
    ],
    "InstitutionAddress": "De_Pintelaan_185_Gent_9C4B6E_District_BE_9000",
    "InstitutionName": "UZ_Gent",
    "MagneticFieldStrength": 3,
    "Manufacturer": "Siemens",
    "ManufacturersModelName": "TrioTim",
    "PhaseEncodingDirection": "j-",
    "PhaseEncodingLines": 64,
    "ProcedureStepDescription": "MR_hersenen_(structuur_alleen)",
    "ProtocolName": "epi_TASK",
    "RepetitionTime": 2,
    "ScanningSequence": "EP",
    "SequenceName": "_epfid2d1_64",
    "SequenceVariant": "SK_OSP",
    "SeriesDescription": "epi_TASK",
    "SliceTiming": [
      0.9675,
      1.935,
      0.9175,
      1.885,
      0.865,
      1.835,
      0.815,
      1.7825,
      0.765,
      1.7325,
      0.7125,
      1.6825,
      0.6625,
      1.63,
      0.61,
      1.58,
      0.56,
      1.5275,
      0.51,
      1.4775,
      0.4575,
      1.4275,
      0.4075,
      1.375,
      0.355,
      1.325,
      0.305,
      1.2725,
      0.255,
      1.2225,
      0.2025,
      1.1725,
      0.1525,
      1.12,
      0.1025,
      1.07,
      0.05,
      1.0175,
      0
    ],
    "SoftwareVersions": "syngo_MR_B17",
    "TaskName": "cueexposure",
    "TotalReadoutTime": 0.0231001,
    "TrueEchoSpacing": 0.000600004,
    "dataset": "ds001247",
    "modality": "bold",
    "subject_id": "2",
    "task_id": "cueexposure"
  },
  "dummy_trs": 0,
  "dvars_nstd": 31.718631320100243,
  "dvars_std": 1.0030348999599197,
  "dvars_vstd": 0.9382576263527055,
  "efc": 0.6023103206973187,
  "fber": 1662.55224609375,
  "fd_mean": 0.341320686961507,
  "fd_num": 165,
  "fd_perc": 33.0,
  "fwhm_avg": 1.6912077777777776,
  "fwhm_x": 1.53379,
  "fwhm_y": 1.9275233333333333,
  "fwhm_z": 1.61231,
  "gcor": 0.0471682,
  "gsr_x": 0.017044903710484505,
  "gsr_y": 0.05437418445944786,
  "provenance": {
    "md5sum": "fb98e519a6429005b5bc14bd76a1e4a9",
    "settings": {
      "fd_thres": 0.2,
      "testing": false
    },
    "software": "mriqc",
    "version": "23.0.1",
    "webapi_port": null,
    "webapi_url": "https://mriqc.nimh.nih.gov/api/v1"
  },
  "size_t": 500,
  "size_x": 64,
  "size_y": 64,
  "size_z": 39,
  "snr": 7.54499207916563,
  "spacing_tr": 2.0,
  "spacing_x": 3.0,
  "spacing_y": 3.0,
  "spacing_z": 3.0,
  "summary_bg_k": 15.174916907809866,
  "summary_bg_mad": 12.892709746132187,
  "summary_bg_mean": 46.62312316894531,
  "summary_bg_median": 15.830000877380371,
  "summary_bg_n": 83322.0,
  "summary_bg_p05": 5.614100313186646,
  "summary_bg_p95": 192.30981292724607,
  "summary_bg_stdv": 76.4502944946289,
  "summary_fg_k": 2.435640721734205,
  "summary_fg_mad": 81.08351894970569,
  "summary_fg_mean": 658.765869140625,
  "summary_fg_median": 656.550048828125,
  "summary_fg_n": 41311.0,
  "summary_fg_p05": 532.5390319824219,
  "summary_fg_p95": 796.7650451660156,
  "summary_fg_stdv": 87.01693725585938,
  "tsnr": 34.94646741799079
}