{
  "aor": 0.0007054800000000001,
  "aqi": 0.009979830359999999,
  "bids_meta": {
    "AccelFactPE": 2,
    "AcquisitionNumber": 1,
    "AcquisitionTime": "16:25:51.010000",
    "BandwidthPerPixelPhaseEncode": 52.083,
    "BodyPartExamined": "HEAD",
    "ConversionSoftware": "dcm2niix",
    "ConversionSoftwareVersion": "v1.0.20170724 (OpenJPEG build) GCC6.1.0",
    "DeviceSerialNumber": "35353",
    "EchoTime": 0.025,
    "EffectiveEchoSpacing": 0.000300002,
    "FlipAngle": 90,
    "ImageType": [
      "ORIGINAL",
      "PRIMARY",
      "M",
      "ND",
      "NORM",
      "MOSAIC"
    ],
    "InstitutionAddress": "De_Pintelaan_185_Gent_9C4B6E_District_BE_9000",
    "InstitutionName": "UZ_Gent",
    "MagneticFieldStrength": 3,
    "Manufacturer": "Siemens",
    "ManufacturersModelName": "TrioTim",
    "PhaseEncodingDirection": "j-",
    "PhaseEncodingLines": 64,
    "ProcedureStepDescription": "MR_hersenen_(structuur_alleen)",
    "ProtocolName": "epi_TASK",
    "RepetitionTime": 2,
    "ScanningSequence": "EP",
    "SequenceName": "_epfid2d1_64",
    "SequenceVariant": "SK_OSP",
    "SeriesDescription": "epi_TASK",
    "SliceTiming": [
      0.9675,
      1.935,
      0.9175,
      1.885,
      0.865,
      1.835,
      0.815,
      1.7825,
      0.765,
      1.7325,
      0.7125,
      1.6825,
      0.6625,
      1.63,
      0.61,
      1.58,
      0.56,
      1.5275,
      0.51,
      1.4775,
      0.4575,
      1.4275,
      0.4075,
      1.375,
      0.3575,
      1.325,
      0.305,
      1.2725,
      0.255,
      1.2225,
      0.2025,
      1.1725,
      0.1525,
      1.12,
      0.1025,
      1.07,
      0.05,
      1.02,
      0
    ],
    "SoftwareVersions": "syngo_MR_B17",
    "TaskName": "cueexposure",
    "TotalReadoutTime": 0.0231001,
    "TrueEchoSpacing": 0.000600004,
    "dataset": "ds001247",
    "modality": "bold",
    "subject_id": "34",
    "task_id": "cueexposure"
  },
  "dummy_trs": 0,
  "dvars_nstd": 27.735180554609226,
  "dvars_std": 1.121718728196393,
  "dvars_vstd": 0.998184380480962,
  "efc": 0.6157688865487423,
  "fber": 1491.9705810546875,
  "fd_mean": 0.13769032469063833,
  "fd_num": 87,
  "fd_perc": 17.4,
  "fwhm_avg": 1.8636799999999998,
  "fwhm_x": 1.6213,
  "fwhm_y": 2.14086,
  "fwhm_z": 1.82888,
  "gcor": 0.0175445,
  "gsr_x": 0.016039986163377762,
  "gsr_y": 0.04989311099052429,
  "provenance": {
    "md5sum": "e44a441730004790128ad25242386122",
    "settings": {
      "fd_thres": 0.2,
      "testing": false
    },
    "software": "mriqc",
    "version": "23.0.1",
    "webapi_port": null,
    "webapi_url": "https://mriqc.nimh.nih.gov/api/v1"
  },
  "size_t": 500,
  "size_x": 64,
  "size_y": 64,
  "size_z": 39,
  "snr": 7.138168496284353,
  "spacing_tr": 2.0,
  "spacing_x": 3.0,
  "spacing_y": 3.0,
  "spacing_z": 3.0,
  "summary_bg_k": 20.51103461843742,
  "summary_bg_mad": 13.785236632324635,
  "summary_bg_mean": 45.63664245605469,
  "summary_bg_median": 18.5,
  "summary_bg_n": 77528.0,
  "summary_bg_p05": 6.498700261116029,
  "summary_bg_p95": 175.67961273193322,
  "summary_bg_stdv": 75.73424530029297,
  "summary_fg_k": 2.465248794248394,
  "summary_fg_mad": 98.89845417658545,
  "summary_fg_mean": 754.5552368164062,
  "summary_fg_median": 755.4580078125,
  "summary_fg_n": 43763.0,
  "summary_fg_p05": 589.0916137695312,
  "summary_fg_p95": 914.8986389160157,
  "summary_fg_stdv": 105.83238220214844,
  "tsnr": 55.51332214020658
}