{
  "aor": 0.00143622,
  "aqi": 0.014103494659999999,
  "bids_meta": {
    "AccelFactPE": 2,
    "AcquisitionNumber": 1,
    "AcquisitionTime": "12:44:56.930000",
    "BandwidthPerPixelPhaseEncode": 52.083,
    "BodyPartExamined": "HEAD",
    "ConversionSoftware": "dcm2niix",
    "ConversionSoftwareVersion": "v1.0.20170724 (OpenJPEG build) GCC6.1.0",
    "DeviceSerialNumber": "35353",
    "EchoTime": 0.025,
    "EffectiveEchoSpacing": 0.000300002,
    "FlipAngle": 90,
    "ImageType": [
      "ORIGINAL",
      "PRIMARY",
      "M",
      "ND",
      "NORM",
      "MOSAIC"
    ],
    "InstitutionAddress": "De_Pintelaan_185_Gent_9C4B6E_District_BE_9000",
    "InstitutionName": "UZ_Gent",
    "MagneticFieldStrength": 3,
    "Manufacturer": "Siemens",
    "ManufacturersModelName": "TrioTim",
    "PhaseEncodingDirection": "j-",
    "PhaseEncodingLines": 64,
    "ProcedureStepDescription": "MR_hersenen_(structuur_alleen)",
    "ProtocolName": "epi_TASK",
    "RepetitionTime": 2,
    "ScanningSequence": "EP",
    "SequenceName": "_epfid2d1_64",
    "SequenceVariant": "SK_OSP",
    "SeriesDescription": "epi_TASK",
    "SliceTiming": [
      0.97,
      1.9375,
      0.9175,
      1.8875,
      0.8675,
      1.835,
      0.8175,
      1.785,
      0.765,
      1.735,
      0.715,
      1.6825,
      0.665,
      1.6325,
      0.6125,
      1.58,
      0.5625,
      1.53,
      0.51,
      1.48,
      0.46,
      1.4275,
      0.41,
      1.3775,
      0.3575,
      1.3275,
      0.3075,
      1.275,
      0.255,
      1.225,
      0.205,
      1.1725,
      0.155,
      1.1225,
      0.1025,
      1.0725,
      0.0525,
      1.02,
      0
    ],
    "SoftwareVersions": "syngo_MR_B17",
    "TaskName": "cueexposure",
    "TotalReadoutTime": 0.0231001,
    "TrueEchoSpacing": 0.000600004,
    "dataset": "ds001247",
    "modality": "bold",
    "subject_id": "6",
    "task_id": "cueexposure"
  },
  "dummy_trs": 0,
  "dvars_nstd": 23.319782272404805,
  "dvars_std": 1.0903174169138279,
  "dvars_vstd": 0.9957057676352701,
  "efc": 0.5884540897930655,
  "fber": 2105.5283203125,
  "fd_mean": 0.10255370002640293,
  "fd_num": 32,
  "fd_perc": 6.4,
  "fwhm_avg": 1.6162466666666664,
  "fwhm_x": 1.4486833333333333,
  "fwhm_y": 1.8638966666666665,
  "fwhm_z": 1.53616,
  "gcor": 0.0214067,
  "gsr_x": 0.009599805809557438,
  "gsr_y": 0.05502452701330185,
  "provenance": {
    "md5sum": "d8f3676b780e0f974ddcd6fb9765b930",
    "settings": {
      "fd_thres": 0.2,
      "testing": false
    },
    "software": "mriqc",
    "version": "23.0.1",
    "webapi_port": null,
    "webapi_url": "https://mriqc.nimh.nih.gov/api/v1"
  },
  "size_t": 500,
  "size_x": 64,
  "size_y": 64,
  "size_z": 39,
  "snr": 8.39119440999416,
  "spacing_tr": 2.0,
  "spacing_x": 3.0,
  "spacing_y": 3.0,
  "spacing_z": 3.0,
  "summary_bg_k": 14.90513995753069,
  "summary_bg_mad": 9.86523699437615,
  "summary_bg_mean": 39.84969711303711,
  "summary_bg_median": 13.312000274658203,
  "summary_bg_n": 85234.0,
  "summary_bg_p05": 5.1660003662109375,
  "summary_bg_p95": 170.08660354614227,
  "summary_bg_stdv": 69.07421875,
  "summary_fg_k": 4.48010543331144,
  "summary_fg_mad": 62.797126352317264,
  "summary_fg_mean": 624.3327026367188,
  "summary_fg_median": 621.9900512695312,
  "summary_fg_n": 39819.0,
  "summary_fg_p05": 517.3488037109375,
  "summary_fg_p95": 742.8818054199219,
  "summary_fg_stdv": 74.12320709228516,
  "tsnr": 57.907405064674094
}