{
  "aor": 0.0024528999999999996,
  "aqi": 0.018410659599999997,
  "bids_meta": {
    "AccelFactPE": 2,
    "AcquisitionNumber": 1,
    "AcquisitionTime": "11:03:55.740000",
    "BandwidthPerPixelPhaseEncode": 52.083,
    "BodyPartExamined": "HEAD",
    "ConversionSoftware": "dcm2niix",
    "ConversionSoftwareVersion": "v1.0.20170724 (OpenJPEG build) GCC6.1.0",
    "DeviceSerialNumber": "35353",
    "EchoTime": 0.025,
    "EffectiveEchoSpacing": 0.000300002,
    "FlipAngle": 90,
    "ImageType": [
      "ORIGINAL",
      "PRIMARY",
      "M",
      "ND",
      "NORM",
      "MOSAIC"
    ],
    "InstitutionAddress": "De_Pintelaan_185_Gent_9C4B6E_District_BE_9000",
    "InstitutionName": "UZ_Gent",
    "MagneticFieldStrength": 3,
    "Manufacturer": "Siemens",
    "ManufacturersModelName": "TrioTim",
    "PhaseEncodingDirection": "j-",
    "PhaseEncodingLines": 64,
    "ProcedureStepDescription": "MR_hersenen_(structuur_alleen)",
    "ProtocolName": "epi_TASK",
    "RepetitionTime": 2,
    "ScanningSequence": "EP",
    "SequenceName": "_epfid2d1_64",
    "SequenceVariant": "SK_OSP",
    "SeriesDescription": "epi_TASK",
    "SliceTiming": [
      0.9675,
      1.935,
      0.9175,
      1.885,
      0.865,
      1.835,
      0.815,
      1.7825,
      0.765,
      1.7325,
      0.7125,
      1.6825,
      0.6625,
      1.63,
      0.61,
      1.58,
      0.56,
      1.5275,
      0.51,
      1.4775,
      0.4575,
      1.4275,
      0.4075,
      1.375,
      0.3575,
      1.325,
      0.305,
      1.2725,
      0.255,
      1.2225,
      0.2025,
      1.1725,
      0.1525,
      1.12,
      0.1025,
      1.07,
      0.05,
      1.02,
      0
    ],
    "SoftwareVersions": "syngo_MR_B17",
    "TaskName": "cueexposure",
    "TotalReadoutTime": 0.0231001,
    "TrueEchoSpacing": 0.000600004,
    "dataset": "ds001247",
    "modality": "bold",
    "subject_id": "37",
    "task_id": "cueexposure"
  },
  "dummy_trs": 0,
  "dvars_nstd": 26.700341880300577,
  "dvars_std": 1.0359755893386777,
  "dvars_vstd": 0.9432149522845696,
  "efc": 0.6338817139819432,
  "fber": 1299.717041015625,
  "fd_mean": 0.11961386805052429,
  "fd_num": 66,
  "fd_perc": 13.2,
  "fwhm_avg": 1.839962222222222,
  "fwhm_x": 1.6303466666666668,
  "fwhm_y": 2.04478,
  "fwhm_z": 1.84476,
  "gcor": 0.0273341,
  "gsr_x": 0.010047588497400284,
  "gsr_y": 0.063356913626194,
  "provenance": {
    "md5sum": "85b4b37fc020c00b2a278d56dc7f70b6",
    "settings": {
      "fd_thres": 0.2,
      "testing": false
    },
    "software": "mriqc",
    "version": "23.0.1",
    "webapi_port": null,
    "webapi_url": "https://mriqc.nimh.nih.gov/api/v1"
  },
  "size_t": 500,
  "size_x": 64,
  "size_y": 64,
  "size_z": 39,
  "snr": 7.534721263643477,
  "spacing_tr": 2.0,
  "spacing_x": 3.0,
  "spacing_y": 3.0,
  "spacing_z": 3.0,
  "summary_bg_k": 12.971388078450849,
  "summary_bg_mad": 17.985448281863754,
  "summary_bg_mean": 57.39667892456055,
  "summary_bg_median": 21.310001373291016,
  "summary_bg_n": 76180.0,
  "summary_bg_p05": 6.63200044631958,
  "summary_bg_p95": 232.2232154846192,
  "summary_bg_stdv": 88.61690521240234,
  "summary_fg_k": 2.2909879022654662,
  "summary_fg_mad": 94.26378389916836,
  "summary_fg_mean": 794.4861450195312,
  "summary_fg_median": 793.56005859375,
  "summary_fg_n": 46647.0,
  "summary_fg_p05": 625.6752197265625,
  "summary_fg_p95": 957.982452392578,
  "summary_fg_stdv": 105.31929779052734,
  "tsnr": 45.90682644525077
}