{
  "bids_meta": {
    "AcquisitionNumber": 1,
    "AcquisitionTime": "12:17:37.765000",
    "BodyPartExamined": "HEAD",
    "ConversionSoftware": "dcm2niix",
    "ConversionSoftwareVersion": "v1.0.20170724 (OpenJPEG build) GCC6.1.0",
    "DeviceSerialNumber": "35353",
    "EchoTime": 0.005,
    "FlipAngle": 40,
    "ImageType": [
      "ORIGINAL",
      "PRIMARY",
      "M",
      "ND",
      "NORM"
    ],
    "InstitutionAddress": "De_Pintelaan_185_Gent_9C4B6E_District_BE_9000",
    "InstitutionName": "UZ_Gent",
    "MagneticFieldStrength": 3,
    "Manufacturer": "Siemens",
    "ManufacturersModelName": "TrioTim",
    "PhaseEncodingDirection": "j-",
    "PhaseEncodingLines": 128,
    "ProcedureStepDescription": "MR_hersenen_(structuur_alleen)",
    "ProtocolName": "localizer",
    "RepetitionTime": 0.02,
    "ScanningSequence": "GR",
    "SequenceName": "_fl2d1",
    "SequenceVariant": "SP",
    "SeriesDescription": "localizer",
    "SoftwareVersions": "syngo_MR_B17",
    "dataset": "ds001247",
    "modality": "T1w",
    "subject_id": "39"
  },
  "cjv": 0.32644102567590155,
  "cnr": 4.055118507718493,
  "efc": 0.5154552606914466,
  "fber": 23845.202520087656,
  "fwhm_avg": 3.7418533333333333,
  "fwhm_x": 3.82402,
  "fwhm_y": 3.88656,
  "fwhm_z": 3.51498,
  "icvs_csf": 0.1911260302389327,
  "icvs_gm": 0.4670055536237048,
  "icvs_wm": 0.34186841613736246,
  "inu_med": 0.5569580793380737,
  "inu_range": 0.2502742260694504,
  "provenance": {
    "md5sum": "4e00015da78881f4d03676b6cedadc39",
    "settings": {
      "testing": false
    },
    "software": "mriqc",
    "version": "23.0.1",
    "warnings": {
      "large_rot_frame": true,
      "small_air_mask": false
    },
    "webapi_port": null,
    "webapi_url": "https://mriqc.nimh.nih.gov/api/v1"
  },
  "qi_1": 0.0,
  "qi_2": 0.014275234985113024,
  "rpve_csf": 24.059723415924704,
  "rpve_gm": 10.70898920156852,
  "rpve_wm": 16.189362608256424,
  "size_x": 176,
  "size_y": 256,
  "size_z": 256,
  "snr_csf": 2.228848490760601,
  "snr_gm": 12.85880531192403,
  "snr_total": 12.867315871982116,
  "snr_wm": 23.51429381326172,
  "snrd_csf": 32.56145879227118,
  "snrd_gm": 86.32268616311693,
  "snrd_total": 79.85234381055437,
  "snrd_wm": 120.67288647627501,
  "spacing_x": 1.0,
  "spacing_y": 1.0,
  "spacing_z": 1.0,
  "summary_bg_k": 10.012631833283654,
  "summary_bg_mad": 5.429186373849432,
  "summary_bg_mean": 3.667480331675468,
  "summary_bg_median": 3.661930561065674,
  "summary_bg_n": 3095189.0,
  "summary_bg_p05": 0.0,
  "summary_bg_p95": 14.120404243469238,
  "summary_bg_stdv": 4.9311567232214255,
  "summary_csf_k": 1.0130917021198718,
  "summary_csf_mad": 96.90011840046466,
  "summary_csf_mean": 282.68662398155317,
  "summary_csf_median": 269.8403391838074,
  "summary_csf_n": 28553.0,
  "summary_csf_p05": 86.80240201950073,
  "summary_csf_p95": 507.7310666084286,
  "summary_csf_stdv": 121.06503201418927,
  "summary_gm_k": 0.22473679593271711,
  "summary_gm_mad": 53.74894510110937,
  "summary_gm_mean": 714.5301664051389,
  "summary_gm_median": 715.3654589653015,
  "summary_gm_n": 33198.0,
  "summary_gm_p05": 621.5321502685547,
  "summary_gm_p95": 804.6872692108154,
  "summary_gm_stdv": 55.63150442876474,
  "summary_wm_k": 0.8552100960872413,
  "summary_wm_mad": 39.177008873697496,
  "summary_wm_mean": 998.8657507513176,
  "summary_wm_median": 1000.0292930603027,
  "summary_wm_n": 184988.0,
  "summary_wm_p05": 926.9664545059204,
  "summary_wm_p95": 1065.5924978256226,
  "summary_wm_stdv": 42.52845516183222,
  "tpm_overlap_csf": 0.15767914593331672,
  "tpm_overlap_gm": 0.4667532494612623,
  "tpm_overlap_wm": 0.48853460611914107,
  "wm2max": 0.7016096830604045
}