{
  "aor": 0.0017120399999999997,
  "aqi": 0.011273762440000003,
  "bids_meta": {
    "AccelFactPE": 2,
    "AcquisitionNumber": 1,
    "AcquisitionTime": "14:24:52.970000",
    "BandwidthPerPixelPhaseEncode": 52.083,
    "BodyPartExamined": "HEAD",
    "ConversionSoftware": "dcm2niix",
    "ConversionSoftwareVersion": "v1.0.20170724 (OpenJPEG build) GCC6.1.0",
    "DeviceSerialNumber": "35353",
    "EchoTime": 0.025,
    "EffectiveEchoSpacing": 0.000300002,
    "FlipAngle": 90,
    "ImageType": [
      "ORIGINAL",
      "PRIMARY",
      "M",
      "ND",
      "NORM",
      "MOSAIC"
    ],
    "InstitutionAddress": "De_Pintelaan_185_Gent_9C4B6E_District_BE_9000",
    "InstitutionName": "UZ_Gent",
    "MagneticFieldStrength": 3,
    "Manufacturer": "Siemens",
    "ManufacturersModelName": "TrioTim",
    "PhaseEncodingDirection": "j-",
    "PhaseEncodingLines": 64,
    "ProcedureStepDescription": "MR_hersenen_(structuur_alleen)",
    "ProtocolName": "epi_TASK",
    "RepetitionTime": 2,
    "ScanningSequence": "EP",
    "SequenceName": "_epfid2d1_64",
    "SequenceVariant": "SK_OSP",
    "SeriesDescription": "epi_TASK",
    "SliceTiming": [
      0.9675,
      1.935,
      0.9175,
      1.885,
      0.865,
      1.8325,
      0.815,
      1.7825,
      0.7625,
      1.7325,
      0.7125,
      1.68,
      0.6625,
      1.63,
      0.61,
      1.58,
      0.56,
      1.5275,
      0.5075,
      1.4775,
      0.4575,
      1.425,
      0.4075,
      1.375,
      0.355,
      1.325,
      0.305,
      1.2725,
      0.2525,
      1.2225,
      0.2025,
      1.17,
      0.1525,
      1.12,
      0.1,
      1.07,
      0.05,
      1.0175,
      0
    ],
    "SoftwareVersions": "syngo_MR_B17",
    "TaskName": "cueexposure",
    "TotalReadoutTime": 0.0231001,
    "TrueEchoSpacing": 0.000600004,
    "dataset": "ds001247",
    "modality": "bold",
    "subject_id": "31",
    "task_id": "cueexposure"
  },
  "dummy_trs": 0,
  "dvars_nstd": 22.99473694865731,
  "dvars_std": 1.109431994488978,
  "dvars_vstd": 1.0176993530661325,
  "efc": 0.5407314794050696,
  "fber": 2404.843994140625,
  "fd_mean": 0.12532942987821066,
  "fd_num": 66,
  "fd_perc": 13.2,
  "fwhm_avg": 1.5933266666666668,
  "fwhm_x": 1.4202033333333333,
  "fwhm_y": 1.76597,
  "fwhm_z": 1.5938066666666666,
  "gcor": 0.0202918,
  "gsr_x": -0.003073266474530101,
  "gsr_y": 0.02985728718340397,
  "provenance": {
    "md5sum": "d7ca6cd3ccdf737c3d8f96b515b921db",
    "settings": {
      "fd_thres": 0.2,
      "testing": false
    },
    "software": "mriqc",
    "version": "23.0.1",
    "webapi_port": null,
    "webapi_url": "https://mriqc.nimh.nih.gov/api/v1"
  },
  "size_t": 500,
  "size_x": 64,
  "size_y": 64,
  "size_z": 39,
  "snr": 8.153784828951071,
  "spacing_tr": 2.0,
  "spacing_x": 3.0,
  "spacing_y": 3.0,
  "spacing_z": 3.0,
  "summary_bg_k": 30.34117450816018,
  "summary_bg_mad": 8.46269373470255,
  "summary_bg_mean": 34.04276657104492,
  "summary_bg_median": 14.166000366210938,
  "summary_bg_n": 92207.0,
  "summary_bg_p05": 6.716000556945801,
  "summary_bg_p95": 123.99440841674802,
  "summary_bg_stdv": 60.678157806396484,
  "summary_fg_k": 2.8215238111256182,
  "summary_fg_mad": 85.68253582904592,
  "summary_fg_mean": 705.4068603515625,
  "summary_fg_median": 702.248046875,
  "summary_fg_n": 33299.0,
  "summary_fg_p05": 585.4463989257813,
  "summary_fg_p95": 840.5660400390625,
  "summary_fg_stdv": 86.12411499023438,
  "tsnr": 59.594127947231755
}